LOWEST_MATCHING: TRUE
RESTRICTION: || (== net50) (== netstandard1.3) (== netstandard2.0) (== netstandard2.1)
NUGET
  remote: https://api.nuget.org/v3/index.json
    FluentAssertions (5.10.3)
      NETStandard.Library (>= 1.6.1) - restriction: || (&& (== net50) (< netstandard1.6)) (&& (== net50) (< netstandard2.0)) (== netstandard1.3) (&& (== netstandard2.0) (< netstandard1.6)) (&& (== netstandard2.1) (< netstandard1.6)) (&& (== netstandard2.1) (< netstandard2.0))
      System.Configuration.ConfigurationManager (>= 4.4) - restriction: || (== net50) (&& (== netstandard1.3) (>= netcoreapp2.0)) (&& (== netstandard1.3) (>= netcoreapp2.1)) (&& (== netstandard1.3) (>= netstandard2.0)) (&& (== netstandard1.3) (>= netstandard2.1)) (== netstandard2.0) (== netstandard2.1)
      System.Reflection.TypeExtensions (>= 4.4) - restriction: || (&& (== net50) (< netstandard1.6)) (== netstandard1.3) (&& (== netstandard2.0) (< netstandard1.6)) (&& (== netstandard2.1) (< netstandard1.6))
      System.ValueTuple (>= 4.4) - restriction: || (&& (== net50) (< netstandard1.6)) (&& (== net50) (< netstandard2.0)) (== netstandard1.3) (&& (== netstandard2.0) (< netstandard1.6)) (&& (== netstandard2.1) (< netstandard1.6)) (&& (== netstandard2.1) (< netstandard2.0))
    FluentAssertions.OneOf (0.0.5)
      FluentAssertions (>= 5.0) - restriction: || (== net50) (&& (== netstandard1.3) (>= net451)) (&& (== netstandard1.3) (>= netstandard1.4)) (== netstandard2.0) (== netstandard2.1)
      OneOf (>= 2.1.125) - restriction: || (== net50) (&& (== netstandard1.3) (>= net451)) (&& (== netstandard1.3) (>= netstandard1.4)) (== netstandard2.0) (== netstandard2.1)
      OneOf.Extended (>= 2.1.125) - restriction: || (== net50) (&& (== netstandard1.3) (>= net451)) (&& (== netstandard1.3) (>= netstandard1.4)) (== netstandard2.0) (== netstandard2.1)
    Microsoft.CodeCoverage (1.0.3)
    Microsoft.CSharp (4.0.1) - restriction: || (== net50) (&& (== netstandard1.3) (>= netcoreapp1.0)) (&& (== netstandard1.3) (>= uap10.0)) (&& (== netstandard2.0) (>= netcoreapp1.0)) (&& (== netstandard2.0) (>= uap10.0)) (&& (== netstandard2.1) (>= netcoreapp1.0)) (&& (== netstandard2.1) (>= uap10.0))
      System.Collections (>= 4.0.11)
      System.Diagnostics.Debug (>= 4.0.11)
      System.Dynamic.Runtime (>= 4.0.11)
      System.Globalization (>= 4.0.11)
      System.Linq (>= 4.1)
      System.Linq.Expressions (>= 4.1)
      System.ObjectModel (>= 4.0.12)
      System.Reflection (>= 4.1)
      System.Reflection.Extensions (>= 4.0.1)
      System.Reflection.Primitives (>= 4.0.1)
      System.Reflection.TypeExtensions (>= 4.1)
      System.Resources.ResourceManager (>= 4.0.1)
      System.Runtime (>= 4.1)
      System.Runtime.Extensions (>= 4.1)
      System.Runtime.InteropServices (>= 4.1)
      System.Threading (>= 4.0.11)
    Microsoft.DotNet.InternalAbstractions (1.0) - restriction: || (== net50) (&& (== netstandard1.3) (>= netcoreapp1.0)) (&& (== netstandard2.0) (>= netcoreapp1.0)) (&& (== netstandard2.1) (>= netcoreapp1.0))
      System.AppContext (>= 4.1)
      System.Collections (>= 4.0.11)
      System.IO (>= 4.1)
      System.IO.FileSystem (>= 4.0.1)
      System.Reflection.TypeExtensions (>= 4.1)
      System.Runtime.Extensions (>= 4.1)
      System.Runtime.InteropServices (>= 4.1)
      System.Runtime.InteropServices.RuntimeInformation (>= 4.0)
    Microsoft.DotNet.PlatformAbstractions (1.0.3) - restriction: || (== net50) (&& (== netstandard1.3) (>= netcoreapp1.0)) (&& (== netstandard2.0) (>= netcoreapp1.0)) (&& (== netstandard2.1) (>= netcoreapp1.0))
      System.AppContext (>= 4.1)
      System.Collections (>= 4.0.11)
      System.IO (>= 4.1)
      System.IO.FileSystem (>= 4.0.1)
      System.Reflection.TypeExtensions (>= 4.1)
      System.Runtime.Extensions (>= 4.1)
      System.Runtime.InteropServices (>= 4.1)
      System.Runtime.InteropServices.RuntimeInformation (>= 4.0)
    Microsoft.Extensions.DependencyModel (1.0.3) - restriction: || (== net50) (&& (== netstandard1.3) (>= netcoreapp1.0)) (&& (== netstandard2.0) (>= netcoreapp1.0)) (&& (== netstandard2.1) (>= netcoreapp1.0))
      Microsoft.DotNet.PlatformAbstractions (>= 1.0.3)
      Newtonsoft.Json (>= 9.0.1)
      System.Diagnostics.Debug (>= 4.0.11)
      System.Dynamic.Runtime (>= 4.0.11)
      System.Linq (>= 4.1)
    Microsoft.NET.Test.Sdk (15.5)
      Microsoft.CodeCoverage (>= 1.0.3)
      Microsoft.TestPlatform.TestHost (>= 15.5)
    Microsoft.NETCore.Platforms (1.1)
    Microsoft.NETCore.Targets (2.1) - restriction: || (== net50) (== netstandard1.3) (&& (== netstandard2.0) (>= netcoreapp1.0)) (&& (== netstandard2.0) (< netstandard1.4)) (&& (== netstandard2.0) (< netstandard1.5)) (&& (== netstandard2.0) (< netstandard1.6)) (&& (== netstandard2.1) (>= netcoreapp1.0)) (&& (== netstandard2.1) (< netstandard1.4)) (&& (== netstandard2.1) (< netstandard1.5)) (&& (== netstandard2.1) (< netstandard1.6)) (&& (== netstandard2.1) (< netstandard2.0))
    Microsoft.TestPlatform.ObjectModel (15.5) - restriction: || (== net50) (&& (== netstandard1.3) (>= netcoreapp1.0)) (&& (== netstandard1.3) (>= uap10.0)) (&& (== netstandard2.0) (>= netcoreapp1.0)) (&& (== netstandard2.0) (>= uap10.0)) (&& (== netstandard2.1) (>= netcoreapp1.0)) (&& (== netstandard2.1) (>= uap10.0))
      NETStandard.Library (>= 1.6) - restriction: || (== net50) (&& (== netstandard1.3) (>= netstandard1.5)) (== netstandard2.0) (== netstandard2.1)
      System.ComponentModel.EventBasedAsync (>= 4.0.11) - restriction: || (== net50) (&& (== netstandard1.3) (>= netstandard1.5)) (== netstandard2.0) (== netstandard2.1)
      System.ComponentModel.TypeConverter (>= 4.1) - restriction: || (== net50) (&& (== netstandard1.3) (>= netstandard1.4)) (&& (== netstandard1.3) (>= netstandard1.5)) (== netstandard2.0) (== netstandard2.1)
      System.Diagnostics.Process (>= 4.1) - restriction: || (== net50) (&& (== netstandard1.3) (>= netstandard1.5)) (== netstandard2.0) (== netstandard2.1)
      System.Diagnostics.TextWriterTraceListener (>= 4.0) - restriction: || (== net50) (&& (== netstandard1.3) (>= netstandard1.5)) (== netstandard2.0) (== netstandard2.1)
      System.Diagnostics.TraceSource (>= 4.0) - restriction: || (== net50) (&& (== netstandard1.3) (>= netstandard1.5)) (== netstandard2.0) (== netstandard2.1)
      System.Reflection.Metadata (>= 1.3) - restriction: || (== net50) (&& (== netstandard1.3) (>= net451)) (&& (== netstandard1.3) (>= netstandard1.5)) (== netstandard2.0) (== netstandard2.1)
      System.Reflection.TypeExtensions (>= 4.1) - restriction: || (== net50) (&& (== netstandard1.3) (>= netstandard1.5)) (== netstandard2.0) (== netstandard2.1)
      System.Runtime.InteropServices.RuntimeInformation (>= 4.0) - restriction: || (== net50) (&& (== netstandard1.3) (>= netstandard1.4)) (&& (== netstandard1.3) (>= netstandard1.5)) (== netstandard2.0) (== netstandard2.1)
      System.Runtime.Loader (>= 4.0) - restriction: || (== net50) (&& (== netstandard1.3) (>= netstandard1.5)) (== netstandard2.0) (== netstandard2.1)
      System.Runtime.Serialization.Json (>= 4.0.2) - restriction: || (== net50) (&& (== netstandard1.3) (>= netstandard1.5)) (== netstandard2.0) (== netstandard2.1)
      System.Runtime.Serialization.Primitives (>= 4.1.1) - restriction: || (== net50) (&& (== netstandard1.3) (>= netstandard1.5)) (== netstandard2.0) (== netstandard2.1)
      System.Threading.Thread (>= 4.0) - restriction: || (== net50) (&& (== netstandard1.3) (>= netstandard1.5)) (== netstandard2.0) (== netstandard2.1)
      System.Xml.XPath.XmlDocument (>= 4.0.1) - restriction: || (== net50) (&& (== netstandard1.3) (>= netstandard1.5)) (== netstandard2.0) (== netstandard2.1)
    Microsoft.TestPlatform.TestHost (15.5)
      Microsoft.Extensions.DependencyModel (>= 1.0.3) - restriction: || (== net50) (&& (== netstandard1.3) (>= netcoreapp1.0)) (&& (== netstandard2.0) (>= netcoreapp1.0)) (&& (== netstandard2.1) (>= netcoreapp1.0))
      Microsoft.TestPlatform.ObjectModel (>= 15.5) - restriction: || (== net50) (&& (== netstandard1.3) (>= netcoreapp1.0)) (&& (== netstandard1.3) (>= uap10.0)) (&& (== netstandard2.0) (>= netcoreapp1.0)) (&& (== netstandard2.0) (>= uap10.0)) (&& (== netstandard2.1) (>= netcoreapp1.0)) (&& (== netstandard2.1) (>= uap10.0))
      Newtonsoft.Json (>= 9.0.1) - restriction: || (== net50) (&& (== netstandard1.3) (>= netcoreapp1.0)) (&& (== netstandard1.3) (>= uap10.0)) (&& (== netstandard2.0) (>= netcoreapp1.0)) (&& (== netstandard2.0) (>= uap10.0)) (&& (== netstandard2.1) (>= netcoreapp1.0)) (&& (== netstandard2.1) (>= uap10.0))
    Microsoft.Win32.Primitives (4.3) - restriction: || (== net50) (== netstandard1.3) (&& (== netstandard2.0) (>= netcoreapp1.0)) (&& (== netstandard2.0) (< netstandard1.4)) (&& (== netstandard2.0) (< netstandard1.5)) (&& (== netstandard2.0) (< netstandard1.6)) (&& (== netstandard2.1) (>= netcoreapp1.0)) (&& (== netstandard2.1) (< netstandard1.4)) (&& (== netstandard2.1) (< netstandard1.5)) (&& (== netstandard2.1) (< netstandard1.6)) (&& (== netstandard2.1) (< netstandard2.0))
      Microsoft.NETCore.Platforms (>= 1.1)
      Microsoft.NETCore.Targets (>= 1.1)
      System.Runtime (>= 4.3)
    Microsoft.Win32.Registry (4.3) - restriction: || (== net50) (&& (== netstandard1.3) (>= netcoreapp1.0)) (&& (== netstandard2.0) (>= netcoreapp1.0)) (&& (== netstandard2.1) (>= netcoreapp1.0))
      Microsoft.NETCore.Platforms (>= 1.1)
      System.Collections (>= 4.3)
      System.Globalization (>= 4.3)
      System.Resources.ResourceManager (>= 4.3)
      System.Runtime (>= 4.3)
      System.Runtime.Extensions (>= 4.3)
      System.Runtime.Handles (>= 4.3)
      System.Runtime.InteropServices (>= 4.3)
    NETStandard.Library (2.0.3)
      Microsoft.NETCore.Platforms (>= 1.1)
      Microsoft.Win32.Primitives (>= 4.3) - restriction: || (&& (== net50) (< netstandard1.4)) (&& (== net50) (< netstandard1.5)) (&& (== net50) (< netstandard1.6)) (&& (== net50) (< netstandard2.0)) (== netstandard1.3) (&& (== netstandard2.0) (< netstandard1.4)) (&& (== netstandard2.0) (< netstandard1.5)) (&& (== netstandard2.0) (< netstandard1.6)) (&& (== netstandard2.1) (< netstandard1.4)) (&& (== netstandard2.1) (< netstandard1.5)) (&& (== netstandard2.1) (< netstandard1.6)) (&& (== netstandard2.1) (< netstandard2.0))
      System.AppContext (>= 4.3) - restriction: || (&& (== net50) (< netstandard1.4)) (&& (== net50) (< netstandard1.5)) (&& (== net50) (< netstandard1.6)) (&& (== net50) (< netstandard2.0)) (== netstandard1.3) (&& (== netstandard2.0) (< netstandard1.4)) (&& (== netstandard2.0) (< netstandard1.5)) (&& (== netstandard2.0) (< netstandard1.6)) (&& (== netstandard2.1) (< netstandard1.4)) (&& (== netstandard2.1) (< netstandard1.5)) (&& (== netstandard2.1) (< netstandard1.6)) (&& (== netstandard2.1) (< netstandard2.0))
      System.Collections (>= 4.3) - restriction: || (&& (== net50) (< netstandard1.2)) (&& (== net50) (< netstandard1.3)) (&& (== net50) (< netstandard1.4)) (&& (== net50) (< netstandard1.5)) (&& (== net50) (< netstandard1.6)) (&& (== net50) (< netstandard2.0)) (&& (== net50) (< portable-net45+win8+wpa81)) (== netstandard1.3) (&& (== netstandard2.0) (< netstandard1.2)) (&& (== netstandard2.0) (< netstandard1.3)) (&& (== netstandard2.0) (< netstandard1.4)) (&& (== netstandard2.0) (< netstandard1.5)) (&& (== netstandard2.0) (< netstandard1.6)) (&& (== netstandard2.0) (< portable-net45+win8+wpa81)) (&& (== netstandard2.1) (< netstandard1.2)) (&& (== netstandard2.1) (< netstandard1.3)) (&& (== netstandard2.1) (< netstandard1.4)) (&& (== netstandard2.1) (< netstandard1.5)) (&& (== netstandard2.1) (< netstandard1.6)) (&& (== netstandard2.1) (< netstandard2.0)) (&& (== netstandard2.1) (< portable-net45+win8+wpa81))
      System.Collections.Concurrent (>= 4.3) - restriction: || (&& (== net50) (< netstandard1.2)) (&& (== net50) (< netstandard1.3)) (&& (== net50) (< netstandard1.4)) (&& (== net50) (< netstandard1.5)) (&& (== net50) (< netstandard1.6)) (&& (== net50) (< netstandard2.0)) (== netstandard1.3) (&& (== netstandard2.0) (< netstandard1.2)) (&& (== netstandard2.0) (< netstandard1.3)) (&& (== netstandard2.0) (< netstandard1.4)) (&& (== netstandard2.0) (< netstandard1.5)) (&& (== netstandard2.0) (< netstandard1.6)) (&& (== netstandard2.1) (< netstandard1.2)) (&& (== netstandard2.1) (< netstandard1.3)) (&& (== netstandard2.1) (< netstandard1.4)) (&& (== netstandard2.1) (< netstandard1.5)) (&& (== netstandard2.1) (< netstandard1.6)) (&& (== netstandard2.1) (< netstandard2.0))
      System.Console (>= 4.3) - restriction: || (&& (== net50) (< netstandard1.4)) (&& (== net50) (< netstandard1.5)) (&& (== net50) (< netstandard1.6)) (&& (== net50) (< netstandard2.0)) (== netstandard1.3) (&& (== netstandard2.0) (< netstandard1.4)) (&& (== netstandard2.0) (< netstandard1.5)) (&& (== netstandard2.0) (< netstandard1.6)) (&& (== netstandard2.1) (< netstandard1.4)) (&& (== netstandard2.1) (< netstandard1.5)) (&& (== netstandard2.1) (< netstandard1.6)) (&& (== netstandard2.1) (< netstandard2.0))
      System.Diagnostics.Debug (>= 4.3) - restriction: || (&& (== net50) (< netstandard1.2)) (&& (== net50) (< netstandard1.3)) (&& (== net50) (< netstandard1.4)) (&& (== net50) (< netstandard1.5)) (&& (== net50) (< netstandard1.6)) (&& (== net50) (< netstandard2.0)) (&& (== net50) (< portable-net45+win8+wpa81)) (== netstandard1.3) (&& (== netstandard2.0) (< netstandard1.2)) (&& (== netstandard2.0) (< netstandard1.3)) (&& (== netstandard2.0) (< netstandard1.4)) (&& (== netstandard2.0) (< netstandard1.5)) (&& (== netstandard2.0) (< netstandard1.6)) (&& (== netstandard2.0) (< portable-net45+win8+wpa81)) (&& (== netstandard2.1) (< netstandard1.2)) (&& (== netstandard2.1) (< netstandard1.3)) (&& (== netstandard2.1) (< netstandard1.4)) (&& (== netstandard2.1) (< netstandard1.5)) (&& (== netstandard2.1) (< netstandard1.6)) (&& (== netstandard2.1) (< netstandard2.0)) (&& (== netstandard2.1) (< portable-net45+win8+wpa81))
      System.Diagnostics.Tools (>= 4.3) - restriction: || (&& (== net50) (< netstandard1.2)) (&& (== net50) (< netstandard1.3)) (&& (== net50) (< netstandard1.4)) (&& (== net50) (< netstandard1.5)) (&& (== net50) (< netstandard1.6)) (&& (== net50) (< netstandard2.0)) (&& (== net50) (< portable-net45+win8+wpa81)) (== netstandard1.3) (&& (== netstandard2.0) (< netstandard1.2)) (&& (== netstandard2.0) (< netstandard1.3)) (&& (== netstandard2.0) (< netstandard1.4)) (&& (== netstandard2.0) (< netstandard1.5)) (&& (== netstandard2.0) (< netstandard1.6)) (&& (== netstandard2.0) (< portable-net45+win8+wpa81)) (&& (== netstandard2.1) (< netstandard1.2)) (&& (== netstandard2.1) (< netstandard1.3)) (&& (== netstandard2.1) (< netstandard1.4)) (&& (== netstandard2.1) (< netstandard1.5)) (&& (== netstandard2.1) (< netstandard1.6)) (&& (== netstandard2.1) (< netstandard2.0)) (&& (== netstandard2.1) (< portable-net45+win8+wpa81))
      System.Diagnostics.Tracing (>= 4.3) - restriction: || (&& (== net50) (< netstandard1.2)) (&& (== net50) (< netstandard1.3)) (&& (== net50) (< netstandard1.4)) (&& (== net50) (< netstandard1.5)) (&& (== net50) (< netstandard1.6)) (&& (== net50) (< netstandard2.0)) (== netstandard1.3) (&& (== netstandard2.0) (< netstandard1.2)) (&& (== netstandard2.0) (< netstandard1.3)) (&& (== netstandard2.0) (< netstandard1.4)) (&& (== netstandard2.0) (< netstandard1.5)) (&& (== netstandard2.0) (< netstandard1.6)) (&& (== netstandard2.1) (< netstandard1.2)) (&& (== netstandard2.1) (< netstandard1.3)) (&& (== netstandard2.1) (< netstandard1.4)) (&& (== netstandard2.1) (< netstandard1.5)) (&& (== netstandard2.1) (< netstandard1.6)) (&& (== netstandard2.1) (< netstandard2.0))
      System.Globalization (>= 4.3) - restriction: || (&& (== net50) (< netstandard1.2)) (&& (== net50) (< netstandard1.3)) (&& (== net50) (< netstandard1.4)) (&& (== net50) (< netstandard1.5)) (&& (== net50) (< netstandard1.6)) (&& (== net50) (< netstandard2.0)) (&& (== net50) (< portable-net45+win8+wpa81)) (== netstandard1.3) (&& (== netstandard2.0) (< netstandard1.2)) (&& (== netstandard2.0) (< netstandard1.3)) (&& (== netstandard2.0) (< netstandard1.4)) (&& (== netstandard2.0) (< netstandard1.5)) (&& (== netstandard2.0) (< netstandard1.6)) (&& (== netstandard2.0) (< portable-net45+win8+wpa81)) (&& (== netstandard2.1) (< netstandard1.2)) (&& (== netstandard2.1) (< netstandard1.3)) (&& (== netstandard2.1) (< netstandard1.4)) (&& (== netstandard2.1) (< netstandard1.5)) (&& (== netstandard2.1) (< netstandard1.6)) (&& (== netstandard2.1) (< netstandard2.0)) (&& (== netstandard2.1) (< portable-net45+win8+wpa81))
      System.Globalization.Calendars (>= 4.3) - restriction: || (&& (== net50) (< netstandard1.4)) (&& (== net50) (< netstandard1.5)) (&& (== net50) (< netstandard1.6)) (&& (== net50) (< netstandard2.0)) (== netstandard1.3) (&& (== netstandard2.0) (< netstandard1.4)) (&& (== netstandard2.0) (< netstandard1.5)) (&& (== netstandard2.0) (< netstandard1.6)) (&& (== netstandard2.1) (< netstandard1.4)) (&& (== netstandard2.1) (< netstandard1.5)) (&& (== netstandard2.1) (< netstandard1.6)) (&& (== netstandard2.1) (< netstandard2.0))
      System.IO (>= 4.3) - restriction: || (&& (== net50) (< netstandard1.2)) (&& (== net50) (< netstandard1.3)) (&& (== net50) (< netstandard1.4)) (&& (== net50) (< netstandard1.5)) (&& (== net50) (< netstandard1.6)) (&& (== net50) (< netstandard2.0)) (&& (== net50) (< portable-net45+win8+wpa81)) (== netstandard1.3) (&& (== netstandard2.0) (< netstandard1.2)) (&& (== netstandard2.0) (< netstandard1.3)) (&& (== netstandard2.0) (< netstandard1.4)) (&& (== netstandard2.0) (< netstandard1.5)) (&& (== netstandard2.0) (< netstandard1.6)) (&& (== netstandard2.0) (< portable-net45+win8+wpa81)) (&& (== netstandard2.1) (< netstandard1.2)) (&& (== netstandard2.1) (< netstandard1.3)) (&& (== netstandard2.1) (< netstandard1.4)) (&& (== netstandard2.1) (< netstandard1.5)) (&& (== netstandard2.1) (< netstandard1.6)) (&& (== netstandard2.1) (< netstandard2.0)) (&& (== netstandard2.1) (< portable-net45+win8+wpa81))
      System.IO.Compression (>= 4.3) - restriction: || (&& (== net50) (< netstandard1.2)) (&& (== net50) (< netstandard1.3)) (&& (== net50) (< netstandard1.4)) (&& (== net50) (< netstandard1.5)) (&& (== net50) (< netstandard1.6)) (&& (== net50) (< netstandard2.0)) (== netstandard1.3) (&& (== netstandard2.0) (< netstandard1.2)) (&& (== netstandard2.0) (< netstandard1.3)) (&& (== netstandard2.0) (< netstandard1.4)) (&& (== netstandard2.0) (< netstandard1.5)) (&& (== netstandard2.0) (< netstandard1.6)) (&& (== netstandard2.1) (< netstandard1.2)) (&& (== netstandard2.1) (< netstandard1.3)) (&& (== netstandard2.1) (< netstandard1.4)) (&& (== netstandard2.1) (< netstandard1.5)) (&& (== netstandard2.1) (< netstandard1.6)) (&& (== netstandard2.1) (< netstandard2.0))
      System.IO.Compression.ZipFile (>= 4.3) - restriction: || (&& (== net50) (< netstandard1.4)) (&& (== net50) (< netstandard1.5)) (&& (== net50) (< netstandard1.6)) (&& (== net50) (< netstandard2.0)) (== netstandard1.3) (&& (== netstandard2.0) (< netstandard1.4)) (&& (== netstandard2.0) (< netstandard1.5)) (&& (== netstandard2.0) (< netstandard1.6)) (&& (== netstandard2.1) (< netstandard1.4)) (&& (== netstandard2.1) (< netstandard1.5)) (&& (== netstandard2.1) (< netstandard1.6)) (&& (== netstandard2.1) (< netstandard2.0))
      System.IO.FileSystem (>= 4.3) - restriction: || (&& (== net50) (< netstandard1.4)) (&& (== net50) (< netstandard1.5)) (&& (== net50) (< netstandard1.6)) (&& (== net50) (< netstandard2.0)) (== netstandard1.3) (&& (== netstandard2.0) (< netstandard1.4)) (&& (== netstandard2.0) (< netstandard1.5)) (&& (== netstandard2.0) (< netstandard1.6)) (&& (== netstandard2.1) (< netstandard1.4)) (&& (== netstandard2.1) (< netstandard1.5)) (&& (== netstandard2.1) (< netstandard1.6)) (&& (== netstandard2.1) (< netstandard2.0))
      System.IO.FileSystem.Primitives (>= 4.3) - restriction: || (&& (== net50) (< netstandard1.4)) (&& (== net50) (< netstandard1.5)) (&& (== net50) (< netstandard1.6)) (&& (== net50) (< netstandard2.0)) (== netstandard1.3) (&& (== netstandard2.0) (< netstandard1.4)) (&& (== netstandard2.0) (< netstandard1.5)) (&& (== netstandard2.0) (< netstandard1.6)) (&& (== netstandard2.1) (< netstandard1.4)) (&& (== netstandard2.1) (< netstandard1.5)) (&& (== netstandard2.1) (< netstandard1.6)) (&& (== netstandard2.1) (< netstandard2.0))
      System.Linq (>= 4.3) - restriction: || (&& (== net50) (< netstandard1.2)) (&& (== net50) (< netstandard1.3)) (&& (== net50) (< netstandard1.4)) (&& (== net50) (< netstandard1.5)) (&& (== net50) (< netstandard1.6)) (&& (== net50) (< netstandard2.0)) (&& (== net50) (< portable-net45+win8+wpa81)) (== netstandard1.3) (&& (== netstandard2.0) (< netstandard1.2)) (&& (== netstandard2.0) (< netstandard1.3)) (&& (== netstandard2.0) (< netstandard1.4)) (&& (== netstandard2.0) (< netstandard1.5)) (&& (== netstandard2.0) (< netstandard1.6)) (&& (== netstandard2.0) (< portable-net45+win8+wpa81)) (&& (== netstandard2.1) (< netstandard1.2)) (&& (== netstandard2.1) (< netstandard1.3)) (&& (== netstandard2.1) (< netstandard1.4)) (&& (== netstandard2.1) (< netstandard1.5)) (&& (== netstandard2.1) (< netstandard1.6)) (&& (== netstandard2.1) (< netstandard2.0)) (&& (== netstandard2.1) (< portable-net45+win8+wpa81))
      System.Linq.Expressions (>= 4.3) - restriction: || (&& (== net50) (< netstandard1.2)) (&& (== net50) (< netstandard1.3)) (&& (== net50) (< netstandard1.4)) (&& (== net50) (< netstandard1.5)) (&& (== net50) (< netstandard1.6)) (&& (== net50) (< netstandard2.0)) (&& (== net50) (< portable-net45+win8+wpa81)) (== netstandard1.3) (&& (== netstandard2.0) (< netstandard1.2)) (&& (== netstandard2.0) (< netstandard1.3)) (&& (== netstandard2.0) (< netstandard1.4)) (&& (== netstandard2.0) (< netstandard1.5)) (&& (== netstandard2.0) (< netstandard1.6)) (&& (== netstandard2.0) (< portable-net45+win8+wpa81)) (&& (== netstandard2.1) (< netstandard1.2)) (&& (== netstandard2.1) (< netstandard1.3)) (&& (== netstandard2.1) (< netstandard1.4)) (&& (== netstandard2.1) (< netstandard1.5)) (&& (== netstandard2.1) (< netstandard1.6)) (&& (== netstandard2.1) (< netstandard2.0)) (&& (== netstandard2.1) (< portable-net45+win8+wpa81))
      System.Net.Http (>= 4.3.2) - restriction: || (&& (== net50) (< netstandard1.2)) (&& (== net50) (< netstandard1.3)) (&& (== net50) (< netstandard1.4)) (&& (== net50) (< netstandard1.5)) (&& (== net50) (< netstandard1.6)) (&& (== net50) (< netstandard2.0)) (== netstandard1.3) (&& (== netstandard2.0) (< netstandard1.2)) (&& (== netstandard2.0) (< netstandard1.3)) (&& (== netstandard2.0) (< netstandard1.4)) (&& (== netstandard2.0) (< netstandard1.5)) (&& (== netstandard2.0) (< netstandard1.6)) (&& (== netstandard2.1) (< netstandard1.2)) (&& (== netstandard2.1) (< netstandard1.3)) (&& (== netstandard2.1) (< netstandard1.4)) (&& (== netstandard2.1) (< netstandard1.5)) (&& (== netstandard2.1) (< netstandard1.6)) (&& (== netstandard2.1) (< netstandard2.0))
      System.Net.Primitives (>= 4.3) - restriction: || (&& (== net50) (< netstandard1.2)) (&& (== net50) (< netstandard1.3)) (&& (== net50) (< netstandard1.4)) (&& (== net50) (< netstandard1.5)) (&& (== net50) (< netstandard1.6)) (&& (== net50) (< netstandard2.0)) (&& (== net50) (< portable-net45+win8+wpa81)) (== netstandard1.3) (&& (== netstandard2.0) (< netstandard1.2)) (&& (== netstandard2.0) (< netstandard1.3)) (&& (== netstandard2.0) (< netstandard1.4)) (&& (== netstandard2.0) (< netstandard1.5)) (&& (== netstandard2.0) (< netstandard1.6)) (&& (== netstandard2.0) (< portable-net45+win8+wpa81)) (&& (== netstandard2.1) (< netstandard1.2)) (&& (== netstandard2.1) (< netstandard1.3)) (&& (== netstandard2.1) (< netstandard1.4)) (&& (== netstandard2.1) (< netstandard1.5)) (&& (== netstandard2.1) (< netstandard1.6)) (&& (== netstandard2.1) (< netstandard2.0)) (&& (== netstandard2.1) (< portable-net45+win8+wpa81))
      System.Net.Sockets (>= 4.3) - restriction: || (&& (== net50) (< netstandard1.4)) (&& (== net50) (< netstandard1.5)) (&& (== net50) (< netstandard1.6)) (&& (== net50) (< netstandard2.0)) (== netstandard1.3) (&& (== netstandard2.0) (< netstandard1.4)) (&& (== netstandard2.0) (< netstandard1.5)) (&& (== netstandard2.0) (< netstandard1.6)) (&& (== netstandard2.1) (< netstandard1.4)) (&& (== netstandard2.1) (< netstandard1.5)) (&& (== netstandard2.1) (< netstandard1.6)) (&& (== netstandard2.1) (< netstandard2.0))
      System.ObjectModel (>= 4.3) - restriction: || (&& (== net50) (< netstandard1.2)) (&& (== net50) (< netstandard1.3)) (&& (== net50) (< netstandard1.4)) (&& (== net50) (< netstandard1.5)) (&& (== net50) (< netstandard1.6)) (&& (== net50) (< netstandard2.0)) (&& (== net50) (< portable-net45+win8+wpa81)) (== netstandard1.3) (&& (== netstandard2.0) (< netstandard1.2)) (&& (== netstandard2.0) (< netstandard1.3)) (&& (== netstandard2.0) (< netstandard1.4)) (&& (== netstandard2.0) (< netstandard1.5)) (&& (== netstandard2.0) (< netstandard1.6)) (&& (== netstandard2.0) (< portable-net45+win8+wpa81)) (&& (== netstandard2.1) (< netstandard1.2)) (&& (== netstandard2.1) (< netstandard1.3)) (&& (== netstandard2.1) (< netstandard1.4)) (&& (== netstandard2.1) (< netstandard1.5)) (&& (== netstandard2.1) (< netstandard1.6)) (&& (== netstandard2.1) (< netstandard2.0)) (&& (== netstandard2.1) (< portable-net45+win8+wpa81))
      System.Reflection (>= 4.3) - restriction: || (&& (== net50) (< netstandard1.2)) (&& (== net50) (< netstandard1.3)) (&& (== net50) (< netstandard1.4)) (&& (== net50) (< netstandard1.5)) (&& (== net50) (< netstandard1.6)) (&& (== net50) (< netstandard2.0)) (&& (== net50) (< portable-net45+win8+wpa81)) (== netstandard1.3) (&& (== netstandard2.0) (< netstandard1.2)) (&& (== netstandard2.0) (< netstandard1.3)) (&& (== netstandard2.0) (< netstandard1.4)) (&& (== netstandard2.0) (< netstandard1.5)) (&& (== netstandard2.0) (< netstandard1.6)) (&& (== netstandard2.0) (< portable-net45+win8+wpa81)) (&& (== netstandard2.1) (< netstandard1.2)) (&& (== netstandard2.1) (< netstandard1.3)) (&& (== netstandard2.1) (< netstandard1.4)) (&& (== netstandard2.1) (< netstandard1.5)) (&& (== netstandard2.1) (< netstandard1.6)) (&& (== netstandard2.1) (< netstandard2.0)) (&& (== netstandard2.1) (< portable-net45+win8+wpa81))
      System.Reflection.Extensions (>= 4.3) - restriction: || (&& (== net50) (< netstandard1.2)) (&& (== net50) (< netstandard1.3)) (&& (== net50) (< netstandard1.4)) (&& (== net50) (< netstandard1.5)) (&& (== net50) (< netstandard1.6)) (&& (== net50) (< netstandard2.0)) (&& (== net50) (< portable-net45+win8+wpa81)) (== netstandard1.3) (&& (== netstandard2.0) (< netstandard1.2)) (&& (== netstandard2.0) (< netstandard1.3)) (&& (== netstandard2.0) (< netstandard1.4)) (&& (== netstandard2.0) (< netstandard1.5)) (&& (== netstandard2.0) (< netstandard1.6)) (&& (== netstandard2.0) (< portable-net45+win8+wpa81)) (&& (== netstandard2.1) (< netstandard1.2)) (&& (== netstandard2.1) (< netstandard1.3)) (&& (== netstandard2.1) (< netstandard1.4)) (&& (== netstandard2.1) (< netstandard1.5)) (&& (== netstandard2.1) (< netstandard1.6)) (&& (== netstandard2.1) (< netstandard2.0)) (&& (== netstandard2.1) (< portable-net45+win8+wpa81))
      System.Reflection.Primitives (>= 4.3) - restriction: || (&& (== net50) (< netstandard1.2)) (&& (== net50) (< netstandard1.3)) (&& (== net50) (< netstandard1.4)) (&& (== net50) (< netstandard1.5)) (&& (== net50) (< netstandard1.6)) (&& (== net50) (< netstandard2.0)) (&& (== net50) (< portable-net45+win8+wpa81)) (== netstandard1.3) (&& (== netstandard2.0) (< netstandard1.2)) (&& (== netstandard2.0) (< netstandard1.3)) (&& (== netstandard2.0) (< netstandard1.4)) (&& (== netstandard2.0) (< netstandard1.5)) (&& (== netstandard2.0) (< netstandard1.6)) (&& (== netstandard2.0) (< portable-net45+win8+wpa81)) (&& (== netstandard2.1) (< netstandard1.2)) (&& (== netstandard2.1) (< netstandard1.3)) (&& (== netstandard2.1) (< netstandard1.4)) (&& (== netstandard2.1) (< netstandard1.5)) (&& (== netstandard2.1) (< netstandard1.6)) (&& (== netstandard2.1) (< netstandard2.0)) (&& (== netstandard2.1) (< portable-net45+win8+wpa81))
      System.Resources.ResourceManager (>= 4.3) - restriction: || (&& (== net50) (< netstandard1.2)) (&& (== net50) (< netstandard1.3)) (&& (== net50) (< netstandard1.4)) (&& (== net50) (< netstandard1.5)) (&& (== net50) (< netstandard1.6)) (&& (== net50) (< netstandard2.0)) (&& (== net50) (< portable-net45+win8+wpa81)) (== netstandard1.3) (&& (== netstandard2.0) (< netstandard1.2)) (&& (== netstandard2.0) (< netstandard1.3)) (&& (== netstandard2.0) (< netstandard1.4)) (&& (== netstandard2.0) (< netstandard1.5)) (&& (== netstandard2.0) (< netstandard1.6)) (&& (== netstandard2.0) (< portable-net45+win8+wpa81)) (&& (== netstandard2.1) (< netstandard1.2)) (&& (== netstandard2.1) (< netstandard1.3)) (&& (== netstandard2.1) (< netstandard1.4)) (&& (== netstandard2.1) (< netstandard1.5)) (&& (== netstandard2.1) (< netstandard1.6)) (&& (== netstandard2.1) (< netstandard2.0)) (&& (== netstandard2.1) (< portable-net45+win8+wpa81))
      System.Runtime (>= 4.3) - restriction: || (&& (== net50) (< netstandard1.2)) (&& (== net50) (< netstandard1.3)) (&& (== net50) (< netstandard1.4)) (&& (== net50) (< netstandard1.5)) (&& (== net50) (< netstandard1.6)) (&& (== net50) (< netstandard2.0)) (&& (== net50) (< portable-net45+win8+wpa81)) (== netstandard1.3) (&& (== netstandard2.0) (< netstandard1.2)) (&& (== netstandard2.0) (< netstandard1.3)) (&& (== netstandard2.0) (< netstandard1.4)) (&& (== netstandard2.0) (< netstandard1.5)) (&& (== netstandard2.0) (< netstandard1.6)) (&& (== netstandard2.0) (< portable-net45+win8+wpa81)) (&& (== netstandard2.1) (< netstandard1.2)) (&& (== netstandard2.1) (< netstandard1.3)) (&& (== netstandard2.1) (< netstandard1.4)) (&& (== netstandard2.1) (< netstandard1.5)) (&& (== netstandard2.1) (< netstandard1.6)) (&& (== netstandard2.1) (< netstandard2.0)) (&& (== netstandard2.1) (< portable-net45+win8+wpa81))
      System.Runtime.Extensions (>= 4.3) - restriction: || (&& (== net50) (< netstandard1.2)) (&& (== net50) (< netstandard1.3)) (&& (== net50) (< netstandard1.4)) (&& (== net50) (< netstandard1.5)) (&& (== net50) (< netstandard1.6)) (&& (== net50) (< netstandard2.0)) (&& (== net50) (< portable-net45+win8+wpa81)) (== netstandard1.3) (&& (== netstandard2.0) (< netstandard1.2)) (&& (== netstandard2.0) (< netstandard1.3)) (&& (== netstandard2.0) (< netstandard1.4)) (&& (== netstandard2.0) (< netstandard1.5)) (&& (== netstandard2.0) (< netstandard1.6)) (&& (== netstandard2.0) (< portable-net45+win8+wpa81)) (&& (== netstandard2.1) (< netstandard1.2)) (&& (== netstandard2.1) (< netstandard1.3)) (&& (== netstandard2.1) (< netstandard1.4)) (&& (== netstandard2.1) (< netstandard1.5)) (&& (== netstandard2.1) (< netstandard1.6)) (&& (== netstandard2.1) (< netstandard2.0)) (&& (== netstandard2.1) (< portable-net45+win8+wpa81))
      System.Runtime.Handles (>= 4.3) - restriction: || (&& (== net50) (< netstandard1.4)) (&& (== net50) (< netstandard1.5)) (&& (== net50) (< netstandard1.6)) (&& (== net50) (< netstandard2.0)) (== netstandard1.3) (&& (== netstandard2.0) (< netstandard1.4)) (&& (== netstandard2.0) (< netstandard1.5)) (&& (== netstandard2.0) (< netstandard1.6)) (&& (== netstandard2.1) (< netstandard1.4)) (&& (== netstandard2.1) (< netstandard1.5)) (&& (== netstandard2.1) (< netstandard1.6)) (&& (== netstandard2.1) (< netstandard2.0))
      System.Runtime.InteropServices (>= 4.3) - restriction: || (&& (== net50) (< netstandard1.2)) (&& (== net50) (< netstandard1.3)) (&& (== net50) (< netstandard1.4)) (&& (== net50) (< netstandard1.5)) (&& (== net50) (< netstandard1.6)) (&& (== net50) (< netstandard2.0)) (== netstandard1.3) (&& (== netstandard2.0) (< netstandard1.2)) (&& (== netstandard2.0) (< netstandard1.3)) (&& (== netstandard2.0) (< netstandard1.4)) (&& (== netstandard2.0) (< netstandard1.5)) (&& (== netstandard2.0) (< netstandard1.6)) (&& (== netstandard2.1) (< netstandard1.2)) (&& (== netstandard2.1) (< netstandard1.3)) (&& (== netstandard2.1) (< netstandard1.4)) (&& (== netstandard2.1) (< netstandard1.5)) (&& (== netstandard2.1) (< netstandard1.6)) (&& (== netstandard2.1) (< netstandard2.0))
      System.Runtime.InteropServices.RuntimeInformation (>= 4.3) - restriction: || (&& (== net50) (< netstandard1.0)) (&& (== net50) (< netstandard1.2)) (&& (== net50) (< netstandard1.3)) (&& (== net50) (< netstandard1.4)) (&& (== net50) (< netstandard1.5)) (&& (== net50) (< netstandard1.6)) (&& (== net50) (< netstandard2.0)) (== netstandard1.3) (&& (== netstandard2.0) (< netstandard1.0)) (&& (== netstandard2.0) (< netstandard1.2)) (&& (== netstandard2.0) (< netstandard1.3)) (&& (== netstandard2.0) (< netstandard1.4)) (&& (== netstandard2.0) (< netstandard1.5)) (&& (== netstandard2.0) (< netstandard1.6)) (&& (== netstandard2.1) (< netstandard1.0)) (&& (== netstandard2.1) (< netstandard1.2)) (&& (== netstandard2.1) (< netstandard1.3)) (&& (== netstandard2.1) (< netstandard1.4)) (&& (== netstandard2.1) (< netstandard1.5)) (&& (== netstandard2.1) (< netstandard1.6)) (&& (== netstandard2.1) (< netstandard2.0))
      System.Runtime.Numerics (>= 4.3) - restriction: || (&& (== net50) (< netstandard1.2)) (&& (== net50) (< netstandard1.3)) (&& (== net50) (< netstandard1.4)) (&& (== net50) (< netstandard1.5)) (&& (== net50) (< netstandard1.6)) (&& (== net50) (< netstandard2.0)) (== netstandard1.3) (&& (== netstandard2.0) (< netstandard1.2)) (&& (== netstandard2.0) (< netstandard1.3)) (&& (== netstandard2.0) (< netstandard1.4)) (&& (== netstandard2.0) (< netstandard1.5)) (&& (== netstandard2.0) (< netstandard1.6)) (&& (== netstandard2.1) (< netstandard1.2)) (&& (== netstandard2.1) (< netstandard1.3)) (&& (== netstandard2.1) (< netstandard1.4)) (&& (== netstandard2.1) (< netstandard1.5)) (&& (== netstandard2.1) (< netstandard1.6)) (&& (== netstandard2.1) (< netstandard2.0))
      System.Security.Cryptography.Algorithms (>= 4.3) - restriction: || (&& (== net50) (< netstandard1.4)) (&& (== net50) (< netstandard1.5)) (&& (== net50) (< netstandard1.6)) (&& (== net50) (< netstandard2.0)) (== netstandard1.3) (&& (== netstandard2.0) (< netstandard1.4)) (&& (== netstandard2.0) (< netstandard1.5)) (&& (== netstandard2.0) (< netstandard1.6)) (&& (== netstandard2.1) (< netstandard1.4)) (&& (== netstandard2.1) (< netstandard1.5)) (&& (== netstandard2.1) (< netstandard1.6)) (&& (== netstandard2.1) (< netstandard2.0))
      System.Security.Cryptography.Encoding (>= 4.3) - restriction: || (&& (== net50) (< netstandard1.4)) (&& (== net50) (< netstandard1.5)) (&& (== net50) (< netstandard1.6)) (&& (== net50) (< netstandard2.0)) (== netstandard1.3) (&& (== netstandard2.0) (< netstandard1.4)) (&& (== netstandard2.0) (< netstandard1.5)) (&& (== netstandard2.0) (< netstandard1.6)) (&& (== netstandard2.1) (< netstandard1.4)) (&& (== netstandard2.1) (< netstandard1.5)) (&& (== netstandard2.1) (< netstandard1.6)) (&& (== netstandard2.1) (< netstandard2.0))
      System.Security.Cryptography.Primitives (>= 4.3) - restriction: || (&& (== net50) (< netstandard1.4)) (&& (== net50) (< netstandard1.5)) (&& (== net50) (< netstandard1.6)) (&& (== net50) (< netstandard2.0)) (== netstandard1.3) (&& (== netstandard2.0) (< netstandard1.4)) (&& (== netstandard2.0) (< netstandard1.5)) (&& (== netstandard2.0) (< netstandard1.6)) (&& (== netstandard2.1) (< netstandard1.4)) (&& (== netstandard2.1) (< netstandard1.5)) (&& (== netstandard2.1) (< netstandard1.6)) (&& (== netstandard2.1) (< netstandard2.0))
      System.Security.Cryptography.X509Certificates (>= 4.3) - restriction: || (&& (== net50) (< netstandard1.4)) (&& (== net50) (< netstandard1.5)) (&& (== net50) (< netstandard1.6)) (&& (== net50) (< netstandard2.0)) (== netstandard1.3) (&& (== netstandard2.0) (< netstandard1.4)) (&& (== netstandard2.0) (< netstandard1.5)) (&& (== netstandard2.0) (< netstandard1.6)) (&& (== netstandard2.1) (< netstandard1.4)) (&& (== netstandard2.1) (< netstandard1.5)) (&& (== netstandard2.1) (< netstandard1.6)) (&& (== netstandard2.1) (< netstandard2.0))
      System.Text.Encoding (>= 4.3) - restriction: || (&& (== net50) (< netstandard1.2)) (&& (== net50) (< netstandard1.3)) (&& (== net50) (< netstandard1.4)) (&& (== net50) (< netstandard1.5)) (&& (== net50) (< netstandard1.6)) (&& (== net50) (< netstandard2.0)) (&& (== net50) (< portable-net45+win8+wpa81)) (== netstandard1.3) (&& (== netstandard2.0) (< netstandard1.2)) (&& (== netstandard2.0) (< netstandard1.3)) (&& (== netstandard2.0) (< netstandard1.4)) (&& (== netstandard2.0) (< netstandard1.5)) (&& (== netstandard2.0) (< netstandard1.6)) (&& (== netstandard2.0) (< portable-net45+win8+wpa81)) (&& (== netstandard2.1) (< netstandard1.2)) (&& (== netstandard2.1) (< netstandard1.3)) (&& (== netstandard2.1) (< netstandard1.4)) (&& (== netstandard2.1) (< netstandard1.5)) (&& (== netstandard2.1) (< netstandard1.6)) (&& (== netstandard2.1) (< netstandard2.0)) (&& (== netstandard2.1) (< portable-net45+win8+wpa81))
      System.Text.Encoding.Extensions (>= 4.3) - restriction: || (&& (== net50) (< netstandard1.2)) (&& (== net50) (< netstandard1.3)) (&& (== net50) (< netstandard1.4)) (&& (== net50) (< netstandard1.5)) (&& (== net50) (< netstandard1.6)) (&& (== net50) (< netstandard2.0)) (&& (== net50) (< portable-net45+win8+wpa81)) (== netstandard1.3) (&& (== netstandard2.0) (< netstandard1.2)) (&& (== netstandard2.0) (< netstandard1.3)) (&& (== netstandard2.0) (< netstandard1.4)) (&& (== netstandard2.0) (< netstandard1.5)) (&& (== netstandard2.0) (< netstandard1.6)) (&& (== netstandard2.0) (< portable-net45+win8+wpa81)) (&& (== netstandard2.1) (< netstandard1.2)) (&& (== netstandard2.1) (< netstandard1.3)) (&& (== netstandard2.1) (< netstandard1.4)) (&& (== netstandard2.1) (< netstandard1.5)) (&& (== netstandard2.1) (< netstandard1.6)) (&& (== netstandard2.1) (< netstandard2.0)) (&& (== netstandard2.1) (< portable-net45+win8+wpa81))
      System.Text.RegularExpressions (>= 4.3) - restriction: || (&& (== net50) (< netstandard1.2)) (&& (== net50) (< netstandard1.3)) (&& (== net50) (< netstandard1.4)) (&& (== net50) (< netstandard1.5)) (&& (== net50) (< netstandard1.6)) (&& (== net50) (< netstandard2.0)) (&& (== net50) (< portable-net45+win8+wpa81)) (== netstandard1.3) (&& (== netstandard2.0) (< netstandard1.2)) (&& (== netstandard2.0) (< netstandard1.3)) (&& (== netstandard2.0) (< netstandard1.4)) (&& (== netstandard2.0) (< netstandard1.5)) (&& (== netstandard2.0) (< netstandard1.6)) (&& (== netstandard2.0) (< portable-net45+win8+wpa81)) (&& (== netstandard2.1) (< netstandard1.2)) (&& (== netstandard2.1) (< netstandard1.3)) (&& (== netstandard2.1) (< netstandard1.4)) (&& (== netstandard2.1) (< netstandard1.5)) (&& (== netstandard2.1) (< netstandard1.6)) (&& (== netstandard2.1) (< netstandard2.0)) (&& (== netstandard2.1) (< portable-net45+win8+wpa81))
      System.Threading (>= 4.3) - restriction: || (&& (== net50) (< netstandard1.2)) (&& (== net50) (< netstandard1.3)) (&& (== net50) (< netstandard1.4)) (&& (== net50) (< netstandard1.5)) (&& (== net50) (< netstandard1.6)) (&& (== net50) (< netstandard2.0)) (&& (== net50) (< portable-net45+win8+wpa81)) (== netstandard1.3) (&& (== netstandard2.0) (< netstandard1.2)) (&& (== netstandard2.0) (< netstandard1.3)) (&& (== netstandard2.0) (< netstandard1.4)) (&& (== netstandard2.0) (< netstandard1.5)) (&& (== netstandard2.0) (< netstandard1.6)) (&& (== netstandard2.0) (< portable-net45+win8+wpa81)) (&& (== netstandard2.1) (< netstandard1.2)) (&& (== netstandard2.1) (< netstandard1.3)) (&& (== netstandard2.1) (< netstandard1.4)) (&& (== netstandard2.1) (< netstandard1.5)) (&& (== netstandard2.1) (< netstandard1.6)) (&& (== netstandard2.1) (< netstandard2.0)) (&& (== netstandard2.1) (< portable-net45+win8+wpa81))
      System.Threading.Tasks (>= 4.3) - restriction: || (&& (== net50) (< netstandard1.2)) (&& (== net50) (< netstandard1.3)) (&& (== net50) (< netstandard1.4)) (&& (== net50) (< netstandard1.5)) (&& (== net50) (< netstandard1.6)) (&& (== net50) (< netstandard2.0)) (&& (== net50) (< portable-net45+win8+wpa81)) (== netstandard1.3) (&& (== netstandard2.0) (< netstandard1.2)) (&& (== netstandard2.0) (< netstandard1.3)) (&& (== netstandard2.0) (< netstandard1.4)) (&& (== netstandard2.0) (< netstandard1.5)) (&& (== netstandard2.0) (< netstandard1.6)) (&& (== netstandard2.0) (< portable-net45+win8+wpa81)) (&& (== netstandard2.1) (< netstandard1.2)) (&& (== netstandard2.1) (< netstandard1.3)) (&& (== netstandard2.1) (< netstandard1.4)) (&& (== netstandard2.1) (< netstandard1.5)) (&& (== netstandard2.1) (< netstandard1.6)) (&& (== netstandard2.1) (< netstandard2.0)) (&& (== netstandard2.1) (< portable-net45+win8+wpa81))
      System.Threading.Timer (>= 4.3) - restriction: || (&& (== net50) (< netstandard1.3)) (&& (== net50) (< netstandard1.4)) (&& (== net50) (< netstandard1.5)) (&& (== net50) (< netstandard1.6)) (&& (== net50) (< netstandard2.0)) (== netstandard1.3) (&& (== netstandard2.0) (< netstandard1.3)) (&& (== netstandard2.0) (< netstandard1.4)) (&& (== netstandard2.0) (< netstandard1.5)) (&& (== netstandard2.0) (< netstandard1.6)) (&& (== netstandard2.1) (< netstandard1.3)) (&& (== netstandard2.1) (< netstandard1.4)) (&& (== netstandard2.1) (< netstandard1.5)) (&& (== netstandard2.1) (< netstandard1.6)) (&& (== netstandard2.1) (< netstandard2.0))
      System.Xml.ReaderWriter (>= 4.3) - restriction: || (&& (== net50) (< netstandard1.2)) (&& (== net50) (< netstandard1.3)) (&& (== net50) (< netstandard1.4)) (&& (== net50) (< netstandard1.5)) (&& (== net50) (< netstandard1.6)) (&& (== net50) (< netstandard2.0)) (&& (== net50) (< portable-net45+win8+wpa81)) (== netstandard1.3) (&& (== netstandard2.0) (< netstandard1.2)) (&& (== netstandard2.0) (< netstandard1.3)) (&& (== netstandard2.0) (< netstandard1.4)) (&& (== netstandard2.0) (< netstandard1.5)) (&& (== netstandard2.0) (< netstandard1.6)) (&& (== netstandard2.0) (< portable-net45+win8+wpa81)) (&& (== netstandard2.1) (< netstandard1.2)) (&& (== netstandard2.1) (< netstandard1.3)) (&& (== netstandard2.1) (< netstandard1.4)) (&& (== netstandard2.1) (< netstandard1.5)) (&& (== netstandard2.1) (< netstandard1.6)) (&& (== netstandard2.1) (< netstandard2.0)) (&& (== netstandard2.1) (< portable-net45+win8+wpa81))
      System.Xml.XDocument (>= 4.3) - restriction: || (&& (== net50) (< netstandard1.2)) (&& (== net50) (< netstandard1.3)) (&& (== net50) (< netstandard1.4)) (&& (== net50) (< netstandard1.5)) (&& (== net50) (< netstandard1.6)) (&& (== net50) (< netstandard2.0)) (&& (== net50) (< portable-net45+win8+wpa81)) (== netstandard1.3) (&& (== netstandard2.0) (< netstandard1.2)) (&& (== netstandard2.0) (< netstandard1.3)) (&& (== netstandard2.0) (< netstandard1.4)) (&& (== netstandard2.0) (< netstandard1.5)) (&& (== netstandard2.0) (< netstandard1.6)) (&& (== netstandard2.0) (< portable-net45+win8+wpa81)) (&& (== netstandard2.1) (< netstandard1.2)) (&& (== netstandard2.1) (< netstandard1.3)) (&& (== netstandard2.1) (< netstandard1.4)) (&& (== netstandard2.1) (< netstandard1.5)) (&& (== netstandard2.1) (< netstandard1.6)) (&& (== netstandard2.1) (< netstandard2.0)) (&& (== netstandard2.1) (< portable-net45+win8+wpa81))
    Newtonsoft.Json (9.0.1) - restriction: || (== net50) (&& (== netstandard1.3) (>= netcoreapp1.0)) (&& (== netstandard1.3) (>= uap10.0)) (&& (== netstandard2.0) (>= netcoreapp1.0)) (&& (== netstandard2.0) (>= uap10.0)) (&& (== netstandard2.1) (>= netcoreapp1.0)) (&& (== netstandard2.1) (>= uap10.0))
      Microsoft.CSharp (>= 4.0.1)
      System.Collections (>= 4.0.11)
      System.Diagnostics.Debug (>= 4.0.11)
      System.Dynamic.Runtime (>= 4.0.11)
      System.Globalization (>= 4.0.11)
      System.IO (>= 4.1)
      System.Linq (>= 4.1)
      System.Linq.Expressions (>= 4.1)
      System.ObjectModel (>= 4.0.12)
      System.Reflection (>= 4.1)
      System.Reflection.Extensions (>= 4.0.1)
      System.Resources.ResourceManager (>= 4.0.1)
      System.Runtime (>= 4.1)
      System.Runtime.Extensions (>= 4.1)
      System.Runtime.Serialization.Primitives (>= 4.1.1)
      System.Text.Encoding (>= 4.0.11)
      System.Text.Encoding.Extensions (>= 4.0.11)
      System.Text.RegularExpressions (>= 4.1)
      System.Threading (>= 4.0.11)
      System.Threading.Tasks (>= 4.0.11)
      System.Xml.ReaderWriter (>= 4.0.11)
      System.Xml.XDocument (>= 4.0.11)
    NUnit (3.9)
      NETStandard.Library (>= 1.6)
      System.Runtime.Loader (>= 4.3) - restriction: || (== net50) (&& (== netstandard1.3) (>= netstandard1.6)) (== netstandard2.0) (== netstandard2.1)
      System.Threading.Thread (>= 4.3) - restriction: || (== net50) (&& (== netstandard1.3) (>= netstandard1.6)) (== netstandard2.0) (== netstandard2.1)
    NUnit3TestAdapter (3.9)
      Microsoft.DotNet.InternalAbstractions (>= 1.0) - restriction: || (== net50) (&& (== netstandard1.3) (>= netcoreapp1.0)) (&& (== netstandard2.0) (>= netcoreapp1.0)) (&& (== netstandard2.1) (>= netcoreapp1.0))
      System.ComponentModel.EventBasedAsync (>= 4.3) - restriction: || (== net50) (&& (== netstandard1.3) (>= netcoreapp1.0)) (&& (== netstandard2.0) (>= netcoreapp1.0)) (&& (== netstandard2.1) (>= netcoreapp1.0))
      System.ComponentModel.TypeConverter (>= 4.3) - restriction: || (== net50) (&& (== netstandard1.3) (>= netcoreapp1.0)) (&& (== netstandard2.0) (>= netcoreapp1.0)) (&& (== netstandard2.1) (>= netcoreapp1.0))
      System.Diagnostics.Process (>= 4.3) - restriction: || (== net50) (&& (== netstandard1.3) (>= netcoreapp1.0)) (&& (== netstandard2.0) (>= netcoreapp1.0)) (&& (== netstandard2.1) (>= netcoreapp1.0))
      System.Reflection (>= 4.3) - restriction: || (== net50) (&& (== netstandard1.3) (>= netcoreapp1.0)) (&& (== netstandard2.0) (>= netcoreapp1.0)) (&& (== netstandard2.1) (>= netcoreapp1.0))
      System.Threading.Thread (>= 4.3) - restriction: || (== net50) (&& (== netstandard1.3) (>= netcoreapp1.0)) (&& (== netstandard2.0) (>= netcoreapp1.0)) (&& (== netstandard2.1) (>= netcoreapp1.0))
      System.Xml.XmlDocument (>= 4.3) - restriction: || (== net50) (&& (== netstandard1.3) (>= netcoreapp1.0)) (&& (== netstandard2.0) (>= netcoreapp1.0)) (&& (== netstandard2.1) (>= netcoreapp1.0))
      System.Xml.XPath.XmlDocument (>= 4.3) - restriction: || (== net50) (&& (== netstandard1.3) (>= netcoreapp1.0)) (&& (== netstandard2.0) (>= netcoreapp1.0)) (&& (== netstandard2.1) (>= netcoreapp1.0))
    NunitXml.TestLogger (3.0.91)
    OneOf (3.0.178)
      NETStandard.Library (>= 1.6.1)
    OneOf.Extended (2.1.125) - restriction: || (== net50) (&& (== netstandard1.3) (>= net451)) (&& (== netstandard1.3) (>= netstandard1.4)) (== netstandard2.0) (== netstandard2.1)
      NETStandard.Library (>= 1.6.1)
      OneOf (>= 2.1.125)
    runtime.debian.8-x64.runtime.native.System.Security.Cryptography.OpenSsl (4.3.3) - restriction: || (&& (== net50) (< netstandard1.4)) (&& (== net50) (< netstandard1.5)) (&& (== net50) (< netstandard1.6)) (&& (== net50) (< netstandard2.0)) (== netstandard1.3) (&& (== netstandard2.0) (< netstandard1.4)) (&& (== netstandard2.0) (< netstandard1.5)) (&& (== netstandard2.0) (< netstandard1.6)) (&& (== netstandard2.1) (< netstandard1.4)) (&& (== netstandard2.1) (< netstandard1.5)) (&& (== netstandard2.1) (< netstandard1.6)) (&& (== netstandard2.1) (< netstandard2.0))
    runtime.debian.9-x64.runtime.native.System.Security.Cryptography.OpenSsl (4.3.3) - restriction: || (&& (== net50) (< netstandard1.4)) (&& (== net50) (< netstandard1.5)) (&& (== net50) (< netstandard1.6)) (&& (== net50) (< netstandard2.0)) (== netstandard1.3) (&& (== netstandard2.0) (< netstandard1.4)) (&& (== netstandard2.0) (< netstandard1.5)) (&& (== netstandard2.0) (< netstandard1.6)) (&& (== netstandard2.1) (< netstandard1.4)) (&& (== netstandard2.1) (< netstandard1.5)) (&& (== netstandard2.1) (< netstandard1.6)) (&& (== netstandard2.1) (< netstandard2.0))
    runtime.fedora.23-x64.runtime.native.System.Security.Cryptography.OpenSsl (4.3.3) - restriction: || (&& (== net50) (< netstandard1.4)) (&& (== net50) (< netstandard1.5)) (&& (== net50) (< netstandard1.6)) (&& (== net50) (< netstandard2.0)) (== netstandard1.3) (&& (== netstandard2.0) (< netstandard1.4)) (&& (== netstandard2.0) (< netstandard1.5)) (&& (== netstandard2.0) (< netstandard1.6)) (&& (== netstandard2.1) (< netstandard1.4)) (&& (== netstandard2.1) (< netstandard1.5)) (&& (== netstandard2.1) (< netstandard1.6)) (&& (== netstandard2.1) (< netstandard2.0))
    runtime.fedora.24-x64.runtime.native.System.Security.Cryptography.OpenSsl (4.3.3) - restriction: || (&& (== net50) (< netstandard1.4)) (&& (== net50) (< netstandard1.5)) (&& (== net50) (< netstandard1.6)) (&& (== net50) (< netstandard2.0)) (== netstandard1.3) (&& (== netstandard2.0) (< netstandard1.4)) (&& (== netstandard2.0) (< netstandard1.5)) (&& (== netstandard2.0) (< netstandard1.6)) (&& (== netstandard2.1) (< netstandard1.4)) (&& (== netstandard2.1) (< netstandard1.5)) (&& (== netstandard2.1) (< netstandard1.6)) (&& (== netstandard2.1) (< netstandard2.0))
    runtime.fedora.27-x64.runtime.native.System.Security.Cryptography.OpenSsl (4.3.3) - restriction: || (&& (== net50) (< netstandard1.4)) (&& (== net50) (< netstandard1.5)) (&& (== net50) (< netstandard1.6)) (&& (== net50) (< netstandard2.0)) (== netstandard1.3) (&& (== netstandard2.0) (< netstandard1.4)) (&& (== netstandard2.0) (< netstandard1.5)) (&& (== netstandard2.0) (< netstandard1.6)) (&& (== netstandard2.1) (< netstandard1.4)) (&& (== netstandard2.1) (< netstandard1.5)) (&& (== netstandard2.1) (< netstandard1.6)) (&& (== netstandard2.1) (< netstandard2.0))
    runtime.fedora.28-x64.runtime.native.System.Security.Cryptography.OpenSsl (4.3.3) - restriction: || (&& (== net50) (< netstandard1.4)) (&& (== net50) (< netstandard1.5)) (&& (== net50) (< netstandard1.6)) (&& (== net50) (< netstandard2.0)) (== netstandard1.3) (&& (== netstandard2.0) (< netstandard1.4)) (&& (== netstandard2.0) (< netstandard1.5)) (&& (== netstandard2.0) (< netstandard1.6)) (&& (== netstandard2.1) (< netstandard1.4)) (&& (== netstandard2.1) (< netstandard1.5)) (&& (== netstandard2.1) (< netstandard1.6)) (&& (== netstandard2.1) (< netstandard2.0))
    runtime.native.System (4.3) - restriction: || (== net50) (== netstandard1.3) (&& (== netstandard2.0) (>= netcoreapp1.0)) (&& (== netstandard2.0) (< netstandard1.2)) (&& (== netstandard2.0) (< netstandard1.3)) (&& (== netstandard2.0) (< netstandard1.4)) (&& (== netstandard2.0) (< netstandard1.5)) (&& (== netstandard2.0) (< netstandard1.6)) (&& (== netstandard2.1) (>= netcoreapp1.0)) (&& (== netstandard2.1) (< netstandard1.2)) (&& (== netstandard2.1) (< netstandard1.3)) (&& (== netstandard2.1) (< netstandard1.4)) (&& (== netstandard2.1) (< netstandard1.5)) (&& (== netstandard2.1) (< netstandard1.6)) (&& (== netstandard2.1) (< netstandard2.0))
      Microsoft.NETCore.Platforms (>= 1.1)
      Microsoft.NETCore.Targets (>= 1.1)
    runtime.native.System.IO.Compression (4.3.1) - restriction: || (&& (== net50) (< netstandard1.2)) (&& (== net50) (< netstandard1.3)) (&& (== net50) (< netstandard1.4)) (&& (== net50) (< netstandard1.5)) (&& (== net50) (< netstandard1.6)) (&& (== net50) (< netstandard2.0)) (== netstandard1.3) (&& (== netstandard2.0) (< netstandard1.2)) (&& (== netstandard2.0) (< netstandard1.3)) (&& (== netstandard2.0) (< netstandard1.4)) (&& (== netstandard2.0) (< netstandard1.5)) (&& (== netstandard2.0) (< netstandard1.6)) (&& (== netstandard2.1) (< netstandard1.2)) (&& (== netstandard2.1) (< netstandard1.3)) (&& (== netstandard2.1) (< netstandard1.4)) (&& (== netstandard2.1) (< netstandard1.5)) (&& (== netstandard2.1) (< netstandard1.6)) (&& (== netstandard2.1) (< netstandard2.0))
      Microsoft.NETCore.Platforms (>= 1.1)
      Microsoft.NETCore.Targets (>= 1.1.1)
    runtime.native.System.Security.Cryptography.OpenSsl (4.3.3) - restriction: || (&& (== net50) (< netstandard1.4)) (&& (== net50) (< netstandard1.5)) (&& (== net50) (< netstandard1.6)) (&& (== net50) (< netstandard2.0)) (== netstandard1.3) (&& (== netstandard2.0) (< netstandard1.4)) (&& (== netstandard2.0) (< netstandard1.5)) (&& (== netstandard2.0) (< netstandard1.6)) (&& (== netstandard2.1) (< netstandard1.4)) (&& (== netstandard2.1) (< netstandard1.5)) (&& (== netstandard2.1) (< netstandard1.6)) (&& (== netstandard2.1) (< netstandard2.0))
      runtime.debian.8-x64.runtime.native.System.Security.Cryptography.OpenSsl (>= 4.3.3)
      runtime.debian.9-x64.runtime.native.System.Security.Cryptography.OpenSsl (>= 4.3.3)
      runtime.fedora.23-x64.runtime.native.System.Security.Cryptography.OpenSsl (>= 4.3.3)
      runtime.fedora.24-x64.runtime.native.System.Security.Cryptography.OpenSsl (>= 4.3.3)
      runtime.fedora.27-x64.runtime.native.System.Security.Cryptography.OpenSsl (>= 4.3.3)
      runtime.fedora.28-x64.runtime.native.System.Security.Cryptography.OpenSsl (>= 4.3.3)
      runtime.opensuse.13.2-x64.runtime.native.System.Security.Cryptography.OpenSsl (>= 4.3.3)
      runtime.opensuse.42.1-x64.runtime.native.System.Security.Cryptography.OpenSsl (>= 4.3.3)
      runtime.opensuse.42.3-x64.runtime.native.System.Security.Cryptography.OpenSsl (>= 4.3.3)
      runtime.osx.10.10-x64.runtime.native.System.Security.Cryptography.OpenSsl (>= 4.3.3)
      runtime.rhel.7-x64.runtime.native.System.Security.Cryptography.OpenSsl (>= 4.3.3)
      runtime.ubuntu.14.04-x64.runtime.native.System.Security.Cryptography.OpenSsl (>= 4.3.3)
      runtime.ubuntu.16.04-x64.runtime.native.System.Security.Cryptography.OpenSsl (>= 4.3.3)
      runtime.ubuntu.16.10-x64.runtime.native.System.Security.Cryptography.OpenSsl (>= 4.3.3)
      runtime.ubuntu.18.04-x64.runtime.native.System.Security.Cryptography.OpenSsl (>= 4.3.3)
    runtime.opensuse.13.2-x64.runtime.native.System.Security.Cryptography.OpenSsl (4.3.3) - restriction: || (&& (== net50) (< netstandard1.4)) (&& (== net50) (< netstandard1.5)) (&& (== net50) (< netstandard1.6)) (&& (== net50) (< netstandard2.0)) (== netstandard1.3) (&& (== netstandard2.0) (< netstandard1.4)) (&& (== netstandard2.0) (< netstandard1.5)) (&& (== netstandard2.0) (< netstandard1.6)) (&& (== netstandard2.1) (< netstandard1.4)) (&& (== netstandard2.1) (< netstandard1.5)) (&& (== netstandard2.1) (< netstandard1.6)) (&& (== netstandard2.1) (< netstandard2.0))
    runtime.opensuse.42.1-x64.runtime.native.System.Security.Cryptography.OpenSsl (4.3.3) - restriction: || (&& (== net50) (< netstandard1.4)) (&& (== net50) (< netstandard1.5)) (&& (== net50) (< netstandard1.6)) (&& (== net50) (< netstandard2.0)) (== netstandard1.3) (&& (== netstandard2.0) (< netstandard1.4)) (&& (== netstandard2.0) (< netstandard1.5)) (&& (== netstandard2.0) (< netstandard1.6)) (&& (== netstandard2.1) (< netstandard1.4)) (&& (== netstandard2.1) (< netstandard1.5)) (&& (== netstandard2.1) (< netstandard1.6)) (&& (== netstandard2.1) (< netstandard2.0))
    runtime.opensuse.42.3-x64.runtime.native.System.Security.Cryptography.OpenSsl (4.3.3) - restriction: || (&& (== net50) (< netstandard1.4)) (&& (== net50) (< netstandard1.5)) (&& (== net50) (< netstandard1.6)) (&& (== net50) (< netstandard2.0)) (== netstandard1.3) (&& (== netstandard2.0) (< netstandard1.4)) (&& (== netstandard2.0) (< netstandard1.5)) (&& (== netstandard2.0) (< netstandard1.6)) (&& (== netstandard2.1) (< netstandard1.4)) (&& (== netstandard2.1) (< netstandard1.5)) (&& (== netstandard2.1) (< netstandard1.6)) (&& (== netstandard2.1) (< netstandard2.0))
    runtime.osx.10.10-x64.runtime.native.System.Security.Cryptography.OpenSsl (4.3.3) - restriction: || (&& (== net50) (< netstandard1.4)) (&& (== net50) (< netstandard1.5)) (&& (== net50) (< netstandard1.6)) (&& (== net50) (< netstandard2.0)) (== netstandard1.3) (&& (== netstandard2.0) (< netstandard1.4)) (&& (== netstandard2.0) (< netstandard1.5)) (&& (== netstandard2.0) (< netstandard1.6)) (&& (== netstandard2.1) (< netstandard1.4)) (&& (== netstandard2.1) (< netstandard1.5)) (&& (== netstandard2.1) (< netstandard1.6)) (&& (== netstandard2.1) (< netstandard2.0))
    runtime.rhel.7-x64.runtime.native.System.Security.Cryptography.OpenSsl (4.3.3) - restriction: || (&& (== net50) (< netstandard1.4)) (&& (== net50) (< netstandard1.5)) (&& (== net50) (< netstandard1.6)) (&& (== net50) (< netstandard2.0)) (== netstandard1.3) (&& (== netstandard2.0) (< netstandard1.4)) (&& (== netstandard2.0) (< netstandard1.5)) (&& (== netstandard2.0) (< netstandard1.6)) (&& (== netstandard2.1) (< netstandard1.4)) (&& (== netstandard2.1) (< netstandard1.5)) (&& (== netstandard2.1) (< netstandard1.6)) (&& (== netstandard2.1) (< netstandard2.0))
    runtime.ubuntu.14.04-x64.runtime.native.System.Security.Cryptography.OpenSsl (4.3.3) - restriction: || (&& (== net50) (< netstandard1.4)) (&& (== net50) (< netstandard1.5)) (&& (== net50) (< netstandard1.6)) (&& (== net50) (< netstandard2.0)) (== netstandard1.3) (&& (== netstandard2.0) (< netstandard1.4)) (&& (== netstandard2.0) (< netstandard1.5)) (&& (== netstandard2.0) (< netstandard1.6)) (&& (== netstandard2.1) (< netstandard1.4)) (&& (== netstandard2.1) (< netstandard1.5)) (&& (== netstandard2.1) (< netstandard1.6)) (&& (== netstandard2.1) (< netstandard2.0))
    runtime.ubuntu.16.04-x64.runtime.native.System.Security.Cryptography.OpenSsl (4.3.3) - restriction: || (&& (== net50) (< netstandard1.4)) (&& (== net50) (< netstandard1.5)) (&& (== net50) (< netstandard1.6)) (&& (== net50) (< netstandard2.0)) (== netstandard1.3) (&& (== netstandard2.0) (< netstandard1.4)) (&& (== netstandard2.0) (< netstandard1.5)) (&& (== netstandard2.0) (< netstandard1.6)) (&& (== netstandard2.1) (< netstandard1.4)) (&& (== netstandard2.1) (< netstandard1.5)) (&& (== netstandard2.1) (< netstandard1.6)) (&& (== netstandard2.1) (< netstandard2.0))
    runtime.ubuntu.16.10-x64.runtime.native.System.Security.Cryptography.OpenSsl (4.3.3) - restriction: || (&& (== net50) (< netstandard1.4)) (&& (== net50) (< netstandard1.5)) (&& (== net50) (< netstandard1.6)) (&& (== net50) (< netstandard2.0)) (== netstandard1.3) (&& (== netstandard2.0) (< netstandard1.4)) (&& (== netstandard2.0) (< netstandard1.5)) (&& (== netstandard2.0) (< netstandard1.6)) (&& (== netstandard2.1) (< netstandard1.4)) (&& (== netstandard2.1) (< netstandard1.5)) (&& (== netstandard2.1) (< netstandard1.6)) (&& (== netstandard2.1) (< netstandard2.0))
    runtime.ubuntu.18.04-x64.runtime.native.System.Security.Cryptography.OpenSsl (4.3.3) - restriction: || (&& (== net50) (< netstandard1.4)) (&& (== net50) (< netstandard1.5)) (&& (== net50) (< netstandard1.6)) (&& (== net50) (< netstandard2.0)) (== netstandard1.3) (&& (== netstandard2.0) (< netstandard1.4)) (&& (== netstandard2.0) (< netstandard1.5)) (&& (== netstandard2.0) (< netstandard1.6)) (&& (== netstandard2.1) (< netstandard1.4)) (&& (== netstandard2.1) (< netstandard1.5)) (&& (== netstandard2.1) (< netstandard1.6)) (&& (== netstandard2.1) (< netstandard2.0))
    System.AppContext (4.3) - restriction: || (== net50) (== netstandard1.3) (&& (== netstandard2.0) (>= netcoreapp1.0)) (&& (== netstandard2.0) (< netstandard1.4)) (&& (== netstandard2.0) (< netstandard1.5)) (&& (== netstandard2.0) (< netstandard1.6)) (&& (== netstandard2.1) (>= netcoreapp1.0)) (&& (== netstandard2.1) (< netstandard1.4)) (&& (== netstandard2.1) (< netstandard1.5)) (&& (== netstandard2.1) (< netstandard1.6)) (&& (== netstandard2.1) (< netstandard2.0))
      System.Runtime (>= 4.3)
    System.Buffers (4.5) - restriction: || (&& (== net50) (< netstandard1.2)) (&& (== net50) (< netstandard1.3)) (&& (== net50) (< netstandard1.4)) (&& (== net50) (< netstandard1.5)) (&& (== net50) (< netstandard1.6)) (&& (== net50) (< netstandard2.0)) (== netstandard1.3) (&& (== netstandard2.0) (< netstandard1.2)) (&& (== netstandard2.0) (< netstandard1.3)) (&& (== netstandard2.0) (< netstandard1.4)) (&& (== netstandard2.0) (< netstandard1.5)) (&& (== netstandard2.0) (< netstandard1.6)) (&& (== netstandard2.1) (< netstandard1.2)) (&& (== netstandard2.1) (< netstandard1.3)) (&& (== netstandard2.1) (< netstandard1.4)) (&& (== netstandard2.1) (< netstandard1.5)) (&& (== netstandard2.1) (< netstandard1.6)) (&& (== netstandard2.1) (< netstandard2.0))
      System.Diagnostics.Debug (>= 4.3) - restriction: || (&& (== net50) (< netstandard2.0)) (== netstandard1.3) (&& (== netstandard2.1) (< netstandard2.0))
      System.Diagnostics.Tracing (>= 4.3) - restriction: || (&& (== net50) (< netstandard2.0)) (== netstandard1.3) (&& (== netstandard2.1) (< netstandard2.0))
      System.Resources.ResourceManager (>= 4.3) - restriction: || (&& (== net50) (< netstandard2.0)) (== netstandard1.3) (&& (== netstandard2.1) (< netstandard2.0))
      System.Runtime (>= 4.3) - restriction: || (&& (== net50) (< netstandard2.0)) (== netstandard1.3) (&& (== netstandard2.1) (< netstandard2.0))
      System.Threading (>= 4.3) - restriction: || (&& (== net50) (< netstandard2.0)) (== netstandard1.3) (&& (== netstandard2.1) (< netstandard2.0))
    System.Collections (4.3) - restriction: || (== net50) (== netstandard1.3) (&& (== netstandard2.0) (>= netcoreapp1.0)) (&& (== netstandard2.0) (< netstandard1.2)) (&& (== netstandard2.0) (< netstandard1.3)) (&& (== netstandard2.0) (< netstandard1.4)) (&& (== netstandard2.0) (< netstandard1.5)) (&& (== netstandard2.0) (< netstandard1.6)) (&& (== netstandard2.0) (< portable-net45+win8+wpa81)) (&& (== netstandard2.1) (>= netcoreapp1.0)) (&& (== netstandard2.1) (< netstandard1.2)) (&& (== netstandard2.1) (< netstandard1.3)) (&& (== netstandard2.1) (< netstandard1.4)) (&& (== netstandard2.1) (< netstandard1.5)) (&& (== netstandard2.1) (< netstandard1.6)) (&& (== netstandard2.1) (< netstandard2.0)) (&& (== netstandard2.1) (< portable-net45+win8+wpa81))
      Microsoft.NETCore.Platforms (>= 1.1)
      Microsoft.NETCore.Targets (>= 1.1)
      System.Runtime (>= 4.3)
    System.Collections.Concurrent (4.3) - restriction: || (== net50) (== netstandard1.3) (&& (== netstandard2.0) (>= netcoreapp1.0)) (&& (== netstandard2.0) (< netstandard1.2)) (&& (== netstandard2.0) (< netstandard1.3)) (&& (== netstandard2.0) (< netstandard1.4)) (&& (== netstandard2.0) (< netstandard1.5)) (&& (== netstandard2.0) (< netstandard1.6)) (&& (== netstandard2.0) (>= uap10.0)) (&& (== netstandard2.1) (>= netcoreapp1.0)) (&& (== netstandard2.1) (< netstandard1.2)) (&& (== netstandard2.1) (< netstandard1.3)) (&& (== netstandard2.1) (< netstandard1.4)) (&& (== netstandard2.1) (< netstandard1.5)) (&& (== netstandard2.1) (< netstandard1.6)) (&& (== netstandard2.1) (< netstandard2.0)) (&& (== netstandard2.1) (>= uap10.0))
      System.Collections (>= 4.3)
      System.Diagnostics.Debug (>= 4.3)
      System.Diagnostics.Tracing (>= 4.3)
      System.Globalization (>= 4.3)
      System.Reflection (>= 4.3)
      System.Resources.ResourceManager (>= 4.3)
      System.Runtime (>= 4.3)
      System.Runtime.Extensions (>= 4.3)
      System.Threading (>= 4.3)
      System.Threading.Tasks (>= 4.3)
    System.Collections.Immutable (1.2) - restriction: || (== net50) (&& (== netstandard1.3) (>= monotouch) (>= uap10.0)) (&& (== netstandard1.3) (>= net451) (>= uap10.0)) (&& (== netstandard1.3) (>= netcoreapp1.0)) (&& (== netstandard1.3) (>= netstandard1.5) (>= uap10.0)) (&& (== netstandard1.3) (>= uap10.0) (>= xamarinios)) (&& (== netstandard1.3) (>= uap10.0) (>= xamarinmac)) (&& (== netstandard1.3) (>= uap10.0) (>= xamarintvos)) (&& (== netstandard1.3) (>= uap10.0) (>= xamarinwatchos)) (&& (== netstandard2.0) (>= netcoreapp1.0)) (&& (== netstandard2.0) (>= uap10.0)) (&& (== netstandard2.1) (>= netcoreapp1.0)) (&& (== netstandard2.1) (>= uap10.0))
      System.Collections (>= 4.0.11)
      System.Diagnostics.Debug (>= 4.0.11)
      System.Globalization (>= 4.0.11)
      System.Linq (>= 4.1)
      System.Resources.ResourceManager (>= 4.0.1)
      System.Runtime (>= 4.1)
      System.Runtime.Extensions (>= 4.1)
      System.Threading (>= 4.0.11)
    System.Collections.NonGeneric (4.3) - restriction: || (== net50) (&& (== netstandard1.3) (>= netcoreapp1.0)) (&& (== netstandard2.0) (>= netcoreapp1.0)) (&& (== netstandard2.1) (>= netcoreapp1.0))
      System.Diagnostics.Debug (>= 4.3)
      System.Globalization (>= 4.3)
      System.Resources.ResourceManager (>= 4.3)
      System.Runtime (>= 4.3)
      System.Runtime.Extensions (>= 4.3)
      System.Threading (>= 4.3)
    System.Collections.Specialized (4.3) - restriction: || (== net50) (&& (== netstandard1.3) (>= netcoreapp1.0)) (&& (== netstandard2.0) (>= netcoreapp1.0)) (&& (== netstandard2.1) (>= netcoreapp1.0))
      System.Collections.NonGeneric (>= 4.3)
      System.Globalization (>= 4.3)
      System.Globalization.Extensions (>= 4.3)
      System.Resources.ResourceManager (>= 4.3)
      System.Runtime (>= 4.3)
      System.Runtime.Extensions (>= 4.3)
      System.Threading (>= 4.3)
    System.ComponentModel (4.3) - restriction: || (== net50) (&& (== netstandard1.3) (>= netcoreapp1.0)) (&& (== netstandard2.0) (>= netcoreapp1.0)) (&& (== netstandard2.1) (>= netcoreapp1.0))
      System.Runtime (>= 4.3)
    System.ComponentModel.EventBasedAsync (4.3) - restriction: || (== net50) (&& (== netstandard1.3) (>= netcoreapp1.0)) (&& (== netstandard2.0) (>= netcoreapp1.0)) (&& (== netstandard2.1) (>= netcoreapp1.0))
      System.Resources.ResourceManager (>= 4.3)
      System.Runtime (>= 4.3)
      System.Threading (>= 4.3)
      System.Threading.Tasks (>= 4.3)
    System.ComponentModel.Primitives (4.3) - restriction: || (== net50) (&& (== netstandard1.3) (>= netcoreapp1.0)) (&& (== netstandard2.0) (>= netcoreapp1.0)) (&& (== netstandard2.1) (>= netcoreapp1.0))
      System.ComponentModel (>= 4.3)
      System.Resources.ResourceManager (>= 4.3)
      System.Runtime (>= 4.3)
    System.ComponentModel.TypeConverter (4.3) - restriction: || (== net50) (&& (== netstandard1.3) (>= netcoreapp1.0)) (&& (== netstandard2.0) (>= netcoreapp1.0)) (&& (== netstandard2.1) (>= netcoreapp1.0))
      System.Collections (>= 4.3)
      System.Collections.NonGeneric (>= 4.3) - restriction: || (== net50) (&& (== netstandard1.3) (>= net462)) (&& (== netstandard1.3) (>= netstandard1.5)) (== netstandard2.0) (== netstandard2.1)
      System.Collections.Specialized (>= 4.3) - restriction: || (== net50) (&& (== netstandard1.3) (>= netstandard1.5)) (== netstandard2.0) (== netstandard2.1)
      System.ComponentModel (>= 4.3)
      System.ComponentModel.Primitives (>= 4.3)
      System.Globalization (>= 4.3)
      System.Linq (>= 4.3) - restriction: || (== net50) (&& (== netstandard1.3) (>= netstandard1.5)) (== netstandard2.0) (== netstandard2.1)
      System.Reflection (>= 4.3)
      System.Reflection.Extensions (>= 4.3)
      System.Reflection.Primitives (>= 4.3)
      System.Reflection.TypeExtensions (>= 4.3) - restriction: || (== net50) (&& (== netstandard1.3) (>= netstandard1.5)) (== netstandard2.0) (== netstandard2.1)
      System.Resources.ResourceManager (>= 4.3)
      System.Runtime (>= 4.3)
      System.Runtime.Extensions (>= 4.3)
      System.Threading (>= 4.3)
    System.Configuration.ConfigurationManager (4.4) - restriction: || (== net50) (&& (== netstandard1.3) (>= netcoreapp2.0)) (&& (== netstandard1.3) (>= netcoreapp2.1)) (&& (== netstandard1.3) (>= netstandard2.0)) (&& (== netstandard1.3) (>= netstandard2.1)) (== netstandard2.0) (== netstandard2.1)
      System.Security.Cryptography.ProtectedData (>= 4.4) - restriction: || (== net50) (&& (== netstandard1.3) (>= netcoreapp2.0)) (&& (== netstandard1.3) (>= netstandard2.0)) (== netstandard2.0) (== netstandard2.1)
    System.Console (4.3.1) - restriction: || (&& (== net50) (< netstandard1.4)) (&& (== net50) (< netstandard1.5)) (&& (== net50) (< netstandard1.6)) (&& (== net50) (< netstandard2.0)) (== netstandard1.3) (&& (== netstandard2.0) (< netstandard1.4)) (&& (== netstandard2.0) (< netstandard1.5)) (&& (== netstandard2.0) (< netstandard1.6)) (&& (== netstandard2.1) (< netstandard1.4)) (&& (== netstandard2.1) (< netstandard1.5)) (&& (== netstandard2.1) (< netstandard1.6)) (&& (== netstandard2.1) (< netstandard2.0))
      Microsoft.NETCore.Platforms (>= 1.1)
      Microsoft.NETCore.Targets (>= 1.1.2)
      System.IO (>= 4.3)
      System.Runtime (>= 4.3)
      System.Text.Encoding (>= 4.3)
    System.Diagnostics.Debug (4.3) - restriction: || (== net50) (== netstandard1.3) (&& (== netstandard2.0) (>= netcoreapp1.0)) (&& (== netstandard2.0) (< netstandard1.2)) (&& (== netstandard2.0) (< netstandard1.3)) (&& (== netstandard2.0) (< netstandard1.4)) (&& (== netstandard2.0) (< netstandard1.5)) (&& (== netstandard2.0) (< netstandard1.6)) (&& (== netstandard2.0) (< portable-net45+win8+wpa81)) (&& (== netstandard2.1) (>= netcoreapp1.0)) (&& (== netstandard2.1) (< netstandard1.2)) (&& (== netstandard2.1) (< netstandard1.3)) (&& (== netstandard2.1) (< netstandard1.4)) (&& (== netstandard2.1) (< netstandard1.5)) (&& (== netstandard2.1) (< netstandard1.6)) (&& (== netstandard2.1) (< netstandard2.0)) (&& (== netstandard2.1) (< portable-net45+win8+wpa81))
      Microsoft.NETCore.Platforms (>= 1.1)
      Microsoft.NETCore.Targets (>= 1.1)
      System.Runtime (>= 4.3)
    System.Diagnostics.DiagnosticSource (4.5.1) - restriction: || (&& (== net50) (< netstandard1.2)) (&& (== net50) (< netstandard1.3)) (&& (== net50) (< netstandard1.4)) (&& (== net50) (< netstandard1.5)) (&& (== net50) (< netstandard1.6)) (&& (== net50) (< netstandard2.0)) (== netstandard1.3) (&& (== netstandard2.0) (< netstandard1.2)) (&& (== netstandard2.0) (< netstandard1.3)) (&& (== netstandard2.0) (< netstandard1.4)) (&& (== netstandard2.0) (< netstandard1.5)) (&& (== netstandard2.0) (< netstandard1.6)) (&& (== netstandard2.1) (< netstandard1.2)) (&& (== netstandard2.1) (< netstandard1.3)) (&& (== netstandard2.1) (< netstandard1.4)) (&& (== netstandard2.1) (< netstandard1.5)) (&& (== netstandard2.1) (< netstandard1.6)) (&& (== netstandard2.1) (< netstandard2.0))
      System.Collections (>= 4.3) - restriction: || (&& (== net50) (< netstandard1.3)) (&& (== net50) (< netstandard2.0)) (== netstandard1.3) (&& (== netstandard2.0) (< netstandard1.3)) (&& (== netstandard2.1) (< netstandard1.3)) (&& (== netstandard2.1) (< netstandard2.0))
      System.Diagnostics.Debug (>= 4.3) - restriction: || (&& (== net50) (< netstandard2.0)) (== netstandard1.3) (&& (== netstandard2.1) (< netstandard2.0))
      System.Diagnostics.Tracing (>= 4.3) - restriction: || (&& (== net50) (< netstandard1.3)) (&& (== net50) (< netstandard2.0)) (== netstandard1.3) (&& (== netstandard2.0) (< netstandard1.3)) (&& (== netstandard2.1) (< netstandard1.3)) (&& (== netstandard2.1) (< netstandard2.0))
      System.Reflection (>= 4.3) - restriction: || (&& (== net50) (< netstandard1.3)) (&& (== net50) (< netstandard2.0)) (== netstandard1.3) (&& (== netstandard2.0) (< netstandard1.3)) (&& (== netstandard2.1) (< netstandard1.3)) (&& (== netstandard2.1) (< netstandard2.0))
      System.Runtime (>= 4.3) - restriction: || (&& (== net50) (< netstandard1.3)) (&& (== net50) (< netstandard2.0)) (== netstandard1.3) (&& (== netstandard2.0) (< netstandard1.3)) (&& (== netstandard2.1) (< netstandard1.3)) (&& (== netstandard2.1) (< netstandard2.0))
      System.Runtime.Extensions (>= 4.3) - restriction: || (&& (== net50) (< netstandard2.0)) (== netstandard1.3) (&& (== netstandard2.1) (< netstandard2.0))
      System.Threading (>= 4.3) - restriction: || (&& (== net50) (< netstandard1.3)) (&& (== net50) (< netstandard2.0)) (== netstandard1.3) (&& (== netstandard2.0) (< netstandard1.3)) (&& (== netstandard2.1) (< netstandard1.3)) (&& (== netstandard2.1) (< netstandard2.0))
    System.Diagnostics.Process (4.3) - restriction: || (== net50) (&& (== netstandard1.3) (>= netcoreapp1.0)) (&& (== netstandard2.0) (>= netcoreapp1.0)) (&& (== netstandard2.1) (>= netcoreapp1.0))
      Microsoft.NETCore.Platforms (>= 1.1) - restriction: || (== net50) (&& (== netstandard1.3) (>= netstandard1.4)) (== netstandard2.0) (== netstandard2.1)
      Microsoft.Win32.Primitives (>= 4.3) - restriction: || (== net50) (&& (== netstandard1.3) (>= netstandard1.4)) (== netstandard2.0) (== netstandard2.1)
      Microsoft.Win32.Registry (>= 4.3) - restriction: || (== net50) (&& (== netstandard1.3) (>= netstandard1.4)) (== netstandard2.0) (== netstandard2.1)
      runtime.native.System (>= 4.3) - restriction: || (== net50) (&& (== netstandard1.3) (>= netstandard1.4)) (== netstandard2.0) (== netstandard2.1)
      System.Collections (>= 4.3) - restriction: || (== net50) (&& (== netstandard1.3) (>= netstandard1.4)) (== netstandard2.0) (== netstandard2.1)
      System.Diagnostics.Debug (>= 4.3) - restriction: || (== net50) (&& (== netstandard1.3) (>= netstandard1.4)) (== netstandard2.0) (== netstandard2.1)
      System.Globalization (>= 4.3) - restriction: || (== net50) (&& (== netstandard1.3) (>= netstandard1.4)) (== netstandard2.0) (== netstandard2.1)
      System.IO (>= 4.3)
      System.IO.FileSystem (>= 4.3) - restriction: || (== net50) (&& (== netstandard1.3) (>= netstandard1.4)) (== netstandard2.0) (== netstandard2.1)
      System.IO.FileSystem.Primitives (>= 4.3) - restriction: || (== net50) (&& (== netstandard1.3) (>= netstandard1.4)) (== netstandard2.0) (== netstandard2.1)
      System.Resources.ResourceManager (>= 4.3) - restriction: || (== net50) (&& (== netstandard1.3) (>= netstandard1.4)) (== netstandard2.0) (== netstandard2.1)
      System.Runtime (>= 4.3)
      System.Runtime.Extensions (>= 4.3) - restriction: || (== net50) (&& (== netstandard1.3) (>= netstandard1.4)) (== netstandard2.0) (== netstandard2.1)
      System.Runtime.Handles (>= 4.3)
      System.Runtime.InteropServices (>= 4.3) - restriction: || (== net50) (&& (== netstandard1.3) (>= netstandard1.4)) (== netstandard2.0) (== netstandard2.1)
      System.Text.Encoding (>= 4.3)
      System.Text.Encoding.Extensions (>= 4.3) - restriction: || (== net50) (&& (== netstandard1.3) (>= netstandard1.4)) (== netstandard2.0) (== netstandard2.1)
      System.Threading (>= 4.3) - restriction: || (== net50) (&& (== netstandard1.3) (>= netstandard1.4)) (== netstandard2.0) (== netstandard2.1)
      System.Threading.Tasks (>= 4.3) - restriction: || (== net50) (&& (== netstandard1.3) (>= netstandard1.4)) (== netstandard2.0) (== netstandard2.1)
      System.Threading.Thread (>= 4.3) - restriction: || (== net50) (&& (== netstandard1.3) (>= netstandard1.4)) (== netstandard2.0) (== netstandard2.1)
      System.Threading.ThreadPool (>= 4.3) - restriction: || (== net50) (&& (== netstandard1.3) (>= netstandard1.4)) (== netstandard2.0) (== netstandard2.1)
    System.Diagnostics.TextWriterTraceListener (4.0) - restriction: || (== net50) (&& (== netstandard1.3) (>= netcoreapp1.0)) (&& (== netstandard1.3) (>= netstandard1.5) (>= uap10.0)) (&& (== netstandard2.0) (>= netcoreapp1.0)) (&& (== netstandard2.0) (>= uap10.0)) (&& (== netstandard2.1) (>= netcoreapp1.0)) (&& (== netstandard2.1) (>= uap10.0))
      System.Diagnostics.TraceSource (>= 4.0)
      System.Globalization (>= 4.0.11)
      System.IO (>= 4.1)
      System.Resources.ResourceManager (>= 4.0.1)
      System.Runtime (>= 4.1)
      System.Threading (>= 4.0.11)
    System.Diagnostics.Tools (4.3) - restriction: || (&& (== net50) (< netstandard1.2)) (&& (== net50) (< netstandard1.3)) (&& (== net50) (< netstandard1.4)) (&& (== net50) (< netstandard1.5)) (&& (== net50) (< netstandard1.6)) (&& (== net50) (< netstandard2.0)) (&& (== net50) (< portable-net45+win8+wpa81)) (== netstandard1.3) (&& (== netstandard2.0) (< netstandard1.2)) (&& (== netstandard2.0) (< netstandard1.3)) (&& (== netstandard2.0) (< netstandard1.4)) (&& (== netstandard2.0) (< netstandard1.5)) (&& (== netstandard2.0) (< netstandard1.6)) (&& (== netstandard2.0) (< portable-net45+win8+wpa81)) (&& (== netstandard2.1) (< netstandard1.2)) (&& (== netstandard2.1) (< netstandard1.3)) (&& (== netstandard2.1) (< netstandard1.4)) (&& (== netstandard2.1) (< netstandard1.5)) (&& (== netstandard2.1) (< netstandard1.6)) (&& (== netstandard2.1) (< netstandard2.0)) (&& (== netstandard2.1) (< portable-net45+win8+wpa81))
      Microsoft.NETCore.Platforms (>= 1.1)
      Microsoft.NETCore.Targets (>= 1.1)
      System.Runtime (>= 4.3)
    System.Diagnostics.TraceSource (4.0) - restriction: || (== net50) (&& (== netstandard1.3) (>= netcoreapp1.0)) (&& (== netstandard1.3) (>= netstandard1.5) (>= uap10.0)) (&& (== netstandard2.0) (>= netcoreapp1.0)) (&& (== netstandard2.0) (>= uap10.0)) (&& (== netstandard2.1) (>= netcoreapp1.0)) (&& (== netstandard2.1) (>= uap10.0))
      Microsoft.NETCore.Platforms (>= 1.0.1)
      runtime.native.System (>= 4.0)
      System.Collections (>= 4.0.11)
      System.Diagnostics.Debug (>= 4.0.11)
      System.Globalization (>= 4.0.11)
      System.Resources.ResourceManager (>= 4.0.1)
      System.Runtime (>= 4.1)
      System.Runtime.Extensions (>= 4.1)
      System.Threading (>= 4.0.11)
    System.Diagnostics.Tracing (4.3) - restriction: || (&& (== net50) (< netstandard1.2)) (&& (== net50) (< netstandard1.3)) (&& (== net50) (< netstandard1.4)) (&& (== net50) (< netstandard1.5)) (&& (== net50) (< netstandard1.6)) (&& (== net50) (< netstandard2.0)) (== netstandard1.3) (&& (== netstandard2.0) (< netstandard1.2)) (&& (== netstandard2.0) (< netstandard1.3)) (&& (== netstandard2.0) (< netstandard1.4)) (&& (== netstandard2.0) (< netstandard1.5)) (&& (== netstandard2.0) (< netstandard1.6)) (&& (== netstandard2.1) (< netstandard1.2)) (&& (== netstandard2.1) (< netstandard1.3)) (&& (== netstandard2.1) (< netstandard1.4)) (&& (== netstandard2.1) (< netstandard1.5)) (&& (== netstandard2.1) (< netstandard1.6)) (&& (== netstandard2.1) (< netstandard2.0))
      Microsoft.NETCore.Platforms (>= 1.1)
      Microsoft.NETCore.Targets (>= 1.1)
      System.Runtime (>= 4.3)
    System.Dynamic.Runtime (4.0.11) - restriction: || (== net50) (&& (== netstandard1.3) (>= netcoreapp1.0)) (&& (== netstandard1.3) (>= uap10.0)) (&& (== netstandard2.0) (>= netcoreapp1.0)) (&& (== netstandard2.0) (>= uap10.0)) (&& (== netstandard2.1) (>= netcoreapp1.0)) (&& (== netstandard2.1) (>= uap10.0))
      System.Collections (>= 4.0.11)
      System.Diagnostics.Debug (>= 4.0.11)
      System.Globalization (>= 4.0.11)
      System.Linq (>= 4.1)
      System.Linq.Expressions (>= 4.1)
      System.ObjectModel (>= 4.0.12)
      System.Reflection (>= 4.1)
      System.Reflection.Emit (>= 4.0.1)
      System.Reflection.Emit.ILGeneration (>= 4.0.1)
      System.Reflection.Primitives (>= 4.0.1)
      System.Reflection.TypeExtensions (>= 4.1)
      System.Resources.ResourceManager (>= 4.0.1)
      System.Runtime (>= 4.1)
      System.Runtime.Extensions (>= 4.1)
      System.Threading (>= 4.0.11)
    System.Globalization (4.3) - restriction: || (== net50) (== netstandard1.3) (&& (== netstandard2.0) (>= netcoreapp1.0)) (&& (== netstandard2.0) (< netstandard1.2)) (&& (== netstandard2.0) (< netstandard1.3)) (&& (== netstandard2.0) (< netstandard1.4)) (&& (== netstandard2.0) (< netstandard1.5)) (&& (== netstandard2.0) (< netstandard1.6)) (&& (== netstandard2.0) (< portable-net45+win8+wpa81)) (&& (== netstandard2.1) (>= netcoreapp1.0)) (&& (== netstandard2.1) (< netstandard1.2)) (&& (== netstandard2.1) (< netstandard1.3)) (&& (== netstandard2.1) (< netstandard1.4)) (&& (== netstandard2.1) (< netstandard1.5)) (&& (== netstandard2.1) (< netstandard1.6)) (&& (== netstandard2.1) (< netstandard2.0)) (&& (== netstandard2.1) (< portable-net45+win8+wpa81))
      Microsoft.NETCore.Platforms (>= 1.1)
      Microsoft.NETCore.Targets (>= 1.1)
      System.Runtime (>= 4.3)
    System.Globalization.Calendars (4.3) - restriction: || (&& (== net50) (< netstandard1.4)) (&& (== net50) (< netstandard1.5)) (&& (== net50) (< netstandard1.6)) (&& (== net50) (< netstandard2.0)) (== netstandard1.3) (&& (== netstandard2.0) (< netstandard1.4)) (&& (== netstandard2.0) (< netstandard1.5)) (&& (== netstandard2.0) (< netstandard1.6)) (&& (== netstandard2.1) (< netstandard1.4)) (&& (== netstandard2.1) (< netstandard1.5)) (&& (== netstandard2.1) (< netstandard1.6)) (&& (== netstandard2.1) (< netstandard2.0))
      Microsoft.NETCore.Platforms (>= 1.1)
      Microsoft.NETCore.Targets (>= 1.1)
      System.Globalization (>= 4.3)
      System.Runtime (>= 4.3)
    System.Globalization.Extensions (4.3) - restriction: || (== net50) (&& (== netstandard1.3) (>= netcoreapp1.0)) (&& (== netstandard2.0) (>= netcoreapp1.0)) (&& (== netstandard2.1) (>= netcoreapp1.0))
      Microsoft.NETCore.Platforms (>= 1.1)
      System.Globalization (>= 4.3)
      System.Resources.ResourceManager (>= 4.3)
      System.Runtime (>= 4.3)
      System.Runtime.Extensions (>= 4.3)
      System.Runtime.InteropServices (>= 4.3)
    System.IO (4.3)
      Microsoft.NETCore.Platforms (>= 1.1)
      Microsoft.NETCore.Targets (>= 1.1)
      System.Runtime (>= 4.3)
      System.Text.Encoding (>= 4.3)
      System.Threading.Tasks (>= 4.3)
    System.IO.Compression (4.3) - restriction: || (&& (== net50) (< netstandard1.2)) (&& (== net50) (< netstandard1.3)) (&& (== net50) (< netstandard1.4)) (&& (== net50) (< netstandard1.5)) (&& (== net50) (< netstandard1.6)) (&& (== net50) (< netstandard2.0)) (== netstandard1.3) (&& (== netstandard2.0) (< netstandard1.2)) (&& (== netstandard2.0) (< netstandard1.3)) (&& (== netstandard2.0) (< netstandard1.4)) (&& (== netstandard2.0) (< netstandard1.5)) (&& (== netstandard2.0) (< netstandard1.6)) (&& (== netstandard2.1) (< netstandard1.2)) (&& (== netstandard2.1) (< netstandard1.3)) (&& (== netstandard2.1) (< netstandard1.4)) (&& (== netstandard2.1) (< netstandard1.5)) (&& (== netstandard2.1) (< netstandard1.6)) (&& (== netstandard2.1) (< netstandard2.0))
      Microsoft.NETCore.Platforms (>= 1.1)
      runtime.native.System (>= 4.3)
      runtime.native.System.IO.Compression (>= 4.3)
      System.Buffers (>= 4.3)
      System.Collections (>= 4.3)
      System.Diagnostics.Debug (>= 4.3)
      System.IO (>= 4.3)
      System.Resources.ResourceManager (>= 4.3)
      System.Runtime (>= 4.3)
      System.Runtime.Extensions (>= 4.3)
      System.Runtime.Handles (>= 4.3)
      System.Runtime.InteropServices (>= 4.3)
      System.Text.Encoding (>= 4.3)
      System.Threading (>= 4.3)
      System.Threading.Tasks (>= 4.3)
    System.IO.Compression.ZipFile (4.3) - restriction: || (&& (== net50) (< netstandard1.4)) (&& (== net50) (< netstandard1.5)) (&& (== net50) (< netstandard1.6)) (&& (== net50) (< netstandard2.0)) (== netstandard1.3) (&& (== netstandard2.0) (< netstandard1.4)) (&& (== netstandard2.0) (< netstandard1.5)) (&& (== netstandard2.0) (< netstandard1.6)) (&& (== netstandard2.1) (< netstandard1.4)) (&& (== netstandard2.1) (< netstandard1.5)) (&& (== netstandard2.1) (< netstandard1.6)) (&& (== netstandard2.1) (< netstandard2.0))
      System.Buffers (>= 4.3)
      System.IO (>= 4.3)
      System.IO.Compression (>= 4.3)
      System.IO.FileSystem (>= 4.3)
      System.IO.FileSystem.Primitives (>= 4.3)
      System.Resources.ResourceManager (>= 4.3)
      System.Runtime (>= 4.3)
      System.Runtime.Extensions (>= 4.3)
      System.Text.Encoding (>= 4.3)
    System.IO.FileSystem (4.3) - restriction: || (== net50) (== netstandard1.3) (&& (== netstandard2.0) (>= netcoreapp1.0)) (&& (== netstandard2.0) (< netstandard1.4)) (&& (== netstandard2.0) (< netstandard1.5)) (&& (== netstandard2.0) (< netstandard1.6)) (&& (== netstandard2.1) (>= netcoreapp1.0)) (&& (== netstandard2.1) (< netstandard1.4)) (&& (== netstandard2.1) (< netstandard1.5)) (&& (== netstandard2.1) (< netstandard1.6)) (&& (== netstandard2.1) (< netstandard2.0))
      Microsoft.NETCore.Platforms (>= 1.1)
      Microsoft.NETCore.Targets (>= 1.1)
      System.IO (>= 4.3)
      System.IO.FileSystem.Primitives (>= 4.3)
      System.Runtime (>= 4.3)
      System.Runtime.Handles (>= 4.3)
      System.Text.Encoding (>= 4.3)
      System.Threading.Tasks (>= 4.3)
    System.IO.FileSystem.Primitives (4.3) - restriction: || (== net50) (== netstandard1.3) (&& (== netstandard2.0) (>= netcoreapp1.0)) (&& (== netstandard2.0) (< netstandard1.4)) (&& (== netstandard2.0) (< netstandard1.5)) (&& (== netstandard2.0) (< netstandard1.6)) (&& (== netstandard2.1) (>= netcoreapp1.0)) (&& (== netstandard2.1) (< netstandard1.4)) (&& (== netstandard2.1) (< netstandard1.5)) (&& (== netstandard2.1) (< netstandard1.6)) (&& (== netstandard2.1) (< netstandard2.0))
      System.Runtime (>= 4.3)
    System.Linq (4.3) - restriction: || (== net50) (== netstandard1.3) (&& (== netstandard2.0) (>= netcoreapp1.0)) (&& (== netstandard2.0) (< netstandard1.2)) (&& (== netstandard2.0) (< netstandard1.3)) (&& (== netstandard2.0) (< netstandard1.4)) (&& (== netstandard2.0) (< netstandard1.5)) (&& (== netstandard2.0) (< netstandard1.6)) (&& (== netstandard2.0) (< portable-net45+win8+wpa81)) (&& (== netstandard2.1) (>= netcoreapp1.0)) (&& (== netstandard2.1) (< netstandard1.2)) (&& (== netstandard2.1) (< netstandard1.3)) (&& (== netstandard2.1) (< netstandard1.4)) (&& (== netstandard2.1) (< netstandard1.5)) (&& (== netstandard2.1) (< netstandard1.6)) (&& (== netstandard2.1) (< netstandard2.0)) (&& (== netstandard2.1) (< portable-net45+win8+wpa81))
      System.Collections (>= 4.3)
      System.Runtime (>= 4.3)
    System.Linq.Expressions (4.3) - restriction: || (== net50) (== netstandard1.3) (&& (== netstandard2.0) (>= netcoreapp1.0)) (&& (== netstandard2.0) (< netstandard1.2)) (&& (== netstandard2.0) (< netstandard1.3)) (&& (== netstandard2.0) (< netstandard1.4)) (&& (== netstandard2.0) (< netstandard1.5)) (&& (== netstandard2.0) (< netstandard1.6)) (&& (== netstandard2.0) (< portable-net45+win8+wpa81)) (&& (== netstandard2.0) (>= uap10.0)) (&& (== netstandard2.1) (>= netcoreapp1.0)) (&& (== netstandard2.1) (< netstandard1.2)) (&& (== netstandard2.1) (< netstandard1.3)) (&& (== netstandard2.1) (< netstandard1.4)) (&& (== netstandard2.1) (< netstandard1.5)) (&& (== netstandard2.1) (< netstandard1.6)) (&& (== netstandard2.1) (< netstandard2.0)) (&& (== netstandard2.1) (< portable-net45+win8+wpa81)) (&& (== netstandard2.1) (>= uap10.0))
      System.Reflection (>= 4.3)
      System.Runtime (>= 4.3)
    System.Net.Http (4.3.3) - restriction: || (&& (== net50) (< netstandard1.2)) (&& (== net50) (< netstandard1.3)) (&& (== net50) (< netstandard1.4)) (&& (== net50) (< netstandard1.5)) (&& (== net50) (< netstandard1.6)) (&& (== net50) (< netstandard2.0)) (== netstandard1.3) (&& (== netstandard2.0) (< netstandard1.2)) (&& (== netstandard2.0) (< netstandard1.3)) (&& (== netstandard2.0) (< netstandard1.4)) (&& (== netstandard2.0) (< netstandard1.5)) (&& (== netstandard2.0) (< netstandard1.6)) (&& (== netstandard2.1) (< netstandard1.2)) (&& (== netstandard2.1) (< netstandard1.3)) (&& (== netstandard2.1) (< netstandard1.4)) (&& (== netstandard2.1) (< netstandard1.5)) (&& (== netstandard2.1) (< netstandard1.6)) (&& (== netstandard2.1) (< netstandard2.0))
      Microsoft.NETCore.Platforms (>= 1.1)
      Microsoft.Win32.Primitives (>= 4.3) - restriction: || (&& (== net50) (< netstandard1.6)) (== netstandard1.3) (&& (== netstandard2.0) (< netstandard1.6)) (&& (== netstandard2.1) (< netstandard1.6))
      System.Collections (>= 4.3)
      System.Diagnostics.Debug (>= 4.3)
      System.Diagnostics.DiagnosticSource (>= 4.3)
      System.Diagnostics.Tracing (>= 4.3)
      System.Globalization (>= 4.3)
      System.IO (>= 4.3)
      System.IO.Compression (>= 4.3) - restriction: || (&& (== net50) (< netstandard1.6)) (== netstandard1.3) (&& (== netstandard2.0) (< netstandard1.6)) (&& (== netstandard2.1) (< netstandard1.6))
      System.Net.Primitives (>= 4.3)
      System.Resources.ResourceManager (>= 4.3)
      System.Runtime (>= 4.3)
      System.Runtime.Extensions (>= 4.3)
      System.Runtime.Handles (>= 4.3)
      System.Runtime.InteropServices (>= 4.3)
      System.Security.Cryptography.Encoding (>= 4.3)
      System.Security.Cryptography.X509Certificates (>= 4.3)
      System.Text.Encoding (>= 4.3)
      System.Threading (>= 4.3)
      System.Threading.Tasks (>= 4.3)
    System.Net.Primitives (4.3) - restriction: || (&& (== net50) (< netstandard1.2)) (&& (== net50) (< netstandard1.3)) (&& (== net50) (< netstandard1.4)) (&& (== net50) (< netstandard1.5)) (&& (== net50) (< netstandard1.6)) (&& (== net50) (< netstandard2.0)) (&& (== net50) (< portable-net45+win8+wpa81)) (== netstandard1.3) (&& (== netstandard2.0) (< netstandard1.2)) (&& (== netstandard2.0) (< netstandard1.3)) (&& (== netstandard2.0) (< netstandard1.4)) (&& (== netstandard2.0) (< netstandard1.5)) (&& (== netstandard2.0) (< netstandard1.6)) (&& (== netstandard2.0) (< portable-net45+win8+wpa81)) (&& (== netstandard2.1) (< netstandard1.2)) (&& (== netstandard2.1) (< netstandard1.3)) (&& (== netstandard2.1) (< netstandard1.4)) (&& (== netstandard2.1) (< netstandard1.5)) (&& (== netstandard2.1) (< netstandard1.6)) (&& (== netstandard2.1) (< netstandard2.0)) (&& (== netstandard2.1) (< portable-net45+win8+wpa81))
      Microsoft.NETCore.Platforms (>= 1.1)
      Microsoft.NETCore.Targets (>= 1.1)
      System.Runtime (>= 4.3)
      System.Runtime.Handles (>= 4.3)
    System.Net.Sockets (4.3) - restriction: || (&& (== net50) (< netstandard1.4)) (&& (== net50) (< netstandard1.5)) (&& (== net50) (< netstandard1.6)) (&& (== net50) (< netstandard2.0)) (== netstandard1.3) (&& (== netstandard2.0) (< netstandard1.4)) (&& (== netstandard2.0) (< netstandard1.5)) (&& (== netstandard2.0) (< netstandard1.6)) (&& (== netstandard2.1) (< netstandard1.4)) (&& (== netstandard2.1) (< netstandard1.5)) (&& (== netstandard2.1) (< netstandard1.6)) (&& (== netstandard2.1) (< netstandard2.0))
      Microsoft.NETCore.Platforms (>= 1.1)
      Microsoft.NETCore.Targets (>= 1.1)
      System.IO (>= 4.3)
      System.Net.Primitives (>= 4.3)
      System.Runtime (>= 4.3)
      System.Threading.Tasks (>= 4.3)
    System.ObjectModel (4.3) - restriction: || (== net50) (== netstandard1.3) (&& (== netstandard2.0) (>= netcoreapp1.0)) (&& (== netstandard2.0) (< netstandard1.2)) (&& (== netstandard2.0) (< netstandard1.3)) (&& (== netstandard2.0) (< netstandard1.4)) (&& (== netstandard2.0) (< netstandard1.5)) (&& (== netstandard2.0) (< netstandard1.6)) (&& (== netstandard2.0) (< portable-net45+win8+wpa81)) (&& (== netstandard2.0) (>= uap10.0)) (&& (== netstandard2.1) (>= netcoreapp1.0)) (&& (== netstandard2.1) (< netstandard1.2)) (&& (== netstandard2.1) (< netstandard1.3)) (&& (== netstandard2.1) (< netstandard1.4)) (&& (== netstandard2.1) (< netstandard1.5)) (&& (== netstandard2.1) (< netstandard1.6)) (&& (== netstandard2.1) (< netstandard2.0)) (&& (== netstandard2.1) (< portable-net45+win8+wpa81)) (&& (== netstandard2.1) (>= uap10.0))
      System.Collections (>= 4.3)
      System.Diagnostics.Debug (>= 4.3)
      System.Resources.ResourceManager (>= 4.3)
      System.Runtime (>= 4.3)
      System.Threading (>= 4.3)
    System.Private.DataContractSerialization (4.1.1) - restriction: || (== net50) (&& (== netstandard1.3) (>= netcoreapp1.0)) (&& (== netstandard1.3) (>= netstandard1.5) (>= uap10.0)) (&& (== netstandard2.0) (>= netcoreapp1.0)) (&& (== netstandard2.0) (>= uap10.0)) (&& (== netstandard2.1) (>= netcoreapp1.0)) (&& (== netstandard2.1) (>= uap10.0))
      System.Collections (>= 4.0.11)
      System.Collections.Concurrent (>= 4.0.12)
      System.Diagnostics.Debug (>= 4.0.11)
      System.Globalization (>= 4.0.11)
      System.IO (>= 4.1)
      System.Linq (>= 4.1)
      System.Reflection (>= 4.1)
      System.Reflection.Emit.ILGeneration (>= 4.0.1)
      System.Reflection.Emit.Lightweight (>= 4.0.1)
      System.Reflection.Extensions (>= 4.0.1)
      System.Reflection.Primitives (>= 4.0.1)
      System.Reflection.TypeExtensions (>= 4.1)
      System.Resources.ResourceManager (>= 4.0.1)
      System.Runtime (>= 4.1)
      System.Runtime.Extensions (>= 4.1)
      System.Runtime.Serialization.Primitives (>= 4.1.1)
      System.Text.Encoding (>= 4.0.11)
      System.Text.Encoding.Extensions (>= 4.0.11)
      System.Text.RegularExpressions (>= 4.1)
      System.Threading (>= 4.0.11)
      System.Threading.Tasks (>= 4.0.11)
      System.Xml.ReaderWriter (>= 4.0.11)
      System.Xml.XmlDocument (>= 4.0.1)
      System.Xml.XmlSerializer (>= 4.0.11)
    System.Reflection (4.3)
      Microsoft.NETCore.Platforms (>= 1.1)
      Microsoft.NETCore.Targets (>= 1.1)
      System.IO (>= 4.3)
      System.Reflection.Primitives (>= 4.3)
      System.Runtime (>= 4.3)
    System.Reflection.Emit (4.3) - restriction: || (== net50) (&& (== netstandard1.3) (>= netcoreapp1.0)) (&& (== netstandard1.3) (>= uap10.0)) (&& (== netstandard2.0) (>= netcoreapp1.0)) (&& (== netstandard2.0) (>= uap10.0)) (&& (== netstandard2.1) (>= netcoreapp1.0)) (&& (== netstandard2.1) (>= uap10.0))
      System.IO (>= 4.3)
      System.Reflection (>= 4.3)
      System.Reflection.Emit.ILGeneration (>= 4.3)
      System.Reflection.Primitives (>= 4.3)
      System.Runtime (>= 4.3)
    System.Reflection.Emit.ILGeneration (4.3) - restriction: || (== net50) (&& (== netstandard1.3) (>= netcoreapp1.0)) (&& (== netstandard1.3) (>= uap10.0)) (&& (== netstandard2.0) (>= netcoreapp1.0)) (&& (== netstandard2.0) (>= uap10.0)) (&& (== netstandard2.1) (>= netcoreapp1.0)) (&& (== netstandard2.1) (>= uap10.0))
      System.Reflection (>= 4.3)
      System.Reflection.Primitives (>= 4.3)
      System.Runtime (>= 4.3)
    System.Reflection.Emit.Lightweight (4.3) - restriction: || (== net50) (&& (== netstandard1.3) (>= monotouch) (>= uap10.0)) (&& (== netstandard1.3) (>= netcoreapp1.0)) (&& (== netstandard1.3) (>= netstandard1.5) (>= uap10.0)) (&& (== netstandard1.3) (>= uap10.0) (>= xamarinios)) (&& (== netstandard1.3) (>= uap10.0) (>= xamarinmac)) (&& (== netstandard1.3) (>= uap10.0) (>= xamarintvos)) (&& (== netstandard1.3) (>= uap10.0) (>= xamarinwatchos)) (&& (== netstandard2.0) (>= netcoreapp1.0)) (&& (== netstandard2.0) (>= uap10.0)) (&& (== netstandard2.1) (>= netcoreapp1.0)) (&& (== netstandard2.1) (>= uap10.0))
      System.Reflection (>= 4.3)
      System.Reflection.Emit.ILGeneration (>= 4.3)
      System.Reflection.Primitives (>= 4.3)
      System.Runtime (>= 4.3)
    System.Reflection.Extensions (4.3) - restriction: || (== net50) (== netstandard1.3) (&& (== netstandard2.0) (>= netcoreapp1.0)) (&& (== netstandard2.0) (< netstandard1.2)) (&& (== netstandard2.0) (< netstandard1.3)) (&& (== netstandard2.0) (< netstandard1.4)) (&& (== netstandard2.0) (< netstandard1.5)) (&& (== netstandard2.0) (< netstandard1.6)) (&& (== netstandard2.0) (< portable-net45+win8+wpa81)) (&& (== netstandard2.1) (>= netcoreapp1.0)) (&& (== netstandard2.1) (< netstandard1.2)) (&& (== netstandard2.1) (< netstandard1.3)) (&& (== netstandard2.1) (< netstandard1.4)) (&& (== netstandard2.1) (< netstandard1.5)) (&& (== netstandard2.1) (< netstandard1.6)) (&& (== netstandard2.1) (< netstandard2.0)) (&& (== netstandard2.1) (< portable-net45+win8+wpa81))
      Microsoft.NETCore.Platforms (>= 1.1)
      Microsoft.NETCore.Targets (>= 1.1)
      System.Reflection (>= 4.3)
      System.Runtime (>= 4.3)
    System.Reflection.Metadata (1.3) - restriction: || (== net50) (&& (== netstandard1.3) (>= net451) (>= uap10.0)) (&& (== netstandard1.3) (>= netcoreapp1.0)) (&& (== netstandard1.3) (>= netstandard1.5) (>= uap10.0)) (&& (== netstandard2.0) (>= netcoreapp1.0)) (&& (== netstandard2.0) (>= uap10.0)) (&& (== netstandard2.1) (>= netcoreapp1.0)) (&& (== netstandard2.1) (>= uap10.0))
      System.Collections (>= 4.0.11)
      System.Collections.Immutable (>= 1.2)
      System.Diagnostics.Debug (>= 4.0.11)
      System.IO (>= 4.1)
      System.Linq (>= 4.1)
      System.Reflection (>= 4.1)
      System.Reflection.Extensions (>= 4.0.1)
      System.Reflection.Primitives (>= 4.0.1)
      System.Resources.ResourceManager (>= 4.0.1)
      System.Runtime (>= 4.1)
      System.Runtime.Extensions (>= 4.1)
      System.Runtime.InteropServices (>= 4.1)
      System.Text.Encoding (>= 4.0.11)
      System.Text.Encoding.Extensions (>= 4.0.11)
      System.Threading (>= 4.0.11)
    System.Reflection.Primitives (4.3) - restriction: || (== net50) (== netstandard1.3) (&& (== netstandard2.0) (>= netcoreapp1.0)) (&& (== netstandard2.0) (< netstandard1.2)) (&& (== netstandard2.0) (< netstandard1.3)) (&& (== netstandard2.0) (< netstandard1.4)) (&& (== netstandard2.0) (< netstandard1.5)) (&& (== netstandard2.0) (< netstandard1.6)) (&& (== netstandard2.0) (< portable-net45+win8+wpa81)) (&& (== netstandard2.1) (>= netcoreapp1.0)) (&& (== netstandard2.1) (< netstandard1.2)) (&& (== netstandard2.1) (< netstandard1.3)) (&& (== netstandard2.1) (< netstandard1.4)) (&& (== netstandard2.1) (< netstandard1.5)) (&& (== netstandard2.1) (< netstandard1.6)) (&& (== netstandard2.1) (< netstandard2.0)) (&& (== netstandard2.1) (< portable-net45+win8+wpa81))
      Microsoft.NETCore.Platforms (>= 1.1)
      Microsoft.NETCore.Targets (>= 1.1)
      System.Runtime (>= 4.3)
    System.Reflection.TypeExtensions (4.7) - restriction: || (== net50) (== netstandard1.3) (&& (== netstandard2.0) (>= netcoreapp1.0)) (&& (== netstandard2.0) (< netstandard1.6)) (&& (== netstandard2.1) (>= netcoreapp1.0)) (&& (== netstandard2.1) (< netstandard1.6))
      System.Reflection (>= 4.3) - restriction: || (&& (== net50) (< netstandard1.5)) (&& (== net50) (< netstandard2.0)) (== netstandard1.3) (&& (== netstandard2.0) (< netstandard1.5)) (&& (== netstandard2.1) (< netstandard1.5)) (&& (== netstandard2.1) (< netstandard2.0))
      System.Resources.ResourceManager (>= 4.3) - restriction: || (&& (== net50) (< netstandard1.5)) (&& (== net50) (< netstandard2.0)) (== netstandard1.3) (&& (== netstandard2.0) (< netstandard1.5)) (&& (== netstandard2.1) (< netstandard1.5)) (&& (== netstandard2.1) (< netstandard2.0))
      System.Runtime (>= 4.3) - restriction: || (&& (== net50) (< netstandard1.5)) (&& (== net50) (< netstandard2.0)) (== netstandard1.3) (&& (== netstandard2.0) (< netstandard1.5)) (&& (== netstandard2.1) (< netstandard1.5)) (&& (== netstandard2.1) (< netstandard2.0))
    System.Resources.ResourceManager (4.3) - restriction: || (== net50) (== netstandard1.3) (&& (== netstandard2.0) (>= netcoreapp1.0)) (&& (== netstandard2.0) (< netstandard1.2)) (&& (== netstandard2.0) (< netstandard1.3)) (&& (== netstandard2.0) (< netstandard1.4)) (&& (== netstandard2.0) (< netstandard1.5)) (&& (== netstandard2.0) (< netstandard1.6)) (&& (== netstandard2.0) (< portable-net45+win8+wpa81)) (&& (== netstandard2.1) (>= netcoreapp1.0)) (&& (== netstandard2.1) (< netstandard1.2)) (&& (== netstandard2.1) (< netstandard1.3)) (&& (== netstandard2.1) (< netstandard1.4)) (&& (== netstandard2.1) (< netstandard1.5)) (&& (== netstandard2.1) (< netstandard1.6)) (&& (== netstandard2.1) (< netstandard2.0)) (&& (== netstandard2.1) (< portable-net45+win8+wpa81))
      Microsoft.NETCore.Platforms (>= 1.1)
      Microsoft.NETCore.Targets (>= 1.1)
      System.Globalization (>= 4.3)
      System.Reflection (>= 4.3)
      System.Runtime (>= 4.3)
    System.Runtime (4.3)
      Microsoft.NETCore.Platforms (>= 1.1)
      Microsoft.NETCore.Targets (>= 1.1)
    System.Runtime.CompilerServices.Unsafe (4.5.2) - restriction: || (&& (== net50) (< netstandard1.0)) (&& (== net50) (< netstandard1.2)) (&& (== net50) (< netstandard1.3)) (&& (== net50) (< netstandard1.4)) (&& (== net50) (< netstandard1.5)) (&& (== net50) (< netstandard1.6)) (&& (== net50) (< netstandard2.0)) (&& (== net50) (< portable-net45+win8+wpa81)) (&& (== net50) (>= wp8)) (== netstandard1.3) (&& (== netstandard2.0) (< netstandard1.0)) (&& (== netstandard2.0) (< netstandard1.2)) (&& (== netstandard2.0) (< netstandard1.3)) (&& (== netstandard2.0) (< netstandard1.4)) (&& (== netstandard2.0) (< netstandard1.5)) (&& (== netstandard2.0) (< netstandard1.6)) (&& (== netstandard2.0) (< portable-net45+win8+wpa81)) (&& (== netstandard2.0) (>= wp8)) (&& (== netstandard2.1) (< netstandard1.0)) (&& (== netstandard2.1) (< netstandard1.2)) (&& (== netstandard2.1) (< netstandard1.3)) (&& (== netstandard2.1) (< netstandard1.4)) (&& (== netstandard2.1) (< netstandard1.5)) (&& (== netstandard2.1) (< netstandard1.6)) (&& (== netstandard2.1) (< netstandard2.0)) (&& (== netstandard2.1) (< portable-net45+win8+wpa81)) (&& (== netstandard2.1) (>= wp8))
      System.Runtime (>= 4.3) - restriction: || (&& (== net50) (< netstandard2.0)) (== netstandard1.3) (&& (== netstandard2.1) (< netstandard2.0))
    System.Runtime.Extensions (4.3) - restriction: || (== net50) (== netstandard1.3) (&& (== netstandard2.0) (>= netcoreapp1.0)) (&& (== netstandard2.0) (< netstandard1.2)) (&& (== netstandard2.0) (< netstandard1.3)) (&& (== netstandard2.0) (< netstandard1.4)) (&& (== netstandard2.0) (< netstandard1.5)) (&& (== netstandard2.0) (< netstandard1.6)) (&& (== netstandard2.0) (< portable-net45+win8+wpa81)) (&& (== netstandard2.1) (>= netcoreapp1.0)) (&& (== netstandard2.1) (< netstandard1.2)) (&& (== netstandard2.1) (< netstandard1.3)) (&& (== netstandard2.1) (< netstandard1.4)) (&& (== netstandard2.1) (< netstandard1.5)) (&& (== netstandard2.1) (< netstandard1.6)) (&& (== netstandard2.1) (< netstandard2.0)) (&& (== netstandard2.1) (< portable-net45+win8+wpa81))
      Microsoft.NETCore.Platforms (>= 1.1)
      Microsoft.NETCore.Targets (>= 1.1)
      System.Runtime (>= 4.3)
    System.Runtime.Handles (4.3) - restriction: || (== net50) (== netstandard1.3) (&& (== netstandard2.0) (>= netcoreapp1.0)) (&& (== netstandard2.0) (< netstandard1.4)) (&& (== netstandard2.0) (< netstandard1.5)) (&& (== netstandard2.0) (< netstandard1.6)) (&& (== netstandard2.1) (>= netcoreapp1.0)) (&& (== netstandard2.1) (< netstandard1.4)) (&& (== netstandard2.1) (< netstandard1.5)) (&& (== netstandard2.1) (< netstandard1.6)) (&& (== netstandard2.1) (< netstandard2.0))
      Microsoft.NETCore.Platforms (>= 1.1)
      Microsoft.NETCore.Targets (>= 1.1)
      System.Runtime (>= 4.3)
    System.Runtime.InteropServices (4.3) - restriction: || (== net50) (== netstandard1.3) (&& (== netstandard2.0) (>= netcoreapp1.0)) (&& (== netstandard2.0) (< netstandard1.2)) (&& (== netstandard2.0) (< netstandard1.3)) (&& (== netstandard2.0) (< netstandard1.4)) (&& (== netstandard2.0) (< netstandard1.5)) (&& (== netstandard2.0) (< netstandard1.6)) (&& (== netstandard2.1) (>= netcoreapp1.0)) (&& (== netstandard2.1) (< netstandard1.2)) (&& (== netstandard2.1) (< netstandard1.3)) (&& (== netstandard2.1) (< netstandard1.4)) (&& (== netstandard2.1) (< netstandard1.5)) (&& (== netstandard2.1) (< netstandard1.6)) (&& (== netstandard2.1) (< netstandard2.0))
      Microsoft.NETCore.Platforms (>= 1.1)
      Microsoft.NETCore.Targets (>= 1.1)
      System.Reflection (>= 4.3)
      System.Reflection.Primitives (>= 4.3)
      System.Runtime (>= 4.3)
      System.Runtime.Handles (>= 4.3)
    System.Runtime.InteropServices.RuntimeInformation (4.3) - restriction: || (== net50) (== netstandard1.3) (&& (== netstandard2.0) (>= netcoreapp1.0)) (&& (== netstandard2.0) (< netstandard1.0)) (&& (== netstandard2.0) (< netstandard1.2)) (&& (== netstandard2.0) (< netstandard1.3)) (&& (== netstandard2.0) (< netstandard1.4)) (&& (== netstandard2.0) (< netstandard1.5)) (&& (== netstandard2.0) (< netstandard1.6)) (&& (== netstandard2.1) (>= netcoreapp1.0)) (&& (== netstandard2.1) (< netstandard1.0)) (&& (== netstandard2.1) (< netstandard1.2)) (&& (== netstandard2.1) (< netstandard1.3)) (&& (== netstandard2.1) (< netstandard1.4)) (&& (== netstandard2.1) (< netstandard1.5)) (&& (== netstandard2.1) (< netstandard1.6)) (&& (== netstandard2.1) (< netstandard2.0))
      runtime.native.System (>= 4.3)
      System.Reflection (>= 4.3)
      System.Reflection.Extensions (>= 4.3)
      System.Resources.ResourceManager (>= 4.3)
      System.Runtime (>= 4.3)
      System.Runtime.InteropServices (>= 4.3)
      System.Threading (>= 4.3)
    System.Runtime.Loader (4.3) - restriction: || (== net50) (&& (== netstandard1.3) (>= netcoreapp1.0)) (&& (== netstandard1.3) (>= netstandard1.5) (>= uap10.0)) (&& (== netstandard1.3) (>= netstandard1.6)) (== netstandard2.0) (== netstandard2.1)
      System.IO (>= 4.3) - restriction: || (== net50) (&& (== netstandard1.3) (>= netstandard1.5)) (== netstandard2.0) (== netstandard2.1)
      System.Reflection (>= 4.3) - restriction: || (== net50) (&& (== netstandard1.3) (>= netstandard1.5)) (== netstandard2.0) (== netstandard2.1)
      System.Runtime (>= 4.3) - restriction: || (== net50) (&& (== netstandard1.3) (>= netstandard1.5)) (== netstandard2.0) (== netstandard2.1)
    System.Runtime.Numerics (4.3) - restriction: || (&& (== net50) (< netstandard1.2)) (&& (== net50) (< netstandard1.3)) (&& (== net50) (< netstandard1.4)) (&& (== net50) (< netstandard1.5)) (&& (== net50) (< netstandard1.6)) (&& (== net50) (< netstandard2.0)) (== netstandard1.3) (&& (== netstandard2.0) (< netstandard1.2)) (&& (== netstandard2.0) (< netstandard1.3)) (&& (== netstandard2.0) (< netstandard1.4)) (&& (== netstandard2.0) (< netstandard1.5)) (&& (== netstandard2.0) (< netstandard1.6)) (&& (== netstandard2.1) (< netstandard1.2)) (&& (== netstandard2.1) (< netstandard1.3)) (&& (== netstandard2.1) (< netstandard1.4)) (&& (== netstandard2.1) (< netstandard1.5)) (&& (== netstandard2.1) (< netstandard1.6)) (&& (== netstandard2.1) (< netstandard2.0))
      System.Globalization (>= 4.3)
      System.Resources.ResourceManager (>= 4.3)
      System.Runtime (>= 4.3)
      System.Runtime.Extensions (>= 4.3)
    System.Runtime.Serialization.Json (4.0.2) - restriction: || (== net50) (&& (== netstandard1.3) (>= netcoreapp1.0)) (&& (== netstandard1.3) (>= netstandard1.5) (>= uap10.0)) (&& (== netstandard2.0) (>= netcoreapp1.0)) (&& (== netstandard2.0) (>= uap10.0)) (&& (== netstandard2.1) (>= netcoreapp1.0)) (&& (== netstandard2.1) (>= uap10.0))
      System.IO (>= 4.1)
      System.Private.DataContractSerialization (>= 4.1.1)
      System.Runtime (>= 4.1)
    System.Runtime.Serialization.Primitives (4.1.1) - restriction: || (== net50) (&& (== netstandard1.3) (>= netcoreapp1.0)) (&& (== netstandard1.3) (>= netstandard1.5) (>= uap10.0)) (&& (== netstandard2.0) (>= netcoreapp1.0)) (&& (== netstandard2.0) (>= uap10.0)) (&& (== netstandard2.1) (>= netcoreapp1.0)) (&& (== netstandard2.1) (>= uap10.0))
      System.Resources.ResourceManager (>= 4.0.1)
      System.Runtime (>= 4.1)
    System.Security.Cryptography.Algorithms (4.3.1) - restriction: || (&& (== net50) (< netstandard1.4)) (&& (== net50) (< netstandard1.5)) (&& (== net50) (< netstandard1.6)) (&& (== net50) (< netstandard2.0)) (== netstandard1.3) (&& (== netstandard2.0) (< netstandard1.4)) (&& (== netstandard2.0) (< netstandard1.5)) (&& (== netstandard2.0) (< netstandard1.6)) (&& (== netstandard2.1) (< netstandard1.4)) (&& (== netstandard2.1) (< netstandard1.5)) (&& (== netstandard2.1) (< netstandard1.6)) (&& (== netstandard2.1) (< netstandard2.0))
      System.IO (>= 4.3)
      System.Runtime (>= 4.3)
      System.Security.Cryptography.Primitives (>= 4.3)
    System.Security.Cryptography.Encoding (4.3) - restriction: || (&& (== net50) (< netstandard1.4)) (&& (== net50) (< netstandard1.5)) (&& (== net50) (< netstandard1.6)) (&& (== net50) (< netstandard2.0)) (== netstandard1.3) (&& (== netstandard2.0) (< netstandard1.4)) (&& (== netstandard2.0) (< netstandard1.5)) (&& (== netstandard2.0) (< netstandard1.6)) (&& (== netstandard2.1) (< netstandard1.4)) (&& (== netstandard2.1) (< netstandard1.5)) (&& (== netstandard2.1) (< netstandard1.6)) (&& (== netstandard2.1) (< netstandard2.0))
      Microsoft.NETCore.Platforms (>= 1.1)
      runtime.native.System.Security.Cryptography.OpenSsl (>= 4.3)
      System.Collections (>= 4.3)
      System.Collections.Concurrent (>= 4.3)
      System.Linq (>= 4.3)
      System.Resources.ResourceManager (>= 4.3)
      System.Runtime (>= 4.3)
      System.Runtime.Extensions (>= 4.3)
      System.Runtime.Handles (>= 4.3)
      System.Runtime.InteropServices (>= 4.3)
      System.Security.Cryptography.Primitives (>= 4.3)
      System.Text.Encoding (>= 4.3)
    System.Security.Cryptography.Primitives (4.3) - restriction: || (&& (== net50) (< netstandard1.4)) (&& (== net50) (< netstandard1.5)) (&& (== net50) (< netstandard1.6)) (&& (== net50) (< netstandard2.0)) (== netstandard1.3) (&& (== netstandard2.0) (< netstandard1.4)) (&& (== netstandard2.0) (< netstandard1.5)) (&& (== netstandard2.0) (< netstandard1.6)) (&& (== netstandard2.1) (< netstandard1.4)) (&& (== netstandard2.1) (< netstandard1.5)) (&& (== netstandard2.1) (< netstandard1.6)) (&& (== netstandard2.1) (< netstandard2.0))
      System.Diagnostics.Debug (>= 4.3)
      System.Globalization (>= 4.3)
      System.IO (>= 4.3)
      System.Resources.ResourceManager (>= 4.3)
      System.Runtime (>= 4.3)
      System.Threading (>= 4.3)
      System.Threading.Tasks (>= 4.3)
    System.Security.Cryptography.ProtectedData (4.4) - restriction: || (== net50) (&& (== netstandard1.3) (>= netcoreapp2.0)) (&& (== netstandard1.3) (>= netcoreapp2.1)) (&& (== netstandard1.3) (>= netstandard2.0)) (&& (== netstandard1.3) (>= netstandard2.1)) (== netstandard2.0) (== netstandard2.1)
    System.Security.Cryptography.X509Certificates (4.3.2) - restriction: || (&& (== net50) (< netstandard1.4)) (&& (== net50) (< netstandard1.5)) (&& (== net50) (< netstandard1.6)) (&& (== net50) (< netstandard2.0)) (== netstandard1.3) (&& (== netstandard2.0) (< netstandard1.4)) (&& (== netstandard2.0) (< netstandard1.5)) (&& (== netstandard2.0) (< netstandard1.6)) (&& (== netstandard2.1) (< netstandard1.4)) (&& (== netstandard2.1) (< netstandard1.5)) (&& (== netstandard2.1) (< netstandard1.6)) (&& (== netstandard2.1) (< netstandard2.0))
      System.Runtime (>= 4.3)
      System.Runtime.Handles (>= 4.3)
      System.Security.Cryptography.Algorithms (>= 4.3)
      System.Security.Cryptography.Encoding (>= 4.3)
    System.Text.Encoding (4.3) - restriction: || (== net50) (== netstandard1.3) (&& (== netstandard2.0) (>= netcoreapp1.0)) (&& (== netstandard2.0) (< netstandard1.2)) (&& (== netstandard2.0) (< netstandard1.3)) (&& (== netstandard2.0) (< netstandard1.4)) (&& (== netstandard2.0) (< netstandard1.5)) (&& (== netstandard2.0) (< netstandard1.6)) (&& (== netstandard2.0) (< portable-net45+win8+wpa81)) (&& (== netstandard2.1) (>= netcoreapp1.0)) (&& (== netstandard2.1) (< netstandard1.2)) (&& (== netstandard2.1) (< netstandard1.3)) (&& (== netstandard2.1) (< netstandard1.4)) (&& (== netstandard2.1) (< netstandard1.5)) (&& (== netstandard2.1) (< netstandard1.6)) (&& (== netstandard2.1) (< netstandard2.0)) (&& (== netstandard2.1) (< portable-net45+win8+wpa81))
      Microsoft.NETCore.Platforms (>= 1.1)
      Microsoft.NETCore.Targets (>= 1.1)
      System.Runtime (>= 4.3)
    System.Text.Encoding.Extensions (4.3) - restriction: || (== net50) (== netstandard1.3) (&& (== netstandard2.0) (>= netcoreapp1.0)) (&& (== netstandard2.0) (< netstandard1.2)) (&& (== netstandard2.0) (< netstandard1.3)) (&& (== netstandard2.0) (< netstandard1.4)) (&& (== netstandard2.0) (< netstandard1.5)) (&& (== netstandard2.0) (< netstandard1.6)) (&& (== netstandard2.0) (< portable-net45+win8+wpa81)) (&& (== netstandard2.1) (>= netcoreapp1.0)) (&& (== netstandard2.1) (< netstandard1.2)) (&& (== netstandard2.1) (< netstandard1.3)) (&& (== netstandard2.1) (< netstandard1.4)) (&& (== netstandard2.1) (< netstandard1.5)) (&& (== netstandard2.1) (< netstandard1.6)) (&& (== netstandard2.1) (< netstandard2.0)) (&& (== netstandard2.1) (< portable-net45+win8+wpa81))
      Microsoft.NETCore.Platforms (>= 1.1)
      Microsoft.NETCore.Targets (>= 1.1)
      System.Runtime (>= 4.3)
      System.Text.Encoding (>= 4.3)
    System.Text.RegularExpressions (4.3) - restriction: || (== net50) (== netstandard1.3) (&& (== netstandard2.0) (>= netcoreapp1.0)) (&& (== netstandard2.0) (< netstandard1.2)) (&& (== netstandard2.0) (< netstandard1.3)) (&& (== netstandard2.0) (< netstandard1.4)) (&& (== netstandard2.0) (< netstandard1.5)) (&& (== netstandard2.0) (< netstandard1.6)) (&& (== netstandard2.0) (< portable-net45+win8+wpa81)) (&& (== netstandard2.0) (>= uap10.0)) (&& (== netstandard2.1) (>= netcoreapp1.0)) (&& (== netstandard2.1) (< netstandard1.2)) (&& (== netstandard2.1) (< netstandard1.3)) (&& (== netstandard2.1) (< netstandard1.4)) (&& (== netstandard2.1) (< netstandard1.5)) (&& (== netstandard2.1) (< netstandard1.6)) (&& (== netstandard2.1) (< netstandard2.0)) (&& (== netstandard2.1) (< portable-net45+win8+wpa81)) (&& (== netstandard2.1) (>= uap10.0))
      System.Runtime (>= 4.3)
    System.Threading (4.3) - restriction: || (== net50) (== netstandard1.3) (&& (== netstandard2.0) (>= netcoreapp1.0)) (&& (== netstandard2.0) (< netstandard1.2)) (&& (== netstandard2.0) (< netstandard1.3)) (&& (== netstandard2.0) (< netstandard1.4)) (&& (== netstandard2.0) (< netstandard1.5)) (&& (== netstandard2.0) (< netstandard1.6)) (&& (== netstandard2.0) (< portable-net45+win8+wpa81)) (&& (== netstandard2.1) (>= netcoreapp1.0)) (&& (== netstandard2.1) (< netstandard1.2)) (&& (== netstandard2.1) (< netstandard1.3)) (&& (== netstandard2.1) (< netstandard1.4)) (&& (== netstandard2.1) (< netstandard1.5)) (&& (== netstandard2.1) (< netstandard1.6)) (&& (== netstandard2.1) (< netstandard2.0)) (&& (== netstandard2.1) (< portable-net45+win8+wpa81))
      System.Runtime (>= 4.3)
      System.Threading.Tasks (>= 4.3)
    System.Threading.Tasks (4.3) - restriction: || (== net50) (== netstandard1.3) (&& (== netstandard2.0) (>= netcoreapp1.0)) (&& (== netstandard2.0) (< netstandard1.2)) (&& (== netstandard2.0) (< netstandard1.3)) (&& (== netstandard2.0) (< netstandard1.4)) (&& (== netstandard2.0) (< netstandard1.5)) (&& (== netstandard2.0) (< netstandard1.6)) (&& (== netstandard2.0) (< portable-net45+win8+wpa81)) (&& (== netstandard2.1) (>= netcoreapp1.0)) (&& (== netstandard2.1) (< netstandard1.2)) (&& (== netstandard2.1) (< netstandard1.3)) (&& (== netstandard2.1) (< netstandard1.4)) (&& (== netstandard2.1) (< netstandard1.5)) (&& (== netstandard2.1) (< netstandard1.6)) (&& (== netstandard2.1) (< netstandard2.0)) (&& (== netstandard2.1) (< portable-net45+win8+wpa81))
      Microsoft.NETCore.Platforms (>= 1.1)
      Microsoft.NETCore.Targets (>= 1.1)
      System.Runtime (>= 4.3)
    System.Threading.Tasks.Extensions (4.5.2) - restriction: || (&& (== net50) (< netstandard1.2)) (&& (== net50) (< netstandard1.3)) (&& (== net50) (< netstandard1.4)) (&& (== net50) (< netstandard1.5)) (&& (== net50) (< netstandard1.6)) (&& (== net50) (< netstandard2.0)) (&& (== net50) (< portable-net45+win8+wpa81)) (== netstandard1.3) (&& (== netstandard2.0) (< netstandard1.2)) (&& (== netstandard2.0) (< netstandard1.3)) (&& (== netstandard2.0) (< netstandard1.4)) (&& (== netstandard2.0) (< netstandard1.5)) (&& (== netstandard2.0) (< netstandard1.6)) (&& (== netstandard2.0) (< portable-net45+win8+wpa81)) (&& (== netstandard2.1) (< netstandard1.2)) (&& (== netstandard2.1) (< netstandard1.3)) (&& (== netstandard2.1) (< netstandard1.4)) (&& (== netstandard2.1) (< netstandard1.5)) (&& (== netstandard2.1) (< netstandard1.6)) (&& (== netstandard2.1) (< netstandard2.0)) (&& (== netstandard2.1) (< portable-net45+win8+wpa81))
      System.Collections (>= 4.3) - restriction: || (&& (== net50) (< netstandard2.0)) (== netstandard1.3) (&& (== netstandard2.1) (< netstandard2.0))
      System.Runtime (>= 4.3) - restriction: || (&& (== net50) (< netstandard2.0)) (== netstandard1.3) (&& (== netstandard2.1) (< netstandard2.0))
      System.Runtime.CompilerServices.Unsafe (>= 4.5.2) - restriction: || (&& (== net50) (>= net45)) (&& (== net50) (< netcoreapp2.1)) (&& (== net50) (< netstandard1.0)) (&& (== net50) (< netstandard2.0)) (&& (== net50) (>= wp8)) (== netstandard1.3) (== netstandard2.0) (== netstandard2.1)
      System.Threading.Tasks (>= 4.3) - restriction: || (&& (== net50) (< netstandard2.0)) (== netstandard1.3) (&& (== netstandard2.1) (< netstandard2.0))
    System.Threading.Thread (4.3) - restriction: || (== net50) (&& (== netstandard1.3) (>= netcoreapp1.0)) (&& (== netstandard1.3) (>= netstandard1.6)) (== netstandard2.0) (== netstandard2.1)
      System.Runtime (>= 4.3)
    System.Threading.ThreadPool (4.3) - restriction: || (== net50) (&& (== netstandard1.3) (>= netcoreapp1.0)) (&& (== netstandard2.0) (>= netcoreapp1.0)) (&& (== netstandard2.1) (>= netcoreapp1.0))
      System.Runtime (>= 4.3)
      System.Runtime.Handles (>= 4.3)
    System.Threading.Timer (4.3) - restriction: || (&& (== net50) (< netstandard1.3)) (&& (== net50) (< netstandard1.4)) (&& (== net50) (< netstandard1.5)) (&& (== net50) (< netstandard1.6)) (&& (== net50) (< netstandard2.0)) (== netstandard1.3) (&& (== netstandard2.0) (< netstandard1.3)) (&& (== netstandard2.0) (< netstandard1.4)) (&& (== netstandard2.0) (< netstandard1.5)) (&& (== netstandard2.0) (< netstandard1.6)) (&& (== netstandard2.1) (< netstandard1.3)) (&& (== netstandard2.1) (< netstandard1.4)) (&& (== netstandard2.1) (< netstandard1.5)) (&& (== netstandard2.1) (< netstandard1.6)) (&& (== netstandard2.1) (< netstandard2.0))
      Microsoft.NETCore.Platforms (>= 1.1)
      Microsoft.NETCore.Targets (>= 1.1)
      System.Runtime (>= 4.3)
    System.ValueTuple (4.5)
      NETStandard.Library (>= 1.6.1) - restriction: || (&& (== net50) (< netstandard2.0)) (== netstandard1.3) (&& (== netstandard2.1) (< netstandard2.0))
    System.Xml.ReaderWriter (4.3) - restriction: || (== net50) (== netstandard1.3) (&& (== netstandard2.0) (>= netcoreapp1.0)) (&& (== netstandard2.0) (< netstandard1.2)) (&& (== netstandard2.0) (< netstandard1.3)) (&& (== netstandard2.0) (< netstandard1.4)) (&& (== netstandard2.0) (< netstandard1.5)) (&& (== netstandard2.0) (< netstandard1.6)) (&& (== netstandard2.0) (< portable-net45+win8+wpa81)) (&& (== netstandard2.1) (>= netcoreapp1.0)) (&& (== netstandard2.1) (< netstandard1.2)) (&& (== netstandard2.1) (< netstandard1.3)) (&& (== netstandard2.1) (< netstandard1.4)) (&& (== netstandard2.1) (< netstandard1.5)) (&& (== netstandard2.1) (< netstandard1.6)) (&& (== netstandard2.1) (< netstandard2.0)) (&& (== netstandard2.1) (< portable-net45+win8+wpa81))
      System.Collections (>= 4.3)
      System.Diagnostics.Debug (>= 4.3)
      System.Globalization (>= 4.3)
      System.IO (>= 4.3)
      System.IO.FileSystem (>= 4.3)
      System.IO.FileSystem.Primitives (>= 4.3)
      System.Resources.ResourceManager (>= 4.3)
      System.Runtime (>= 4.3)
      System.Runtime.Extensions (>= 4.3)
      System.Runtime.InteropServices (>= 4.3)
      System.Text.Encoding (>= 4.3)
      System.Text.Encoding.Extensions (>= 4.3)
      System.Text.RegularExpressions (>= 4.3)
      System.Threading.Tasks (>= 4.3)
      System.Threading.Tasks.Extensions (>= 4.3)
    System.Xml.XDocument (4.3) - restriction: || (== net50) (== netstandard1.3) (&& (== netstandard2.0) (>= netcoreapp1.0)) (&& (== netstandard2.0) (< netstandard1.2)) (&& (== netstandard2.0) (< netstandard1.3)) (&& (== netstandard2.0) (< netstandard1.4)) (&& (== netstandard2.0) (< netstandard1.5)) (&& (== netstandard2.0) (< netstandard1.6)) (&& (== netstandard2.0) (< portable-net45+win8+wpa81)) (&& (== netstandard2.0) (>= uap10.0)) (&& (== netstandard2.1) (>= netcoreapp1.0)) (&& (== netstandard2.1) (< netstandard1.2)) (&& (== netstandard2.1) (< netstandard1.3)) (&& (== netstandard2.1) (< netstandard1.4)) (&& (== netstandard2.1) (< netstandard1.5)) (&& (== netstandard2.1) (< netstandard1.6)) (&& (== netstandard2.1) (< netstandard2.0)) (&& (== netstandard2.1) (< portable-net45+win8+wpa81)) (&& (== netstandard2.1) (>= uap10.0))
      System.Collections (>= 4.3)
      System.Diagnostics.Debug (>= 4.3)
      System.Diagnostics.Tools (>= 4.3)
      System.Globalization (>= 4.3)
      System.IO (>= 4.3)
      System.Reflection (>= 4.3)
      System.Resources.ResourceManager (>= 4.3)
      System.Runtime (>= 4.3)
      System.Runtime.Extensions (>= 4.3)
      System.Text.Encoding (>= 4.3)
      System.Threading (>= 4.3)
      System.Xml.ReaderWriter (>= 4.3)
    System.Xml.XmlDocument (4.3) - restriction: || (== net50) (&& (== netstandard1.3) (>= netcoreapp1.0)) (&& (== netstandard2.0) (>= netcoreapp1.0)) (&& (== netstandard2.1) (>= netcoreapp1.0))
      System.Collections (>= 4.3)
      System.Diagnostics.Debug (>= 4.3)
      System.Globalization (>= 4.3)
      System.IO (>= 4.3)
      System.Resources.ResourceManager (>= 4.3)
      System.Runtime (>= 4.3)
      System.Runtime.Extensions (>= 4.3)
      System.Text.Encoding (>= 4.3)
      System.Threading (>= 4.3)
      System.Xml.ReaderWriter (>= 4.3)
    System.Xml.XmlSerializer (4.0.11) - restriction: || (== net50) (&& (== netstandard1.3) (>= netcoreapp1.0)) (&& (== netstandard1.3) (>= netstandard1.5) (>= uap10.0)) (&& (== netstandard2.0) (>= netcoreapp1.0)) (&& (== netstandard2.0) (>= uap10.0)) (&& (== netstandard2.1) (>= netcoreapp1.0)) (&& (== netstandard2.1) (>= uap10.0))
      System.Collections (>= 4.0.11)
      System.Globalization (>= 4.0.11)
      System.IO (>= 4.1)
      System.Linq (>= 4.1)
      System.Reflection (>= 4.1)
      System.Reflection.Emit (>= 4.0.1)
      System.Reflection.Emit.ILGeneration (>= 4.0.1)
      System.Reflection.Extensions (>= 4.0.1)
      System.Reflection.Primitives (>= 4.0.1)
      System.Reflection.TypeExtensions (>= 4.1)
      System.Resources.ResourceManager (>= 4.0.1)
      System.Runtime (>= 4.1)
      System.Runtime.Extensions (>= 4.1)
      System.Text.RegularExpressions (>= 4.1)
      System.Threading (>= 4.0.11)
      System.Xml.ReaderWriter (>= 4.0.11)
      System.Xml.XmlDocument (>= 4.0.1)
    System.Xml.XPath (4.3) - restriction: || (== net50) (&& (== netstandard1.3) (>= netcoreapp1.0)) (&& (== netstandard2.0) (>= netcoreapp1.0)) (&& (== netstandard2.1) (>= netcoreapp1.0))
      System.Collections (>= 4.3)
      System.Diagnostics.Debug (>= 4.3)
      System.Globalization (>= 4.3)
      System.IO (>= 4.3)
      System.Resources.ResourceManager (>= 4.3)
      System.Runtime (>= 4.3)
      System.Runtime.Extensions (>= 4.3)
      System.Threading (>= 4.3)
      System.Xml.ReaderWriter (>= 4.3)
    System.Xml.XPath.XmlDocument (4.3) - restriction: || (== net50) (&& (== netstandard1.3) (>= netcoreapp1.0)) (&& (== netstandard2.0) (>= netcoreapp1.0)) (&& (== netstandard2.1) (>= netcoreapp1.0))
      System.Collections (>= 4.3)
      System.Globalization (>= 4.3)
      System.IO (>= 4.3)
      System.Resources.ResourceManager (>= 4.3)
      System.Runtime (>= 4.3)
      System.Runtime.Extensions (>= 4.3)
      System.Threading (>= 4.3)
      System.Xml.ReaderWriter (>= 4.3)
      System.Xml.XmlDocument (>= 4.3)
      System.Xml.XPath (>= 4.3)

GROUP example-deps
RESTRICTION: == net50
