STRATEGY: MIN
RESTRICTION: || (== net451) (== net47) (== netcoreapp2.0) (== netstandard1.3)
NUGET
  remote: https://api.nuget.org/v3/index.json
    Microsoft.CodeCoverage (1.0.3) - restriction: || (== net451) (== net47) (== netcoreapp2.0) (&& (== netstandard1.3) (>= net45)) (&& (== netstandard1.3) (>= netcoreapp1.0))
    Microsoft.CSharp (4.4.1) - restriction: || (&& (== net451) (>= netcoreapp1.0)) (&& (== net47) (>= netcoreapp1.0)) (== netcoreapp2.0) (&& (== netstandard1.3) (>= netcoreapp1.0))
    Microsoft.DotNet.InternalAbstractions (1.0) - restriction: || (&& (== net451) (>= netcoreapp1.0)) (&& (== net47) (>= netcoreapp1.0)) (== netcoreapp2.0) (&& (== netstandard1.3) (>= netcoreapp1.0))
      System.AppContext (>= 4.1) - restriction: || (&& (== net47) (< net451)) (== netcoreapp2.0) (== netstandard1.3)
      System.Collections (>= 4.0.11) - restriction: || (&& (== net47) (< net451)) (== netcoreapp2.0) (== netstandard1.3)
      System.IO (>= 4.1) - restriction: || (&& (== net47) (< net451)) (== netcoreapp2.0) (== netstandard1.3)
      System.IO.FileSystem (>= 4.0.1) - restriction: || (&& (== net47) (< net451)) (== netcoreapp2.0) (== netstandard1.3)
      System.Reflection.TypeExtensions (>= 4.1) - restriction: || (&& (== net47) (< net451)) (== netcoreapp2.0) (== netstandard1.3)
      System.Runtime.Extensions (>= 4.1) - restriction: || (&& (== net47) (< net451)) (== netcoreapp2.0) (== netstandard1.3)
      System.Runtime.InteropServices (>= 4.1) - restriction: || (&& (== net47) (< net451)) (== netcoreapp2.0) (== netstandard1.3)
      System.Runtime.InteropServices.RuntimeInformation (>= 4.0) - restriction: || (&& (== net47) (< net451)) (== netcoreapp2.0) (== netstandard1.3)
    Microsoft.DotNet.PlatformAbstractions (2.0.4) - restriction: || (&& (== net451) (>= netcoreapp1.0)) (&& (== net47) (>= netcoreapp1.0)) (== netcoreapp2.0) (&& (== netstandard1.3) (>= netcoreapp1.0))
      System.AppContext (>= 4.1) - restriction: || (&& (== net451) (< net45) (>= netstandard1.3)) (&& (== net47) (< net45)) (== netcoreapp2.0) (== netstandard1.3)
      System.Collections (>= 4.0.11) - restriction: || (&& (== net451) (< net45) (>= netstandard1.3)) (&& (== net47) (< net45)) (== netcoreapp2.0) (== netstandard1.3)
      System.IO (>= 4.1) - restriction: || (&& (== net451) (< net45) (>= netstandard1.3)) (&& (== net47) (< net45)) (== netcoreapp2.0) (== netstandard1.3)
      System.IO.FileSystem (>= 4.0.1) - restriction: || (&& (== net451) (< net45) (>= netstandard1.3)) (&& (== net47) (< net45)) (== netcoreapp2.0) (== netstandard1.3)
      System.Reflection.TypeExtensions (>= 4.1) - restriction: || (&& (== net451) (< net45) (>= netstandard1.3)) (&& (== net47) (< net45)) (== netcoreapp2.0) (== netstandard1.3)
      System.Runtime.Extensions (>= 4.1) - restriction: || (&& (== net451) (< net45) (>= netstandard1.3)) (&& (== net47) (< net45)) (== netcoreapp2.0) (== netstandard1.3)
      System.Runtime.InteropServices (>= 4.1) - restriction: || (&& (== net451) (< net45) (>= netstandard1.3)) (&& (== net47) (< net45)) (== netcoreapp2.0) (== netstandard1.3)
      System.Runtime.InteropServices.RuntimeInformation (>= 4.0) - restriction: || (&& (== net451) (< net45) (>= netstandard1.3)) (&& (== net47) (< net45)) (== netcoreapp2.0) (== netstandard1.3)
    Microsoft.Extensions.DependencyModel (2.0.4) - restriction: || (&& (== net451) (>= netcoreapp1.0)) (&& (== net47) (>= netcoreapp1.0)) (== netcoreapp2.0) (&& (== netstandard1.3) (>= netcoreapp1.0))
      Microsoft.DotNet.PlatformAbstractions (>= 2.0.4)
      Newtonsoft.Json (>= 9.0.1)
      System.Diagnostics.Debug (>= 4.0.11) - restriction: || (&& (== net47) (< net451)) (== netcoreapp2.0) (== netstandard1.3)
      System.Dynamic.Runtime (>= 4.0.11) - restriction: || (&& (== net47) (< net451)) (== netcoreapp2.0) (== netstandard1.3)
      System.Linq (>= 4.1) - restriction: || (&& (== net47) (< net451)) (== netcoreapp2.0) (== netstandard1.3)
    Microsoft.NET.Test.Sdk (15.6)
      Microsoft.CodeCoverage (>= 1.0.3) - restriction: || (== net451) (== net47) (== netcoreapp2.0) (&& (== netstandard1.3) (>= net45)) (&& (== netstandard1.3) (>= netcoreapp1.0))
      Microsoft.TestPlatform.TestHost (>= 15.6) - restriction: || (&& (== net451) (>= netcoreapp1.0)) (&& (== net47) (>= netcoreapp1.0)) (== netcoreapp2.0) (&& (== netstandard1.3) (>= netcoreapp1.0))
    Microsoft.TestPlatform.ObjectModel (15.6) - restriction: || (&& (== net451) (>= netcoreapp1.0)) (&& (== net47) (>= netcoreapp1.0)) (== netcoreapp2.0) (&& (== netstandard1.3) (>= netcoreapp1.0))
      NETStandard.Library (>= 1.6) - restriction: || (&& (== net47) (< net451)) (== netcoreapp2.0) (&& (== netstandard1.3) (>= netstandard1.5))
      System.ComponentModel.EventBasedAsync (>= 4.0.11) - restriction: || (&& (== net47) (< net451)) (== netcoreapp2.0) (&& (== netstandard1.3) (>= netstandard1.5))
      System.ComponentModel.TypeConverter (>= 4.1) - restriction: || (&& (== net47) (< net451)) (== netcoreapp2.0) (&& (== netstandard1.3) (>= netstandard1.4)) (&& (== netstandard1.3) (>= netstandard1.5))
      System.Diagnostics.Process (>= 4.1) - restriction: || (&& (== net47) (< net451)) (== netcoreapp2.0) (&& (== netstandard1.3) (>= netstandard1.5))
      System.Diagnostics.TextWriterTraceListener (>= 4.0) - restriction: || (&& (== net47) (< net451)) (== netcoreapp2.0) (&& (== netstandard1.3) (>= netstandard1.5))
      System.Diagnostics.TraceSource (>= 4.0) - restriction: || (&& (== net47) (< net451)) (== netcoreapp2.0) (&& (== netstandard1.3) (>= netstandard1.5))
      System.Reflection.Metadata (>= 1.3) - restriction: || (== net451) (== net47) (== netcoreapp2.0) (&& (== netstandard1.3) (>= net451)) (&& (== netstandard1.3) (>= netstandard1.5))
      System.Reflection.TypeExtensions (>= 4.1) - restriction: || (&& (== net47) (< net451)) (== netcoreapp2.0) (&& (== netstandard1.3) (>= netstandard1.5))
      System.Runtime.InteropServices.RuntimeInformation (>= 4.0) - restriction: || (&& (== net47) (< net451)) (== netcoreapp2.0) (&& (== netstandard1.3) (>= netstandard1.4)) (&& (== netstandard1.3) (>= netstandard1.5))
      System.Runtime.Loader (>= 4.0) - restriction: || (&& (== net47) (< net451)) (== netcoreapp2.0) (&& (== netstandard1.3) (>= netstandard1.5))
      System.Runtime.Serialization.Json (>= 4.0.2) - restriction: || (&& (== net47) (< net451)) (== netcoreapp2.0) (&& (== netstandard1.3) (>= netstandard1.5))
      System.Runtime.Serialization.Primitives (>= 4.1.1) - restriction: || (&& (== net47) (< net451)) (== netcoreapp2.0) (&& (== netstandard1.3) (>= netstandard1.5))
      System.Threading.Thread (>= 4.0) - restriction: || (&& (== net47) (< net451)) (== netcoreapp2.0) (&& (== netstandard1.3) (>= netstandard1.5))
      System.Xml.XPath.XmlDocument (>= 4.0.1) - restriction: || (&& (== net47) (< net451)) (== netcoreapp2.0) (&& (== netstandard1.3) (>= netstandard1.5))
    Microsoft.TestPlatform.TestHost (15.6) - restriction: || (&& (== net451) (>= netcoreapp1.0)) (&& (== net47) (>= netcoreapp1.0)) (== netcoreapp2.0) (&& (== netstandard1.3) (>= netcoreapp1.0))
      Microsoft.Extensions.DependencyModel (>= 1.0.3) - restriction: || (&& (== net451) (>= netcoreapp1.0)) (&& (== net47) (>= netcoreapp1.0)) (== netcoreapp2.0) (&& (== netstandard1.3) (>= netcoreapp1.0))
      Microsoft.TestPlatform.ObjectModel (>= 15.6) - restriction: || (&& (== net451) (>= netcoreapp1.0)) (&& (== net451) (>= uap10.0)) (&& (== net47) (>= netcoreapp1.0)) (&& (== net47) (>= uap10.0)) (== netcoreapp2.0) (&& (== netstandard1.3) (>= netcoreapp1.0)) (&& (== netstandard1.3) (>= uap10.0))
      Newtonsoft.Json (>= 9.0.1) - restriction: || (&& (== net451) (>= netcoreapp1.0)) (&& (== net451) (>= uap10.0)) (&& (== net47) (>= netcoreapp1.0)) (&& (== net47) (>= uap10.0)) (== netcoreapp2.0) (&& (== netstandard1.3) (>= netcoreapp1.0)) (&& (== netstandard1.3) (>= uap10.0))
    Microsoft.Win32.Registry (4.4) - restriction: || (&& (== net451) (>= netcoreapp1.0)) (&& (== net47) (>= netcoreapp1.0)) (== netcoreapp2.0) (&& (== netstandard1.3) (>= netcoreapp1.0))
      Microsoft.NETCore.Platforms (>= 2.0) - restriction: || (&& (== net451) (>= netcoreapp2.0)) (&& (== net47) (>= netcoreapp2.0)) (== netcoreapp2.0) (&& (== netstandard1.3) (>= netcoreapp2.0))
      System.Security.AccessControl (>= 4.4) - restriction: || (&& (== net451) (>= monoandroid)) (&& (== net451) (>= monotouch)) (&& (== net451) (>= net461)) (&& (== net451) (>= netcoreapp2.0)) (&& (== net451) (>= netstandard2.0)) (&& (== net451) (>= xamarinios)) (&& (== net451) (>= xamarinmac)) (&& (== net451) (>= xamarintvos)) (&& (== net451) (>= xamarinwatchos)) (== net47) (== netcoreapp2.0) (&& (== netstandard1.3) (>= monoandroid)) (&& (== netstandard1.3) (>= monotouch)) (&& (== netstandard1.3) (>= net461)) (&& (== netstandard1.3) (>= netcoreapp2.0)) (&& (== netstandard1.3) (>= netstandard2.0)) (&& (== netstandard1.3) (>= xamarinios)) (&& (== netstandard1.3) (>= xamarinmac)) (&& (== netstandard1.3) (>= xamarintvos)) (&& (== netstandard1.3) (>= xamarinwatchos))
      System.Security.Principal.Windows (>= 4.4) - restriction: || (&& (== net451) (>= monoandroid)) (&& (== net451) (>= monotouch)) (&& (== net451) (>= net461)) (&& (== net451) (>= netcoreapp2.0)) (&& (== net451) (>= netstandard2.0)) (&& (== net451) (>= xamarinios)) (&& (== net451) (>= xamarinmac)) (&& (== net451) (>= xamarintvos)) (&& (== net451) (>= xamarinwatchos)) (== net47) (== netcoreapp2.0) (&& (== netstandard1.3) (>= monoandroid)) (&& (== netstandard1.3) (>= monotouch)) (&& (== netstandard1.3) (>= net461)) (&& (== netstandard1.3) (>= netcoreapp2.0)) (&& (== netstandard1.3) (>= netstandard2.0)) (&& (== netstandard1.3) (>= xamarinios)) (&& (== netstandard1.3) (>= xamarinmac)) (&& (== netstandard1.3) (>= xamarintvos)) (&& (== netstandard1.3) (>= xamarinwatchos))
    Newtonsoft.Json (10.0.3) - restriction: || (&& (== net451) (>= netcoreapp1.0)) (&& (== net47) (>= netcoreapp1.0)) (== netcoreapp2.0) (&& (== netstandard1.3) (>= netcoreapp1.0))
      Microsoft.CSharp (>= 4.3) - restriction: || (&& (== net451) (< net20)) (&& (== net47) (< net20)) (== netcoreapp2.0) (== netstandard1.3)
      NETStandard.Library (>= 1.6.1) - restriction: || (&& (== net451) (< net20)) (&& (== net47) (< net20)) (== netcoreapp2.0) (== netstandard1.3)
      System.ComponentModel.TypeConverter (>= 4.3) - restriction: || (&& (== net451) (< net20)) (&& (== net47) (< net20)) (== netcoreapp2.0) (== netstandard1.3)
      System.Runtime.Serialization.Formatters (>= 4.3) - restriction: || (&& (== net451) (< net20) (>= netstandard1.3)) (&& (== net47) (< net20)) (== netcoreapp2.0) (== netstandard1.3)
      System.Runtime.Serialization.Primitives (>= 4.3) - restriction: || (&& (== net451) (< net20)) (&& (== net47) (< net20)) (== netcoreapp2.0) (== netstandard1.3)
      System.Xml.XmlDocument (>= 4.3) - restriction: || (&& (== net451) (< net20) (>= netstandard1.3)) (&& (== net47) (< net20)) (== netcoreapp2.0) (== netstandard1.3)
    NUnit (3.9)
      NETStandard.Library (>= 1.6) - restriction: || (&& (== net451) (>= monoandroid)) (&& (== net451) (< net20) (>= netstandard1.3)) (&& (== net451) (< net20) (>= netstandard1.6)) (&& (== net451) (>= uap10.0)) (&& (== net451) (>= xamarinios)) (&& (== net47) (>= monoandroid)) (&& (== net47) (< net20)) (&& (== net47) (>= uap10.0)) (&& (== net47) (>= xamarinios)) (== netcoreapp2.0) (== netstandard1.3)
      System.Runtime.Loader (>= 4.3) - restriction: || (&& (== net451) (< net20) (>= netstandard1.6)) (&& (== net47) (< net20) (>= netstandard1.6)) (== netcoreapp2.0) (&& (== netstandard1.3) (>= netstandard1.6))
      System.Threading.Thread (>= 4.3) - restriction: || (&& (== net451) (< net20) (>= netstandard1.6)) (&& (== net47) (< net20) (>= netstandard1.6)) (== netcoreapp2.0) (&& (== netstandard1.3) (>= netstandard1.6))
    NUnit3TestAdapter (3.9)
      Microsoft.DotNet.InternalAbstractions (>= 1.0) - restriction: || (&& (== net451) (>= netcoreapp1.0)) (&& (== net47) (>= netcoreapp1.0)) (== netcoreapp2.0) (&& (== netstandard1.3) (>= netcoreapp1.0))
      System.ComponentModel.EventBasedAsync (>= 4.3) - restriction: || (&& (== net451) (>= netcoreapp1.0)) (&& (== net47) (>= netcoreapp1.0)) (== netcoreapp2.0) (&& (== netstandard1.3) (>= netcoreapp1.0))
      System.ComponentModel.TypeConverter (>= 4.3) - restriction: || (&& (== net451) (>= netcoreapp1.0)) (&& (== net47) (>= netcoreapp1.0)) (== netcoreapp2.0) (&& (== netstandard1.3) (>= netcoreapp1.0))
      System.Diagnostics.Process (>= 4.3) - restriction: || (&& (== net451) (>= netcoreapp1.0)) (&& (== net47) (>= netcoreapp1.0)) (== netcoreapp2.0) (&& (== netstandard1.3) (>= netcoreapp1.0))
      System.Reflection (>= 4.3) - restriction: || (&& (== net451) (>= netcoreapp1.0)) (&& (== net47) (>= netcoreapp1.0)) (== netcoreapp2.0) (&& (== netstandard1.3) (>= netcoreapp1.0))
      System.Threading.Thread (>= 4.3) - restriction: || (&& (== net451) (>= netcoreapp1.0)) (&& (== net47) (>= netcoreapp1.0)) (== netcoreapp2.0) (&& (== netstandard1.3) (>= netcoreapp1.0))
      System.Xml.XmlDocument (>= 4.3) - restriction: || (&& (== net451) (>= netcoreapp1.0)) (&& (== net47) (>= netcoreapp1.0)) (== netcoreapp2.0) (&& (== netstandard1.3) (>= netcoreapp1.0))
      System.Xml.XPath.XmlDocument (>= 4.3) - restriction: || (&& (== net451) (>= netcoreapp1.0)) (&& (== net47) (>= netcoreapp1.0)) (== netcoreapp2.0) (&& (== netstandard1.3) (>= netcoreapp1.0))
    OneOf (2.1.115)
      NETStandard.Library (>= 1.6.1) - restriction: || (&& (== net47) (< net451)) (== netcoreapp2.0) (== netstandard1.3)
    runtime.debian.8-x64.runtime.native.System.Security.Cryptography.OpenSsl (4.3.2) - restriction: || (&& (== net451) (== net47) (>= uap10.0)) (&& (== net451) (== netcoreapp2.0)) (&& (== net47) (== netcoreapp2.0)) (&& (== net47) (< net45)) (&& (== net47) (< net451) (< netstandard1.4)) (&& (== net47) (< netstandard1.5) (>= uap10.0)) (&& (== netcoreapp2.0) (< netstandard1.4)) (&& (== netcoreapp2.0) (< netstandard1.5)) (&& (== netcoreapp2.0) (< netstandard1.6)) (&& (== netcoreapp2.0) (< netstandard2.0)) (== netstandard1.3)
    runtime.fedora.23-x64.runtime.native.System.Security.Cryptography.OpenSsl (4.3.2) - restriction: || (&& (== net451) (== net47) (>= uap10.0)) (&& (== net451) (== netcoreapp2.0)) (&& (== net47) (== netcoreapp2.0)) (&& (== net47) (< net45)) (&& (== net47) (< net451) (< netstandard1.4)) (&& (== net47) (< netstandard1.5) (>= uap10.0)) (&& (== netcoreapp2.0) (< netstandard1.4)) (&& (== netcoreapp2.0) (< netstandard1.5)) (&& (== netcoreapp2.0) (< netstandard1.6)) (&& (== netcoreapp2.0) (< netstandard2.0)) (== netstandard1.3)
    runtime.fedora.24-x64.runtime.native.System.Security.Cryptography.OpenSsl (4.3.2) - restriction: || (&& (== net451) (== net47) (>= uap10.0)) (&& (== net451) (== netcoreapp2.0)) (&& (== net47) (== netcoreapp2.0)) (&& (== net47) (< net45)) (&& (== net47) (< net451) (< netstandard1.4)) (&& (== net47) (< netstandard1.5) (>= uap10.0)) (&& (== netcoreapp2.0) (< netstandard1.4)) (&& (== netcoreapp2.0) (< netstandard1.5)) (&& (== netcoreapp2.0) (< netstandard1.6)) (&& (== netcoreapp2.0) (< netstandard2.0)) (== netstandard1.3)
    runtime.native.System.IO.Compression (4.3.1) - restriction: || (&& (== net451) (== net47) (>= uap10.0)) (&& (== net451) (== netcoreapp2.0)) (&& (== net47) (== netcoreapp2.0)) (&& (== net47) (>= dnxcore50)) (&& (== net47) (< net45)) (&& (== net47) (< netstandard1.5) (>= uap10.0)) (&& (== netcoreapp2.0) (>= dnxcore50)) (&& (== netcoreapp2.0) (< netstandard1.3)) (&& (== netcoreapp2.0) (< netstandard1.4)) (&& (== netcoreapp2.0) (< netstandard1.5)) (&& (== netcoreapp2.0) (< netstandard1.6)) (&& (== netcoreapp2.0) (< netstandard2.0)) (&& (== netcoreapp2.0) (< portable-net451+win81+wpa81)) (== netstandard1.3)
      Microsoft.NETCore.Platforms (>= 1.1)
      Microsoft.NETCore.Targets (>= 1.1.1)
    runtime.native.System.Security.Cryptography.OpenSsl (4.3.2) - restriction: || (&& (== net451) (== net47) (>= uap10.0)) (&& (== net451) (== netcoreapp2.0)) (&& (== net47) (== netcoreapp2.0)) (&& (== net47) (< net45)) (&& (== net47) (< net451) (< netstandard1.4)) (&& (== net47) (< netstandard1.5) (>= uap10.0)) (&& (== netcoreapp2.0) (< netstandard1.4)) (&& (== netcoreapp2.0) (< netstandard1.5)) (&& (== netcoreapp2.0) (< netstandard1.6)) (&& (== netcoreapp2.0) (< netstandard2.0)) (== netstandard1.3)
      runtime.debian.8-x64.runtime.native.System.Security.Cryptography.OpenSsl (>= 4.3.2)
      runtime.fedora.23-x64.runtime.native.System.Security.Cryptography.OpenSsl (>= 4.3.2)
      runtime.fedora.24-x64.runtime.native.System.Security.Cryptography.OpenSsl (>= 4.3.2)
      runtime.opensuse.13.2-x64.runtime.native.System.Security.Cryptography.OpenSsl (>= 4.3.2)
      runtime.opensuse.42.1-x64.runtime.native.System.Security.Cryptography.OpenSsl (>= 4.3.2)
      runtime.osx.10.10-x64.runtime.native.System.Security.Cryptography.OpenSsl (>= 4.3.2)
      runtime.rhel.7-x64.runtime.native.System.Security.Cryptography.OpenSsl (>= 4.3.2)
      runtime.ubuntu.14.04-x64.runtime.native.System.Security.Cryptography.OpenSsl (>= 4.3.2)
      runtime.ubuntu.16.04-x64.runtime.native.System.Security.Cryptography.OpenSsl (>= 4.3.2)
      runtime.ubuntu.16.10-x64.runtime.native.System.Security.Cryptography.OpenSsl (>= 4.3.2)
    runtime.opensuse.13.2-x64.runtime.native.System.Security.Cryptography.OpenSsl (4.3.2) - restriction: || (&& (== net451) (== net47) (>= uap10.0)) (&& (== net451) (== netcoreapp2.0)) (&& (== net47) (== netcoreapp2.0)) (&& (== net47) (< net45)) (&& (== net47) (< net451) (< netstandard1.4)) (&& (== net47) (< netstandard1.5) (>= uap10.0)) (&& (== netcoreapp2.0) (< netstandard1.4)) (&& (== netcoreapp2.0) (< netstandard1.5)) (&& (== netcoreapp2.0) (< netstandard1.6)) (&& (== netcoreapp2.0) (< netstandard2.0)) (== netstandard1.3)
    runtime.opensuse.42.1-x64.runtime.native.System.Security.Cryptography.OpenSsl (4.3.2) - restriction: || (&& (== net451) (== net47) (>= uap10.0)) (&& (== net451) (== netcoreapp2.0)) (&& (== net47) (== netcoreapp2.0)) (&& (== net47) (< net45)) (&& (== net47) (< net451) (< netstandard1.4)) (&& (== net47) (< netstandard1.5) (>= uap10.0)) (&& (== netcoreapp2.0) (< netstandard1.4)) (&& (== netcoreapp2.0) (< netstandard1.5)) (&& (== netcoreapp2.0) (< netstandard1.6)) (&& (== netcoreapp2.0) (< netstandard2.0)) (== netstandard1.3)
    runtime.osx.10.10-x64.runtime.native.System.Security.Cryptography.OpenSsl (4.3.2) - restriction: || (&& (== net451) (== net47) (>= uap10.0)) (&& (== net451) (== netcoreapp2.0)) (&& (== net47) (== netcoreapp2.0)) (&& (== net47) (< net45)) (&& (== net47) (< net451) (< netstandard1.4)) (&& (== net47) (< netstandard1.5) (>= uap10.0)) (&& (== netcoreapp2.0) (< netstandard1.4)) (&& (== netcoreapp2.0) (< netstandard1.5)) (&& (== netcoreapp2.0) (< netstandard1.6)) (&& (== netcoreapp2.0) (< netstandard2.0)) (== netstandard1.3)
    runtime.rhel.7-x64.runtime.native.System.Security.Cryptography.OpenSsl (4.3.2) - restriction: || (&& (== net451) (== net47) (>= uap10.0)) (&& (== net451) (== netcoreapp2.0)) (&& (== net47) (== netcoreapp2.0)) (&& (== net47) (< net45)) (&& (== net47) (< net451) (< netstandard1.4)) (&& (== net47) (< netstandard1.5) (>= uap10.0)) (&& (== netcoreapp2.0) (< netstandard1.4)) (&& (== netcoreapp2.0) (< netstandard1.5)) (&& (== netcoreapp2.0) (< netstandard1.6)) (&& (== netcoreapp2.0) (< netstandard2.0)) (== netstandard1.3)
    runtime.ubuntu.14.04-x64.runtime.native.System.Security.Cryptography.OpenSsl (4.3.2) - restriction: || (&& (== net451) (== net47) (>= uap10.0)) (&& (== net451) (== netcoreapp2.0)) (&& (== net47) (== netcoreapp2.0)) (&& (== net47) (< net45)) (&& (== net47) (< net451) (< netstandard1.4)) (&& (== net47) (< netstandard1.5) (>= uap10.0)) (&& (== netcoreapp2.0) (< netstandard1.4)) (&& (== netcoreapp2.0) (< netstandard1.5)) (&& (== netcoreapp2.0) (< netstandard1.6)) (&& (== netcoreapp2.0) (< netstandard2.0)) (== netstandard1.3)
    runtime.ubuntu.16.04-x64.runtime.native.System.Security.Cryptography.OpenSsl (4.3.2) - restriction: || (&& (== net451) (== net47) (>= uap10.0)) (&& (== net451) (== netcoreapp2.0)) (&& (== net47) (== netcoreapp2.0)) (&& (== net47) (< net45)) (&& (== net47) (< net451) (< netstandard1.4)) (&& (== net47) (< netstandard1.5) (>= uap10.0)) (&& (== netcoreapp2.0) (< netstandard1.4)) (&& (== netcoreapp2.0) (< netstandard1.5)) (&& (== netcoreapp2.0) (< netstandard1.6)) (&& (== netcoreapp2.0) (< netstandard2.0)) (== netstandard1.3)
    runtime.ubuntu.16.10-x64.runtime.native.System.Security.Cryptography.OpenSsl (4.3.2) - restriction: || (&& (== net451) (== net47) (>= uap10.0)) (&& (== net451) (== netcoreapp2.0)) (&& (== net47) (== netcoreapp2.0)) (&& (== net47) (< net45)) (&& (== net47) (< net451) (< netstandard1.4)) (&& (== net47) (< netstandard1.5) (>= uap10.0)) (&& (== netcoreapp2.0) (< netstandard1.4)) (&& (== netcoreapp2.0) (< netstandard1.5)) (&& (== netcoreapp2.0) (< netstandard1.6)) (&& (== netcoreapp2.0) (< netstandard2.0)) (== netstandard1.3)
    System.Buffers (4.4) - restriction: || (&& (== net451) (== net47) (>= uap10.0)) (&& (== net451) (== netcoreapp2.0)) (&& (== net47) (== netcoreapp2.0)) (&& (== net47) (>= dnxcore50)) (&& (== net47) (< net45)) (&& (== net47) (< netstandard1.5) (>= uap10.0)) (&& (== netcoreapp2.0) (>= dnxcore50)) (&& (== netcoreapp2.0) (< netstandard1.3)) (&& (== netcoreapp2.0) (< netstandard1.4)) (&& (== netcoreapp2.0) (< netstandard1.5)) (&& (== netcoreapp2.0) (< netstandard1.6)) (&& (== netcoreapp2.0) (< netstandard2.0)) (&& (== netcoreapp2.0) (< portable-net451+win81+wpa81)) (== netstandard1.3)
      System.Diagnostics.Debug (>= 4.3) - restriction: || (== net451) (== net47) (&& (== netcoreapp2.0) (< netstandard2.0)) (== netstandard1.3)
      System.Diagnostics.Tracing (>= 4.3) - restriction: || (== net451) (== net47) (&& (== netcoreapp2.0) (< netstandard2.0)) (== netstandard1.3)
      System.Resources.ResourceManager (>= 4.3) - restriction: || (== net451) (== net47) (&& (== netcoreapp2.0) (< netstandard2.0)) (== netstandard1.3)
      System.Runtime (>= 4.3) - restriction: || (== net451) (== net47) (&& (== netcoreapp2.0) (< netstandard2.0)) (== netstandard1.3)
      System.Threading (>= 4.3) - restriction: || (== net451) (== net47) (&& (== netcoreapp2.0) (< netstandard2.0)) (== netstandard1.3)
    System.Collections.NonGeneric (4.3) - restriction: || (&& (== net451) (>= netcoreapp1.0)) (&& (== net47) (>= netcoreapp1.0)) (== netcoreapp2.0) (&& (== netstandard1.3) (>= netcoreapp1.0))
      System.Diagnostics.Debug (>= 4.3) - restriction: || (&& (== net451) (>= netstandard1.3)) (&& (== net47) (< net46)) (== netcoreapp2.0) (== netstandard1.3)
      System.Globalization (>= 4.3) - restriction: || (&& (== net451) (>= netstandard1.3)) (&& (== net47) (< net46)) (== netcoreapp2.0) (== netstandard1.3)
      System.Resources.ResourceManager (>= 4.3) - restriction: || (&& (== net451) (>= netstandard1.3)) (&& (== net47) (< net46)) (== netcoreapp2.0) (== netstandard1.3)
      System.Runtime (>= 4.3) - restriction: || (&& (== net451) (>= netstandard1.3)) (&& (== net47) (< net46)) (== netcoreapp2.0) (== netstandard1.3)
      System.Runtime.Extensions (>= 4.3) - restriction: || (&& (== net451) (>= netstandard1.3)) (&& (== net47) (< net46)) (== netcoreapp2.0) (== netstandard1.3)
      System.Threading (>= 4.3) - restriction: || (&& (== net451) (>= netstandard1.3)) (&& (== net47) (< net46)) (== netcoreapp2.0) (== netstandard1.3)
    System.Collections.Specialized (4.3) - restriction: || (&& (== net451) (>= netcoreapp1.0)) (&& (== net47) (>= netcoreapp1.0)) (== netcoreapp2.0) (&& (== netstandard1.3) (>= netcoreapp1.0))
      System.Collections.NonGeneric (>= 4.3) - restriction: || (&& (== net451) (>= netstandard1.3)) (&& (== net47) (< net46)) (== netcoreapp2.0) (== netstandard1.3)
      System.Globalization (>= 4.3) - restriction: || (&& (== net451) (>= netstandard1.3)) (&& (== net47) (< net46)) (== netcoreapp2.0) (== netstandard1.3)
      System.Globalization.Extensions (>= 4.3) - restriction: || (&& (== net451) (>= netstandard1.3)) (&& (== net47) (< net46)) (== netcoreapp2.0) (== netstandard1.3)
      System.Resources.ResourceManager (>= 4.3) - restriction: || (&& (== net451) (>= netstandard1.3)) (&& (== net47) (< net46)) (== netcoreapp2.0) (== netstandard1.3)
      System.Runtime (>= 4.3) - restriction: || (&& (== net451) (>= netstandard1.3)) (&& (== net47) (< net46)) (== netcoreapp2.0) (== netstandard1.3)
      System.Runtime.Extensions (>= 4.3) - restriction: || (&& (== net451) (>= netstandard1.3)) (&& (== net47) (< net46)) (== netcoreapp2.0) (== netstandard1.3)
      System.Threading (>= 4.3) - restriction: || (&& (== net451) (>= netstandard1.3)) (&& (== net47) (< net46)) (== netcoreapp2.0) (== netstandard1.3)
    System.ComponentModel (4.3) - restriction: || (&& (== net451) (>= netcoreapp1.0)) (&& (== net47) (>= netcoreapp1.0)) (== netcoreapp2.0) (&& (== netstandard1.3) (>= netcoreapp1.0))
      System.Runtime (>= 4.3) - restriction: || (&& (== net451) (>= dnxcore50)) (&& (== net451) (< net45)) (&& (== net47) (>= dnxcore50)) (&& (== net47) (< net45)) (== netcoreapp2.0) (== netstandard1.3)
    System.ComponentModel.EventBasedAsync (4.3) - restriction: || (&& (== net451) (>= netcoreapp1.0)) (&& (== net47) (>= netcoreapp1.0)) (== netcoreapp2.0) (&& (== netstandard1.3) (>= netcoreapp1.0))
      System.Resources.ResourceManager (>= 4.3) - restriction: || (&& (== net451) (>= dnxcore50)) (&& (== net451) (< net45) (>= netstandard1.3)) (&& (== net47) (>= dnxcore50)) (&& (== net47) (< net45)) (== netcoreapp2.0) (== netstandard1.3)
      System.Runtime (>= 4.3) - restriction: || (&& (== net451) (>= dnxcore50)) (&& (== net451) (< net45)) (&& (== net47) (>= dnxcore50)) (&& (== net47) (< net45)) (== netcoreapp2.0) (== netstandard1.3)
      System.Threading (>= 4.3) - restriction: || (&& (== net451) (>= dnxcore50)) (&& (== net451) (< net45) (>= netstandard1.3)) (&& (== net47) (>= dnxcore50)) (&& (== net47) (< net45)) (== netcoreapp2.0) (== netstandard1.3)
      System.Threading.Tasks (>= 4.3) - restriction: || (&& (== net451) (>= dnxcore50)) (&& (== net451) (< net45) (>= netstandard1.3)) (&& (== net47) (>= dnxcore50)) (&& (== net47) (< net45)) (== netcoreapp2.0) (== netstandard1.3)
    System.ComponentModel.Primitives (4.3) - restriction: || (&& (== net451) (>= netcoreapp1.0)) (&& (== net47) (>= netcoreapp1.0)) (== netcoreapp2.0) (&& (== netstandard1.3) (>= netcoreapp1.0))
      System.ComponentModel (>= 4.3) - restriction: || (&& (== net451) (< net45)) (&& (== net47) (< net45)) (== netcoreapp2.0) (== netstandard1.3)
      System.Resources.ResourceManager (>= 4.3) - restriction: || (&& (== net451) (< net45)) (&& (== net47) (< net45)) (== netcoreapp2.0) (== netstandard1.3)
      System.Runtime (>= 4.3) - restriction: || (&& (== net451) (< net45)) (&& (== net47) (< net45)) (== netcoreapp2.0) (== netstandard1.3)
    System.ComponentModel.TypeConverter (4.3) - restriction: || (&& (== net451) (>= netcoreapp1.0)) (&& (== net47) (>= netcoreapp1.0)) (== netcoreapp2.0) (&& (== netstandard1.3) (>= netcoreapp1.0))
      System.Collections (>= 4.3) - restriction: || (&& (== net451) (< net45)) (&& (== net47) (< net45)) (== netcoreapp2.0) (== netstandard1.3)
      System.Collections.NonGeneric (>= 4.3) - restriction: || (&& (== net451) (< net45) (>= netstandard1.5)) (&& (== net451) (>= net462)) (== net47) (== netcoreapp2.0) (&& (== netstandard1.3) (>= net462)) (&& (== netstandard1.3) (>= netstandard1.5))
      System.Collections.Specialized (>= 4.3) - restriction: || (&& (== net451) (< net45) (>= netstandard1.5)) (&& (== net47) (< net45)) (== netcoreapp2.0) (&& (== netstandard1.3) (>= netstandard1.5))
      System.ComponentModel (>= 4.3) - restriction: || (&& (== net451) (< net45)) (&& (== net47) (< net45)) (== netcoreapp2.0) (== netstandard1.3)
      System.ComponentModel.Primitives (>= 4.3)
      System.Globalization (>= 4.3) - restriction: || (&& (== net451) (< net45)) (&& (== net47) (< net45)) (== netcoreapp2.0) (== netstandard1.3)
      System.Linq (>= 4.3) - restriction: || (&& (== net451) (< net45) (>= netstandard1.5)) (&& (== net47) (< net45)) (== netcoreapp2.0) (&& (== netstandard1.3) (>= netstandard1.5))
      System.Reflection (>= 4.3) - restriction: || (&& (== net451) (< net45)) (&& (== net47) (< net45)) (== netcoreapp2.0) (== netstandard1.3)
      System.Reflection.Extensions (>= 4.3) - restriction: || (&& (== net451) (< net45)) (&& (== net47) (< net45)) (== netcoreapp2.0) (== netstandard1.3)
      System.Reflection.Primitives (>= 4.3) - restriction: || (&& (== net451) (< net45)) (&& (== net47) (< net45)) (== netcoreapp2.0) (== netstandard1.3)
      System.Reflection.TypeExtensions (>= 4.3) - restriction: || (&& (== net451) (< net45) (>= netstandard1.5)) (&& (== net47) (< net45)) (== netcoreapp2.0) (&& (== netstandard1.3) (>= netstandard1.5))
      System.Resources.ResourceManager (>= 4.3) - restriction: || (&& (== net451) (< net45)) (&& (== net47) (< net45)) (== netcoreapp2.0) (== netstandard1.3)
      System.Runtime (>= 4.3) - restriction: || (&& (== net451) (< net45)) (&& (== net47) (< net45)) (== netcoreapp2.0) (== netstandard1.3)
      System.Runtime.Extensions (>= 4.3) - restriction: || (&& (== net451) (< net45)) (&& (== net47) (< net45)) (== netcoreapp2.0) (== netstandard1.3)
      System.Threading (>= 4.3) - restriction: || (&& (== net451) (< net45)) (&& (== net47) (< net45)) (== netcoreapp2.0) (== netstandard1.3)
    System.Console (4.3) - restriction: || (&& (== net451) (== net47) (>= uap10.0)) (&& (== net451) (== netcoreapp2.0)) (&& (== net47) (== netcoreapp2.0)) (&& (== net47) (< net45)) (&& (== net47) (< net451) (< netstandard1.4)) (&& (== net47) (< netstandard1.5) (>= uap10.0)) (&& (== netcoreapp2.0) (< netstandard1.4)) (&& (== netcoreapp2.0) (< netstandard1.5)) (&& (== netcoreapp2.0) (< netstandard1.6)) (&& (== netcoreapp2.0) (< netstandard2.0)) (== netstandard1.3)
      Microsoft.NETCore.Platforms (>= 1.1) - restriction: || (&& (== net451) (>= netstandard1.3)) (&& (== net47) (< net46)) (== netcoreapp2.0) (== netstandard1.3)
      Microsoft.NETCore.Targets (>= 1.1) - restriction: || (&& (== net451) (>= netstandard1.3)) (&& (== net47) (< net46)) (== netcoreapp2.0) (== netstandard1.3)
      System.IO (>= 4.3) - restriction: || (&& (== net451) (>= netstandard1.3)) (&& (== net47) (< net46)) (== netcoreapp2.0) (== netstandard1.3)
      System.Runtime (>= 4.3) - restriction: || (&& (== net451) (>= netstandard1.3)) (&& (== net47) (< net46)) (== netcoreapp2.0) (== netstandard1.3)
      System.Text.Encoding (>= 4.3) - restriction: || (&& (== net451) (>= netstandard1.3)) (&& (== net47) (< net46)) (== netcoreapp2.0) (== netstandard1.3)
    System.Diagnostics.DiagnosticSource (4.4.1) - restriction: || (&& (== net451) (== net47) (>= uap10.0)) (&& (== net451) (== netcoreapp2.0)) (&& (== net47) (== netcoreapp2.0)) (&& (== net47) (>= dnxcore50)) (&& (== net47) (< net45)) (&& (== net47) (< netstandard1.5) (>= uap10.0)) (&& (== netcoreapp2.0) (>= dnxcore50)) (&& (== netcoreapp2.0) (< netstandard1.3)) (&& (== netcoreapp2.0) (< netstandard1.4)) (&& (== netcoreapp2.0) (< netstandard1.5)) (&& (== netcoreapp2.0) (< netstandard1.6)) (&& (== netcoreapp2.0) (< netstandard2.0)) (&& (== netcoreapp2.0) (< portable-net451+win81+wpa81)) (== netstandard1.3)
      System.Collections (>= 4.3) - restriction: || (&& (== net451) (< net45)) (&& (== net47) (< net45)) (&& (== netcoreapp2.0) (< netstandard1.3)) (== netstandard1.3)
      System.Diagnostics.Debug (>= 4.3) - restriction: || (&& (== net451) (< net45) (>= netstandard1.3)) (&& (== net47) (< net45)) (== netstandard1.3)
      System.Diagnostics.Tracing (>= 4.3) - restriction: || (&& (== net451) (< net45)) (&& (== net47) (< net45)) (&& (== netcoreapp2.0) (< netstandard1.3)) (== netstandard1.3)
      System.Reflection (>= 4.3) - restriction: || (&& (== net451) (< net45)) (&& (== net47) (< net45)) (&& (== netcoreapp2.0) (< netstandard1.3)) (== netstandard1.3)
      System.Runtime (>= 4.3) - restriction: || (&& (== net451) (< net45)) (&& (== net47) (< net45)) (&& (== netcoreapp2.0) (< netstandard1.3)) (== netstandard1.3)
      System.Runtime.Extensions (>= 4.3) - restriction: || (&& (== net451) (< net45) (>= netstandard1.3)) (&& (== net47) (< net45)) (== netstandard1.3)
      System.Threading (>= 4.3) - restriction: || (&& (== net451) (< net45)) (&& (== net47) (< net45)) (&& (== netcoreapp2.0) (< netstandard1.3)) (== netstandard1.3)
    System.Diagnostics.Process (4.3) - restriction: || (&& (== net451) (>= netcoreapp1.0)) (&& (== net47) (>= netcoreapp1.0)) (== netcoreapp2.0) (&& (== netstandard1.3) (>= netcoreapp1.0))
      Microsoft.NETCore.Platforms (>= 1.1) - restriction: || (&& (== net451) (>= netstandard1.4)) (&& (== net47) (< net46)) (== netcoreapp2.0) (&& (== netstandard1.3) (>= netstandard1.4))
      Microsoft.Win32.Primitives (>= 4.3) - restriction: || (&& (== net451) (>= netstandard1.4)) (&& (== net47) (< net46)) (== netcoreapp2.0) (&& (== netstandard1.3) (>= netstandard1.4))
      Microsoft.Win32.Registry (>= 4.3) - restriction: || (&& (== net451) (>= netstandard1.4)) (&& (== net47) (< net46)) (== netcoreapp2.0) (&& (== netstandard1.3) (>= netstandard1.4))
      runtime.native.System (>= 4.3) - restriction: || (&& (== net451) (>= netstandard1.4)) (&& (== net47) (< net46)) (== netcoreapp2.0) (&& (== netstandard1.3) (>= netstandard1.4))
      System.Collections (>= 4.3) - restriction: || (&& (== net451) (>= netstandard1.4)) (&& (== net47) (< net46)) (== netcoreapp2.0) (&& (== netstandard1.3) (>= netstandard1.4))
      System.Diagnostics.Debug (>= 4.3) - restriction: || (&& (== net451) (>= netstandard1.4)) (&& (== net47) (< net46)) (== netcoreapp2.0) (&& (== netstandard1.3) (>= netstandard1.4))
      System.Globalization (>= 4.3) - restriction: || (&& (== net451) (>= netstandard1.4)) (&& (== net47) (< net46)) (== netcoreapp2.0) (&& (== netstandard1.3) (>= netstandard1.4))
      System.IO (>= 4.3) - restriction: || (&& (== net451) (>= netstandard1.3)) (&& (== net451) (>= netstandard1.4)) (&& (== net47) (< net46)) (== netcoreapp2.0) (== netstandard1.3)
      System.IO.FileSystem (>= 4.3) - restriction: || (&& (== net451) (>= netstandard1.4)) (&& (== net47) (< net46)) (== netcoreapp2.0) (&& (== netstandard1.3) (>= netstandard1.4))
      System.IO.FileSystem.Primitives (>= 4.3) - restriction: || (&& (== net451) (>= netstandard1.4)) (&& (== net47) (< net46)) (== netcoreapp2.0) (&& (== netstandard1.3) (>= netstandard1.4))
      System.Resources.ResourceManager (>= 4.3) - restriction: || (&& (== net451) (>= netstandard1.4)) (&& (== net47) (< net46)) (== netcoreapp2.0) (&& (== netstandard1.3) (>= netstandard1.4))
      System.Runtime (>= 4.3) - restriction: || (&& (== net451) (>= netstandard1.3)) (&& (== net451) (>= netstandard1.4)) (&& (== net47) (< net46)) (== netcoreapp2.0) (== netstandard1.3)
      System.Runtime.Extensions (>= 4.3) - restriction: || (&& (== net451) (>= netstandard1.4)) (&& (== net47) (< net46)) (== netcoreapp2.0) (&& (== netstandard1.3) (>= netstandard1.4))
      System.Runtime.Handles (>= 4.3) - restriction: || (&& (== net451) (>= netstandard1.3)) (&& (== net451) (>= netstandard1.4)) (&& (== net47) (< net46)) (== netcoreapp2.0) (== netstandard1.3)
      System.Runtime.InteropServices (>= 4.3) - restriction: || (&& (== net451) (>= netstandard1.4)) (&& (== net47) (< net46)) (== netcoreapp2.0) (&& (== netstandard1.3) (>= netstandard1.4))
      System.Text.Encoding (>= 4.3) - restriction: || (&& (== net451) (>= netstandard1.3)) (&& (== net451) (>= netstandard1.4)) (&& (== net47) (< net46)) (== netcoreapp2.0) (== netstandard1.3)
      System.Text.Encoding.Extensions (>= 4.3) - restriction: || (&& (== net451) (>= netstandard1.4)) (&& (== net47) (< net46)) (== netcoreapp2.0) (&& (== netstandard1.3) (>= netstandard1.4))
      System.Threading (>= 4.3) - restriction: || (&& (== net451) (>= netstandard1.4)) (&& (== net47) (< net46)) (== netcoreapp2.0) (&& (== netstandard1.3) (>= netstandard1.4))
      System.Threading.Tasks (>= 4.3) - restriction: || (&& (== net451) (>= netstandard1.4)) (&& (== net47) (< net46)) (== netcoreapp2.0) (&& (== netstandard1.3) (>= netstandard1.4))
      System.Threading.Thread (>= 4.3) - restriction: || (&& (== net451) (>= netstandard1.4)) (&& (== net47) (< net46)) (== netcoreapp2.0) (&& (== netstandard1.3) (>= netstandard1.4))
      System.Threading.ThreadPool (>= 4.3) - restriction: || (&& (== net451) (>= netstandard1.4)) (&& (== net47) (< net46)) (== netcoreapp2.0) (&& (== netstandard1.3) (>= netstandard1.4))
    System.Diagnostics.TextWriterTraceListener (4.3) - restriction: || (&& (== net451) (>= netcoreapp1.0)) (&& (== net47) (>= netcoreapp1.0)) (== netcoreapp2.0) (&& (== netstandard1.3) (>= netcoreapp1.0))
      System.Diagnostics.TraceSource (>= 4.3) - restriction: || (&& (== net451) (>= net46)) (&& (== net451) (>= netstandard1.3)) (== net47) (== netcoreapp2.0) (== netstandard1.3)
      System.Globalization (>= 4.3) - restriction: || (&& (== net451) (>= netstandard1.3)) (&& (== net47) (< net46)) (== netcoreapp2.0) (== netstandard1.3)
      System.IO (>= 4.3) - restriction: || (&& (== net451) (>= netstandard1.3)) (&& (== net47) (< net46)) (== netcoreapp2.0) (== netstandard1.3)
      System.Resources.ResourceManager (>= 4.3) - restriction: || (&& (== net451) (>= netstandard1.3)) (&& (== net47) (< net46)) (== netcoreapp2.0) (== netstandard1.3)
      System.Runtime (>= 4.3) - restriction: || (&& (== net451) (>= netstandard1.3)) (&& (== net47) (< net46)) (== netcoreapp2.0) (== netstandard1.3)
      System.Threading (>= 4.3) - restriction: || (&& (== net451) (>= netstandard1.3)) (&& (== net47) (< net46)) (== netcoreapp2.0) (== netstandard1.3)
    System.Diagnostics.TraceSource (4.3) - restriction: || (&& (== net451) (>= netcoreapp1.0)) (&& (== net47) (>= netcoreapp1.0)) (== netcoreapp2.0) (&& (== netstandard1.3) (>= netcoreapp1.0))
      Microsoft.NETCore.Platforms (>= 1.1) - restriction: || (&& (== net451) (>= netstandard1.3)) (&& (== net47) (< net46)) (== netcoreapp2.0) (== netstandard1.3)
      runtime.native.System (>= 4.3) - restriction: || (&& (== net451) (>= netstandard1.3)) (&& (== net47) (< net46)) (== netcoreapp2.0) (== netstandard1.3)
      System.Collections (>= 4.3) - restriction: || (&& (== net451) (>= netstandard1.3)) (&& (== net47) (< net46)) (== netcoreapp2.0) (== netstandard1.3)
      System.Diagnostics.Debug (>= 4.3) - restriction: || (&& (== net451) (>= netstandard1.3)) (&& (== net47) (< net46)) (== netcoreapp2.0) (== netstandard1.3)
      System.Globalization (>= 4.3) - restriction: || (&& (== net451) (>= netstandard1.3)) (&& (== net47) (< net46)) (== netcoreapp2.0) (== netstandard1.3)
      System.Resources.ResourceManager (>= 4.3) - restriction: || (&& (== net451) (>= netstandard1.3)) (&& (== net47) (< net46)) (== netcoreapp2.0) (== netstandard1.3)
      System.Runtime (>= 4.3) - restriction: || (&& (== net451) (>= netstandard1.3)) (&& (== net47) (< net46)) (== netcoreapp2.0) (== netstandard1.3)
      System.Runtime.Extensions (>= 4.3) - restriction: || (&& (== net451) (>= netstandard1.3)) (&& (== net47) (< net46)) (== netcoreapp2.0) (== netstandard1.3)
      System.Threading (>= 4.3) - restriction: || (&& (== net451) (>= netstandard1.3)) (&& (== net47) (< net46)) (== netcoreapp2.0) (== netstandard1.3)
    System.Dynamic.Runtime (4.3) - restriction: || (&& (== net451) (>= netcoreapp1.0)) (&& (== net47) (>= netcoreapp1.0)) (== netcoreapp2.0) (&& (== netstandard1.3) (>= netcoreapp1.0))
      System.Collections (>= 4.3) - restriction: || (&& (== net451) (>= dnxcore50)) (&& (== net451) (< net45) (>= netstandard1.3)) (&& (== net47) (>= dnxcore50)) (&& (== net47) (< net45)) (== netcoreapp2.0) (== netstandard1.3)
      System.Diagnostics.Debug (>= 4.3) - restriction: || (&& (== net451) (>= dnxcore50)) (&& (== net451) (< net45) (>= netstandard1.3)) (&& (== net47) (>= dnxcore50)) (&& (== net47) (< net45)) (== netcoreapp2.0) (== netstandard1.3)
      System.Linq (>= 4.3) - restriction: || (&& (== net451) (>= dnxcore50)) (&& (== net451) (< net45) (>= netstandard1.3)) (&& (== net47) (>= dnxcore50)) (&& (== net47) (< net45)) (== netcoreapp2.0) (== netstandard1.3)
      System.Linq.Expressions (>= 4.3) - restriction: || (&& (== net451) (>= dnxcore50)) (&& (== net451) (< net45)) (&& (== net47) (>= dnxcore50)) (&& (== net47) (< net45)) (== netcoreapp2.0) (== netstandard1.3)
      System.ObjectModel (>= 4.3) - restriction: || (&& (== net451) (>= dnxcore50)) (&& (== net451) (< net45)) (&& (== net47) (>= dnxcore50)) (&& (== net47) (< net45)) (== netcoreapp2.0) (== netstandard1.3)
      System.Reflection (>= 4.3) - restriction: || (&& (== net451) (>= dnxcore50)) (&& (== net451) (< net45)) (&& (== net47) (>= dnxcore50)) (&& (== net47) (< net45)) (== netcoreapp2.0) (== netstandard1.3)
      System.Reflection.Emit (>= 4.3) - restriction: || (&& (== net451) (< net45) (>= netstandard1.3)) (&& (== net47) (< net45)) (== netcoreapp2.0) (== netstandard1.3)
      System.Reflection.Emit.ILGeneration (>= 4.3) - restriction: || (&& (== net451) (< net45) (>= netstandard1.3)) (&& (== net47) (< net45)) (== netcoreapp2.0) (== netstandard1.3)
      System.Reflection.Primitives (>= 4.3) - restriction: || (&& (== net451) (< net45) (>= netstandard1.3)) (&& (== net47) (< net45)) (== netcoreapp2.0) (== netstandard1.3)
      System.Reflection.TypeExtensions (>= 4.3) - restriction: || (&& (== net451) (>= dnxcore50)) (&& (== net451) (< net45) (>= netstandard1.3)) (&& (== net47) (>= dnxcore50)) (&& (== net47) (< net45)) (== netcoreapp2.0) (== netstandard1.3)
      System.Resources.ResourceManager (>= 4.3) - restriction: || (&& (== net451) (>= dnxcore50)) (&& (== net451) (< net45) (>= netstandard1.3)) (&& (== net47) (>= dnxcore50)) (&& (== net47) (< net45)) (== netcoreapp2.0) (== netstandard1.3)
      System.Runtime (>= 4.3) - restriction: || (&& (== net451) (>= dnxcore50)) (&& (== net451) (< net45)) (&& (== net47) (>= dnxcore50)) (&& (== net47) (< net45)) (== netcoreapp2.0) (== netstandard1.3)
      System.Runtime.Extensions (>= 4.3) - restriction: || (&& (== net451) (>= dnxcore50)) (&& (== net451) (< net45) (>= netstandard1.3)) (&& (== net47) (>= dnxcore50)) (&& (== net47) (< net45)) (== netcoreapp2.0) (== netstandard1.3)
      System.Threading (>= 4.3) - restriction: || (&& (== net451) (>= dnxcore50)) (&& (== net451) (< net45) (>= netstandard1.3)) (&& (== net47) (>= dnxcore50)) (&& (== net47) (< net45)) (== netcoreapp2.0) (== netstandard1.3)
    System.Globalization.Calendars (4.3) - restriction: || (&& (== net451) (== net47) (>= uap10.0)) (&& (== net451) (== netcoreapp2.0)) (&& (== net47) (== netcoreapp2.0)) (&& (== net47) (< net45)) (&& (== net47) (< net451) (< netstandard1.4)) (&& (== net47) (< netstandard1.5) (>= uap10.0)) (&& (== netcoreapp2.0) (< netstandard1.4)) (&& (== netcoreapp2.0) (< netstandard1.5)) (&& (== netcoreapp2.0) (< netstandard1.6)) (&& (== netcoreapp2.0) (< netstandard2.0)) (== netstandard1.3)
      Microsoft.NETCore.Platforms (>= 1.1) - restriction: || (&& (== net451) (>= netstandard1.3)) (&& (== net47) (< net46)) (== netcoreapp2.0) (== netstandard1.3)
      Microsoft.NETCore.Targets (>= 1.1) - restriction: || (&& (== net451) (>= netstandard1.3)) (&& (== net47) (< net46)) (== netcoreapp2.0) (== netstandard1.3)
      System.Globalization (>= 4.3) - restriction: || (&& (== net451) (>= netstandard1.3)) (&& (== net47) (< net46)) (== netcoreapp2.0) (== netstandard1.3)
      System.Runtime (>= 4.3) - restriction: || (&& (== net451) (>= netstandard1.3)) (&& (== net47) (< net46)) (== netcoreapp2.0) (== netstandard1.3)
    System.Globalization.Extensions (4.3) - restriction: || (&& (== net451) (>= netcoreapp1.0)) (&& (== net47) (>= netcoreapp1.0)) (== netcoreapp2.0) (&& (== netstandard1.3) (>= netcoreapp1.0))
      Microsoft.NETCore.Platforms (>= 1.1) - restriction: || (&& (== net451) (>= netstandard1.3)) (&& (== net47) (< net46)) (== netcoreapp2.0) (== netstandard1.3)
      System.Globalization (>= 4.3) - restriction: || (&& (== net451) (>= netstandard1.3)) (&& (== net47) (< net46)) (== netcoreapp2.0) (== netstandard1.3)
      System.Resources.ResourceManager (>= 4.3) - restriction: || (&& (== net451) (>= netstandard1.3)) (&& (== net47) (< net46)) (== netcoreapp2.0) (== netstandard1.3)
      System.Runtime (>= 4.3) - restriction: || (&& (== net451) (>= netstandard1.3)) (&& (== net47) (< net46)) (== netcoreapp2.0) (== netstandard1.3)
      System.Runtime.Extensions (>= 4.3) - restriction: || (&& (== net451) (>= netstandard1.3)) (&& (== net47) (< net46)) (== netcoreapp2.0) (== netstandard1.3)
      System.Runtime.InteropServices (>= 4.3) - restriction: || (&& (== net451) (>= netstandard1.3)) (&& (== net47) (< net46)) (== netcoreapp2.0) (== netstandard1.3)
    System.IO.Compression (4.3) - restriction: || (&& (== net451) (== net47) (>= uap10.0)) (&& (== net451) (== netcoreapp2.0)) (&& (== net47) (== netcoreapp2.0)) (&& (== net47) (< net45)) (&& (== net47) (< net451) (< netstandard1.4)) (&& (== net47) (< netstandard1.5) (>= uap10.0)) (&& (== netcoreapp2.0) (< netstandard1.3)) (&& (== netcoreapp2.0) (< netstandard1.4)) (&& (== netcoreapp2.0) (< netstandard1.5)) (&& (== netcoreapp2.0) (< netstandard1.6)) (&& (== netcoreapp2.0) (< netstandard2.0)) (&& (== netcoreapp2.0) (< portable-net451+win81+wpa81)) (== netstandard1.3)
      Microsoft.NETCore.Platforms (>= 1.1) - restriction: || (&& (== net451) (< net45) (>= netstandard1.3)) (&& (== net47) (< net45)) (== netcoreapp2.0) (== netstandard1.3)
      runtime.native.System (>= 4.3) - restriction: || (&& (== net451) (< net45) (>= netstandard1.3)) (&& (== net47) (< net45)) (== netcoreapp2.0) (== netstandard1.3)
      runtime.native.System.IO.Compression (>= 4.3) - restriction: || (&& (== net451) (>= dnxcore50)) (&& (== net451) (< net45) (>= netstandard1.3)) (&& (== net47) (>= dnxcore50)) (&& (== net47) (< net45)) (== netcoreapp2.0) (== netstandard1.3)
      System.Buffers (>= 4.3) - restriction: || (&& (== net451) (>= dnxcore50)) (&& (== net451) (< net45) (>= netstandard1.3)) (&& (== net47) (>= dnxcore50)) (&& (== net47) (< net45)) (== netcoreapp2.0) (== netstandard1.3)
      System.Collections (>= 4.3) - restriction: || (&& (== net451) (>= dnxcore50)) (&& (== net451) (< net45) (>= netstandard1.3)) (&& (== net47) (>= dnxcore50)) (&& (== net47) (< net45)) (== netcoreapp2.0) (== netstandard1.3)
      System.Diagnostics.Debug (>= 4.3) - restriction: || (&& (== net451) (>= dnxcore50)) (&& (== net451) (< net45) (>= netstandard1.3)) (&& (== net47) (>= dnxcore50)) (&& (== net47) (< net45)) (== netcoreapp2.0) (== netstandard1.3)
      System.IO (>= 4.3) - restriction: || (&& (== net451) (>= dnxcore50)) (&& (== net451) (< net45)) (&& (== net47) (>= dnxcore50)) (&& (== net47) (< net45)) (== netcoreapp2.0) (== netstandard1.3)
      System.Resources.ResourceManager (>= 4.3) - restriction: || (&& (== net451) (>= dnxcore50)) (&& (== net451) (< net45) (>= netstandard1.3)) (&& (== net47) (>= dnxcore50)) (&& (== net47) (< net45)) (== netcoreapp2.0) (== netstandard1.3)
      System.Runtime (>= 4.3) - restriction: || (&& (== net451) (>= dnxcore50)) (&& (== net451) (< net45)) (&& (== net47) (>= dnxcore50)) (&& (== net47) (< net45)) (== netcoreapp2.0) (== netstandard1.3)
      System.Runtime.Extensions (>= 4.3) - restriction: || (&& (== net451) (>= dnxcore50)) (&& (== net451) (< net45) (>= netstandard1.3)) (&& (== net47) (>= dnxcore50)) (&& (== net47) (< net45)) (== netcoreapp2.0) (== netstandard1.3)
      System.Runtime.Handles (>= 4.3) - restriction: || (&& (== net451) (>= dnxcore50)) (&& (== net451) (< net45) (>= netstandard1.3)) (&& (== net47) (>= dnxcore50)) (&& (== net47) (< net45)) (== netcoreapp2.0) (== netstandard1.3)
      System.Runtime.InteropServices (>= 4.3) - restriction: || (&& (== net451) (>= dnxcore50)) (&& (== net451) (< net45) (>= netstandard1.3)) (&& (== net47) (>= dnxcore50)) (&& (== net47) (< net45)) (== netcoreapp2.0) (== netstandard1.3)
      System.Text.Encoding (>= 4.3) - restriction: || (&& (== net451) (>= dnxcore50)) (&& (== net451) (< net45)) (&& (== net47) (>= dnxcore50)) (&& (== net47) (< net45)) (== netcoreapp2.0) (== netstandard1.3)
      System.Threading (>= 4.3) - restriction: || (&& (== net451) (>= dnxcore50)) (&& (== net451) (< net45) (>= netstandard1.3)) (&& (== net47) (>= dnxcore50)) (&& (== net47) (< net45)) (== netcoreapp2.0) (== netstandard1.3)
      System.Threading.Tasks (>= 4.3) - restriction: || (&& (== net451) (>= dnxcore50)) (&& (== net451) (< net45) (>= netstandard1.3)) (&& (== net47) (>= dnxcore50)) (&& (== net47) (< net45)) (== netcoreapp2.0) (== netstandard1.3)
    System.IO.Compression.ZipFile (4.3) - restriction: || (&& (== net451) (== net47) (>= uap10.0)) (&& (== net451) (== netcoreapp2.0)) (&& (== net47) (== netcoreapp2.0)) (&& (== net47) (< net45)) (&& (== net47) (< net451) (< netstandard1.4)) (&& (== net47) (< netstandard1.5) (>= uap10.0)) (&& (== netcoreapp2.0) (< netstandard1.4)) (&& (== netcoreapp2.0) (< netstandard1.5)) (&& (== netcoreapp2.0) (< netstandard1.6)) (&& (== netcoreapp2.0) (< netstandard2.0)) (== netstandard1.3)
      System.Buffers (>= 4.3) - restriction: || (&& (== net451) (>= netstandard1.3)) (&& (== net47) (< net46)) (== netcoreapp2.0) (== netstandard1.3)
      System.IO (>= 4.3) - restriction: || (&& (== net451) (>= netstandard1.3)) (&& (== net47) (< net46)) (== netcoreapp2.0) (== netstandard1.3)
      System.IO.Compression (>= 4.3) - restriction: || (&& (== net451) (>= netstandard1.3)) (&& (== net47) (< net46)) (== netcoreapp2.0) (== netstandard1.3)
      System.IO.FileSystem (>= 4.3) - restriction: || (&& (== net451) (>= netstandard1.3)) (&& (== net47) (< net46)) (== netcoreapp2.0) (== netstandard1.3)
      System.IO.FileSystem.Primitives (>= 4.3) - restriction: || (&& (== net451) (>= netstandard1.3)) (&& (== net47) (< net46)) (== netcoreapp2.0) (== netstandard1.3)
      System.Resources.ResourceManager (>= 4.3) - restriction: || (&& (== net451) (>= netstandard1.3)) (&& (== net47) (< net46)) (== netcoreapp2.0) (== netstandard1.3)
      System.Runtime (>= 4.3) - restriction: || (&& (== net451) (>= netstandard1.3)) (&& (== net47) (< net46)) (== netcoreapp2.0) (== netstandard1.3)
      System.Runtime.Extensions (>= 4.3) - restriction: || (&& (== net451) (>= netstandard1.3)) (&& (== net47) (< net46)) (== netcoreapp2.0) (== netstandard1.3)
      System.Text.Encoding (>= 4.3) - restriction: || (&& (== net451) (>= netstandard1.3)) (&& (== net47) (< net46)) (== netcoreapp2.0) (== netstandard1.3)
    System.Net.Http (4.3.3) - restriction: || (&& (== net451) (== net47) (>= uap10.0)) (&& (== net451) (== netcoreapp2.0)) (&& (== net47) (== netcoreapp2.0)) (&& (== net47) (< net45)) (&& (== net47) (< net451) (< netstandard1.4)) (&& (== net47) (< netstandard1.5) (>= uap10.0)) (&& (== netcoreapp2.0) (< netstandard1.3)) (&& (== netcoreapp2.0) (< netstandard1.4)) (&& (== netcoreapp2.0) (< netstandard1.5)) (&& (== netcoreapp2.0) (< netstandard1.6)) (&& (== netcoreapp2.0) (< netstandard2.0)) (&& (== netcoreapp2.0) (< portable-net451+win81+wpa81)) (== netstandard1.3)
      Microsoft.NETCore.Platforms (>= 1.1) - restriction: || (&& (== net451) (>= dnxcore50)) (&& (== net451) (< net45) (>= netstandard1.3)) (&& (== net451) (< net45) (>= netstandard1.6)) (&& (== net47) (>= dnxcore50)) (&& (== net47) (< net45)) (== netcoreapp2.0) (== netstandard1.3)
      Microsoft.Win32.Primitives (>= 4.3) - restriction: || (&& (== net451) (< net45) (>= netstandard1.3)) (&& (== net47) (< net45)) (&& (== netcoreapp2.0) (< netstandard1.6)) (== netstandard1.3)
      System.Collections (>= 4.3) - restriction: || (&& (== net451) (>= dnxcore50)) (&& (== net451) (< net45) (>= netstandard1.3)) (&& (== net451) (< net45) (>= netstandard1.6)) (&& (== net47) (>= dnxcore50)) (&& (== net47) (< net45)) (== netcoreapp2.0) (== netstandard1.3)
      System.Diagnostics.Debug (>= 4.3) - restriction: || (&& (== net451) (>= dnxcore50)) (&& (== net451) (< net45) (>= netstandard1.3)) (&& (== net451) (< net45) (>= netstandard1.6)) (&& (== net47) (>= dnxcore50)) (&& (== net47) (< net45)) (== netcoreapp2.0) (== netstandard1.3)
      System.Diagnostics.DiagnosticSource (>= 4.3) - restriction: || (&& (== net451) (>= dnxcore50)) (&& (== net451) (< net45) (>= netstandard1.3)) (&& (== net451) (< net45) (>= netstandard1.6)) (&& (== net47) (>= dnxcore50)) (&& (== net47) (< net45)) (== netcoreapp2.0) (== netstandard1.3)
      System.Diagnostics.Tracing (>= 4.3) - restriction: || (&& (== net451) (>= dnxcore50)) (&& (== net451) (< net45) (>= netstandard1.3)) (&& (== net451) (< net45) (>= netstandard1.6)) (&& (== net47) (>= dnxcore50)) (&& (== net47) (< net45)) (== netcoreapp2.0) (== netstandard1.3)
      System.Globalization (>= 4.3) - restriction: || (&& (== net451) (>= dnxcore50)) (&& (== net451) (< net45) (>= netstandard1.3)) (&& (== net451) (< net45) (>= netstandard1.6)) (&& (== net47) (>= dnxcore50)) (&& (== net47) (< net45)) (== netcoreapp2.0) (== netstandard1.3)
      System.IO (>= 4.3) - restriction: || (&& (== net451) (>= dnxcore50)) (&& (== net451) (< net45)) (&& (== net47) (>= dnxcore50)) (&& (== net47) (< net45)) (== netcoreapp2.0) (== netstandard1.3)
      System.IO.Compression (>= 4.3) - restriction: || (&& (== net451) (< net45) (>= netstandard1.3)) (&& (== net47) (< net45)) (&& (== netcoreapp2.0) (< netstandard1.6)) (== netstandard1.3)
      System.Net.Primitives (>= 4.3) - restriction: || (&& (== net451) (>= dnxcore50)) (&& (== net451) (< net45)) (&& (== net47) (>= dnxcore50)) (&& (== net47) (< net45)) (== netcoreapp2.0) (== netstandard1.3)
      System.Resources.ResourceManager (>= 4.3) - restriction: || (&& (== net451) (>= dnxcore50)) (&& (== net451) (< net45) (>= netstandard1.3)) (&& (== net451) (< net45) (>= netstandard1.6)) (&& (== net47) (>= dnxcore50)) (&& (== net47) (< net45)) (== netcoreapp2.0) (== netstandard1.3)
      System.Runtime (>= 4.3) - restriction: || (&& (== net451) (>= dnxcore50)) (&& (== net451) (< net45)) (&& (== net47) (>= dnxcore50)) (&& (== net47) (< net45)) (== netcoreapp2.0) (== netstandard1.3)
      System.Runtime.Extensions (>= 4.3) - restriction: || (&& (== net451) (>= dnxcore50)) (&& (== net451) (< net45) (>= netstandard1.3)) (&& (== net451) (< net45) (>= netstandard1.6)) (&& (== net47) (>= dnxcore50)) (&& (== net47) (< net45)) (== netcoreapp2.0) (== netstandard1.3)
      System.Runtime.Handles (>= 4.3) - restriction: || (&& (== net451) (< net45) (>= netstandard1.3)) (&& (== net451) (< net45) (>= netstandard1.6)) (&& (== net47) (< net45)) (== netcoreapp2.0) (== netstandard1.3)
      System.Runtime.InteropServices (>= 4.3) - restriction: || (&& (== net451) (>= dnxcore50)) (&& (== net451) (< net45) (>= netstandard1.3)) (&& (== net451) (< net45) (>= netstandard1.6)) (&& (== net47) (>= dnxcore50)) (&& (== net47) (< net45)) (== netcoreapp2.0) (== netstandard1.3)
      System.Security.Cryptography.Encoding (>= 4.3) - restriction: || (&& (== net451) (< net45) (>= netstandard1.3)) (&& (== net451) (< net45) (>= netstandard1.6)) (&& (== net47) (< net45)) (== netcoreapp2.0) (== netstandard1.3)
      System.Security.Cryptography.X509Certificates (>= 4.3) - restriction: || (&& (== net451) (>= dnxcore50)) (&& (== net451) (< net45) (>= netstandard1.3)) (&& (== net451) (< net45) (>= netstandard1.6)) (&& (== net451) (>= net46)) (== net47) (== netcoreapp2.0) (== netstandard1.3)
      System.Text.Encoding (>= 4.3) - restriction: || (&& (== net451) (>= dnxcore50)) (&& (== net451) (< net45)) (&& (== net47) (>= dnxcore50)) (&& (== net47) (< net45)) (== netcoreapp2.0) (== netstandard1.3)
      System.Threading (>= 4.3) - restriction: || (&& (== net451) (>= dnxcore50)) (&& (== net451) (< net45) (>= netstandard1.3)) (&& (== net451) (< net45) (>= netstandard1.6)) (&& (== net47) (>= dnxcore50)) (&& (== net47) (< net45)) (== netcoreapp2.0) (== netstandard1.3)
      System.Threading.Tasks (>= 4.3) - restriction: || (&& (== net451) (>= dnxcore50)) (&& (== net451) (< net45)) (&& (== net47) (>= dnxcore50)) (&& (== net47) (< net45)) (== netcoreapp2.0) (== netstandard1.3)
    System.Net.Primitives (4.3) - restriction: || (&& (== net451) (== net47) (>= uap10.0)) (&& (== net451) (== netcoreapp2.0)) (&& (== net47) (== netcoreapp2.0)) (&& (== net47) (< net45)) (&& (== net47) (< netstandard1.5) (>= uap10.0)) (&& (== net47) (< portable-net45+win8+wpa81)) (&& (== netcoreapp2.0) (< netstandard1.3)) (&& (== netcoreapp2.0) (< netstandard1.4)) (&& (== netcoreapp2.0) (< netstandard1.5)) (&& (== netcoreapp2.0) (< netstandard1.6)) (&& (== netcoreapp2.0) (< netstandard2.0)) (&& (== netcoreapp2.0) (< portable-net45+win8+wpa81)) (&& (== netcoreapp2.0) (< portable-net451+win81+wpa81)) (== netstandard1.3)
      Microsoft.NETCore.Platforms (>= 1.1) - restriction: || (&& (== net451) (>= dnxcore50)) (&& (== net451) (< net45)) (&& (== net451) (< netstandard1.1)) (&& (== net47) (>= dnxcore50)) (&& (== net47) (< net45)) (&& (== net47) (< netstandard1.1)) (== netcoreapp2.0) (== netstandard1.3)
      Microsoft.NETCore.Targets (>= 1.1) - restriction: || (&& (== net451) (>= dnxcore50)) (&& (== net451) (< net45)) (&& (== net451) (< netstandard1.1)) (&& (== net47) (>= dnxcore50)) (&& (== net47) (< net45)) (&& (== net47) (< netstandard1.1)) (== netcoreapp2.0) (== netstandard1.3)
      System.Runtime (>= 4.3) - restriction: || (&& (== net451) (>= dnxcore50)) (&& (== net451) (< net45)) (&& (== net451) (< netstandard1.1)) (&& (== net47) (>= dnxcore50)) (&& (== net47) (< net45)) (&& (== net47) (< netstandard1.1)) (== netcoreapp2.0) (== netstandard1.3)
      System.Runtime.Handles (>= 4.3) - restriction: || (&& (== net451) (>= dnxcore50)) (&& (== net451) (< net45) (>= netstandard1.3)) (&& (== net47) (>= dnxcore50)) (&& (== net47) (< net45)) (== netcoreapp2.0) (== netstandard1.3)
    System.Net.Sockets (4.3) - restriction: || (&& (== net451) (== net47) (>= uap10.0)) (&& (== net451) (== netcoreapp2.0)) (&& (== net47) (== netcoreapp2.0)) (&& (== net47) (< net45)) (&& (== net47) (< net451) (< netstandard1.4)) (&& (== net47) (< netstandard1.5) (>= uap10.0)) (&& (== netcoreapp2.0) (< netstandard1.4)) (&& (== netcoreapp2.0) (< netstandard1.5)) (&& (== netcoreapp2.0) (< netstandard1.6)) (&& (== netcoreapp2.0) (< netstandard2.0)) (== netstandard1.3)
      Microsoft.NETCore.Platforms (>= 1.1) - restriction: || (&& (== net451) (>= netstandard1.3)) (&& (== net47) (< net46)) (== netcoreapp2.0) (== netstandard1.3)
      Microsoft.NETCore.Targets (>= 1.1) - restriction: || (&& (== net451) (>= netstandard1.3)) (&& (== net47) (< net46)) (== netcoreapp2.0) (== netstandard1.3)
      System.IO (>= 4.3) - restriction: || (&& (== net451) (>= netstandard1.3)) (&& (== net47) (< net46)) (== netcoreapp2.0) (== netstandard1.3)
      System.Net.Primitives (>= 4.3) - restriction: || (&& (== net451) (>= netstandard1.3)) (&& (== net47) (< net46)) (== netcoreapp2.0) (== netstandard1.3)
      System.Runtime (>= 4.3) - restriction: || (&& (== net451) (>= netstandard1.3)) (&& (== net47) (< net46)) (== netcoreapp2.0) (== netstandard1.3)
      System.Threading.Tasks (>= 4.3) - restriction: || (&& (== net451) (>= netstandard1.3)) (&& (== net47) (< net46)) (== netcoreapp2.0) (== netstandard1.3)
    System.Private.DataContractSerialization (4.3) - restriction: || (&& (== net451) (>= netcoreapp1.0)) (&& (== net47) (>= netcoreapp1.0)) (== netcoreapp2.0) (&& (== netstandard1.3) (>= netcoreapp1.0))
      System.Collections (>= 4.3) - restriction: || (&& (== net451) (>= dnxcore50)) (&& (== net451) (>= netstandard1.3)) (&& (== net47) (>= dnxcore50)) (&& (== net47) (< net46)) (== netcoreapp2.0) (== netstandard1.3)
      System.Collections.Concurrent (>= 4.3) - restriction: || (&& (== net451) (>= dnxcore50)) (&& (== net451) (>= netstandard1.3)) (&& (== net47) (>= dnxcore50)) (&& (== net47) (< net46)) (== netcoreapp2.0) (== netstandard1.3)
      System.Diagnostics.Debug (>= 4.3) - restriction: || (&& (== net451) (>= dnxcore50)) (&& (== net451) (>= netstandard1.3)) (&& (== net47) (>= dnxcore50)) (&& (== net47) (< net46)) (== netcoreapp2.0) (== netstandard1.3)
      System.Globalization (>= 4.3) - restriction: || (&& (== net451) (>= dnxcore50)) (&& (== net451) (>= netstandard1.3)) (&& (== net47) (>= dnxcore50)) (&& (== net47) (< net46)) (== netcoreapp2.0) (== netstandard1.3)
      System.IO (>= 4.3) - restriction: || (&& (== net451) (>= dnxcore50)) (&& (== net451) (>= netstandard1.3)) (&& (== net47) (>= dnxcore50)) (&& (== net47) (< net46)) (== netcoreapp2.0) (== netstandard1.3)
      System.Linq (>= 4.3) - restriction: || (&& (== net451) (>= dnxcore50)) (&& (== net451) (>= netstandard1.3)) (&& (== net47) (>= dnxcore50)) (&& (== net47) (< net46)) (== netcoreapp2.0) (== netstandard1.3)
      System.Reflection (>= 4.3) - restriction: || (&& (== net451) (>= dnxcore50)) (&& (== net451) (>= netstandard1.3)) (&& (== net47) (>= dnxcore50)) (&& (== net47) (< net46)) (== netcoreapp2.0) (== netstandard1.3)
      System.Reflection.Emit.ILGeneration (>= 4.3) - restriction: || (&& (== net451) (>= netstandard1.3)) (&& (== net47) (< net46)) (== netcoreapp2.0) (== netstandard1.3)
      System.Reflection.Emit.Lightweight (>= 4.3) - restriction: || (&& (== net451) (>= netstandard1.3)) (&& (== net47) (< net46)) (== netcoreapp2.0) (== netstandard1.3)
      System.Reflection.Extensions (>= 4.3) - restriction: || (&& (== net451) (>= dnxcore50)) (&& (== net451) (>= netstandard1.3)) (&& (== net47) (>= dnxcore50)) (&& (== net47) (< net46)) (== netcoreapp2.0) (== netstandard1.3)
      System.Reflection.Primitives (>= 4.3) - restriction: || (&& (== net451) (>= dnxcore50)) (&& (== net451) (>= netstandard1.3)) (&& (== net47) (>= dnxcore50)) (&& (== net47) (< net46)) (== netcoreapp2.0) (== netstandard1.3)
      System.Reflection.TypeExtensions (>= 4.3) - restriction: || (&& (== net451) (>= dnxcore50)) (&& (== net451) (>= net46)) (&& (== net451) (>= netstandard1.3)) (== net47) (== netcoreapp2.0) (== netstandard1.3)
      System.Resources.ResourceManager (>= 4.3) - restriction: || (&& (== net451) (>= dnxcore50)) (&& (== net451) (>= netstandard1.3)) (&& (== net47) (>= dnxcore50)) (&& (== net47) (< net46)) (== netcoreapp2.0) (== netstandard1.3)
      System.Runtime (>= 4.3) - restriction: || (&& (== net451) (>= dnxcore50)) (&& (== net451) (>= netstandard1.3)) (&& (== net47) (>= dnxcore50)) (&& (== net47) (< net46)) (== netcoreapp2.0) (== netstandard1.3)
      System.Runtime.Extensions (>= 4.3) - restriction: || (&& (== net451) (>= dnxcore50)) (&& (== net451) (>= netstandard1.3)) (&& (== net47) (>= dnxcore50)) (&& (== net47) (< net46)) (== netcoreapp2.0) (== netstandard1.3)
      System.Runtime.Serialization.Primitives (>= 4.3) - restriction: || (&& (== net451) (>= dnxcore50)) (&& (== net451) (>= net46)) (&& (== net451) (>= netstandard1.3)) (== net47) (== netcoreapp2.0) (== netstandard1.3)
      System.Text.Encoding (>= 4.3) - restriction: || (&& (== net451) (>= dnxcore50)) (&& (== net451) (>= netstandard1.3)) (&& (== net47) (>= dnxcore50)) (&& (== net47) (< net46)) (== netcoreapp2.0) (== netstandard1.3)
      System.Text.Encoding.Extensions (>= 4.3) - restriction: || (&& (== net451) (>= dnxcore50)) (&& (== net451) (>= netstandard1.3)) (&& (== net47) (>= dnxcore50)) (&& (== net47) (< net46)) (== netcoreapp2.0) (== netstandard1.3)
      System.Text.RegularExpressions (>= 4.3) - restriction: || (&& (== net451) (>= dnxcore50)) (&& (== net451) (>= netstandard1.3)) (&& (== net47) (>= dnxcore50)) (&& (== net47) (< net46)) (== netcoreapp2.0) (== netstandard1.3)
      System.Threading (>= 4.3) - restriction: || (&& (== net451) (>= dnxcore50)) (&& (== net451) (>= netstandard1.3)) (&& (== net47) (>= dnxcore50)) (&& (== net47) (< net46)) (== netcoreapp2.0) (== netstandard1.3)
      System.Threading.Tasks (>= 4.3) - restriction: || (&& (== net451) (>= dnxcore50)) (&& (== net451) (>= netstandard1.3)) (&& (== net47) (>= dnxcore50)) (&& (== net47) (< net46)) (== netcoreapp2.0) (== netstandard1.3)
      System.Xml.ReaderWriter (>= 4.3) - restriction: || (&& (== net451) (>= dnxcore50)) (&& (== net451) (>= netstandard1.3)) (&& (== net47) (>= dnxcore50)) (&& (== net47) (< net46)) (== netcoreapp2.0) (== netstandard1.3)
      System.Xml.XDocument (>= 4.3) - restriction: || (&& (== net451) (>= dnxcore50)) (&& (== net451) (>= netstandard1.3)) (&& (== net47) (>= dnxcore50)) (&& (== net47) (< net46)) (== netcoreapp2.0) (== netstandard1.3)
      System.Xml.XmlDocument (>= 4.3) - restriction: || (&& (== net451) (>= dnxcore50)) (&& (== net451) (>= net46)) (&& (== net451) (>= netstandard1.3)) (== net47) (== netcoreapp2.0) (== netstandard1.3)
      System.Xml.XmlSerializer (>= 4.3) - restriction: || (&& (== net451) (>= dnxcore50)) (&& (== net451) (>= netstandard1.3)) (&& (== net47) (>= dnxcore50)) (&& (== net47) (< net46)) (== netcoreapp2.0) (== netstandard1.3)
    System.Reflection.Emit (4.3) - restriction: || (&& (== net451) (>= netcoreapp1.0)) (&& (== net47) (>= netcoreapp1.0)) (== netcoreapp2.0) (&& (== netstandard1.3) (>= netcoreapp1.0))
      System.IO (>= 4.3) - restriction: || (&& (== net451) (< net45)) (&& (== net47) (< net45)) (== netcoreapp2.0) (== netstandard1.3)
      System.Reflection (>= 4.3) - restriction: || (&& (== net451) (< net45)) (&& (== net47) (< net45)) (== netcoreapp2.0) (== netstandard1.3)
      System.Reflection.Emit.ILGeneration (>= 4.3) - restriction: || (&& (== net451) (< net45)) (&& (== net47) (< net45)) (== netcoreapp2.0) (== netstandard1.3)
      System.Reflection.Primitives (>= 4.3) - restriction: || (&& (== net451) (< net45)) (&& (== net47) (< net45)) (== netcoreapp2.0) (== netstandard1.3)
      System.Runtime (>= 4.3) - restriction: || (&& (== net451) (< net45)) (&& (== net47) (< net45)) (== netcoreapp2.0) (== netstandard1.3)
    System.Reflection.Emit.ILGeneration (4.3) - restriction: || (&& (== net451) (>= netcoreapp1.0)) (&& (== net47) (>= netcoreapp1.0)) (== netcoreapp2.0) (&& (== netstandard1.3) (>= netcoreapp1.0))
      System.Reflection (>= 4.3) - restriction: || (&& (== net451) (< net45)) (&& (== net47) (< net45)) (== netcoreapp2.0) (== netstandard1.3)
      System.Reflection.Primitives (>= 4.3) - restriction: || (&& (== net451) (< net45)) (&& (== net47) (< net45)) (== netcoreapp2.0) (== netstandard1.3)
      System.Runtime (>= 4.3) - restriction: || (&& (== net451) (< net45)) (&& (== net47) (< net45)) (== netcoreapp2.0) (== netstandard1.3)
    System.Reflection.Emit.Lightweight (4.3) - restriction: || (&& (== net451) (>= netcoreapp1.0)) (&& (== net47) (>= netcoreapp1.0)) (== netcoreapp2.0) (&& (== netstandard1.3) (>= netcoreapp1.0))
      System.Reflection (>= 4.3) - restriction: || (&& (== net451) (< net45)) (&& (== net47) (< net45)) (== netcoreapp2.0) (== netstandard1.3)
      System.Reflection.Emit.ILGeneration (>= 4.3) - restriction: || (&& (== net451) (< net45)) (&& (== net47) (< net45)) (== netcoreapp2.0) (== netstandard1.3)
      System.Reflection.Primitives (>= 4.3) - restriction: || (&& (== net451) (< net45)) (&& (== net47) (< net45)) (== netcoreapp2.0) (== netstandard1.3)
      System.Runtime (>= 4.3) - restriction: || (&& (== net451) (< net45)) (&& (== net47) (< net45)) (== netcoreapp2.0) (== netstandard1.3)
    System.Reflection.Metadata (1.5) - restriction: || (&& (== net451) (>= netcoreapp1.0)) (&& (== net47) (>= netcoreapp1.0)) (== netcoreapp2.0) (&& (== netstandard1.3) (>= netcoreapp1.0))
    System.Runtime.Loader (4.3) - restriction: || (&& (== net451) (< net20) (>= netstandard1.6)) (&& (== net47) (< net20) (>= netstandard1.6)) (== netcoreapp2.0) (&& (== netstandard1.3) (>= netstandard1.6))
      System.IO (>= 4.3) - restriction: || (&& (== net451) (>= netstandard1.5)) (&& (== net47) (< net462)) (== netcoreapp2.0) (&& (== netstandard1.3) (>= netstandard1.5))
      System.Reflection (>= 4.3) - restriction: || (&& (== net451) (>= netstandard1.5)) (&& (== net47) (< net462)) (== netcoreapp2.0) (&& (== netstandard1.3) (>= netstandard1.5))
      System.Runtime (>= 4.3) - restriction: || (&& (== net451) (>= netstandard1.5)) (&& (== net47) (< net462)) (== netcoreapp2.0) (&& (== netstandard1.3) (>= netstandard1.5))
    System.Runtime.Numerics (4.3) - restriction: || (&& (== net451) (== net47) (>= uap10.0)) (&& (== net451) (== netcoreapp2.0)) (&& (== net47) (== netcoreapp2.0)) (&& (== net47) (< net45)) (&& (== net47) (< netstandard1.5) (>= uap10.0)) (&& (== netcoreapp2.0) (< netstandard1.3)) (&& (== netcoreapp2.0) (< netstandard1.4)) (&& (== netcoreapp2.0) (< netstandard1.5)) (&& (== netcoreapp2.0) (< netstandard1.6)) (&& (== netcoreapp2.0) (< netstandard2.0)) (&& (== netcoreapp2.0) (< portable-net451+win81+wpa81)) (== netstandard1.3)
      System.Globalization (>= 4.3) - restriction: || (&& (== net451) (>= dnxcore50)) (&& (== net451) (< net45) (>= netstandard1.3)) (&& (== net47) (>= dnxcore50)) (&& (== net47) (< net45)) (== netcoreapp2.0) (== netstandard1.3)
      System.Resources.ResourceManager (>= 4.3) - restriction: || (&& (== net451) (>= dnxcore50)) (&& (== net451) (< net45) (>= netstandard1.3)) (&& (== net47) (>= dnxcore50)) (&& (== net47) (< net45)) (== netcoreapp2.0) (== netstandard1.3)
      System.Runtime (>= 4.3) - restriction: || (&& (== net451) (>= dnxcore50)) (&& (== net451) (< net45)) (&& (== net47) (>= dnxcore50)) (&& (== net47) (< net45)) (== netcoreapp2.0) (== netstandard1.3)
      System.Runtime.Extensions (>= 4.3) - restriction: || (&& (== net451) (>= dnxcore50)) (&& (== net451) (< net45) (>= netstandard1.3)) (&& (== net47) (>= dnxcore50)) (&& (== net47) (< net45)) (== netcoreapp2.0) (== netstandard1.3)
    System.Runtime.Serialization.Formatters (4.3) - restriction: || (&& (== net451) (>= netcoreapp1.0)) (&& (== net47) (>= netcoreapp1.0)) (== netcoreapp2.0) (&& (== netstandard1.3) (>= netcoreapp1.0))
      System.Collections (>= 4.3) - restriction: || (&& (== net451) (>= netstandard1.4)) (&& (== net47) (< net46)) (== netcoreapp2.0) (&& (== netstandard1.3) (>= netstandard1.4))
      System.Reflection (>= 4.3) - restriction: || (&& (== net451) (>= netstandard1.4)) (&& (== net47) (< net46)) (== netcoreapp2.0) (&& (== netstandard1.3) (>= netstandard1.4))
      System.Resources.ResourceManager (>= 4.3) - restriction: || (&& (== net451) (>= netstandard1.4)) (&& (== net47) (< net46)) (== netcoreapp2.0) (&& (== netstandard1.3) (>= netstandard1.4))
      System.Runtime (>= 4.3) - restriction: || (&& (== net451) (>= netstandard1.3)) (&& (== net451) (>= netstandard1.4)) (&& (== net47) (< net46)) (== netcoreapp2.0) (== netstandard1.3)
      System.Runtime.Serialization.Primitives (>= 4.3) - restriction: || (&& (== net451) (>= net46)) (&& (== net451) (>= netstandard1.3)) (&& (== net451) (>= netstandard1.4)) (== net47) (== netcoreapp2.0) (== netstandard1.3)
    System.Runtime.Serialization.Json (4.3) - restriction: || (&& (== net451) (>= netcoreapp1.0)) (&& (== net47) (>= netcoreapp1.0)) (== netcoreapp2.0) (&& (== netstandard1.3) (>= netcoreapp1.0))
      System.IO (>= 4.3) - restriction: || (&& (== net451) (>= dnxcore50)) (&& (== net451) (< net45)) (&& (== net47) (>= dnxcore50)) (&& (== net47) (< net45)) (== netcoreapp2.0) (== netstandard1.3)
      System.Private.DataContractSerialization (>= 4.3) - restriction: || (&& (== net451) (>= dnxcore50)) (&& (== net451) (< net45) (>= netstandard1.3)) (&& (== net47) (>= dnxcore50)) (&& (== net47) (< net45)) (== netcoreapp2.0) (== netstandard1.3)
      System.Runtime (>= 4.3) - restriction: || (&& (== net451) (>= dnxcore50)) (&& (== net451) (< net45)) (&& (== net47) (>= dnxcore50)) (&& (== net47) (< net45)) (== netcoreapp2.0) (== netstandard1.3)
    System.Runtime.Serialization.Primitives (4.3) - restriction: || (&& (== net451) (>= netcoreapp1.0)) (&& (== net47) (>= netcoreapp1.0)) (== netcoreapp2.0) (&& (== netstandard1.3) (>= netcoreapp1.0))
      System.Resources.ResourceManager (>= 4.3) - restriction: || (&& (== net451) (>= dnxcore50)) (&& (== net451) (< net45) (>= netstandard1.3)) (&& (== net47) (>= dnxcore50)) (&& (== net47) (< net45)) (== netcoreapp2.0) (== netstandard1.3)
      System.Runtime (>= 4.3) - restriction: || (&& (== net451) (>= dnxcore50)) (&& (== net451) (< net45)) (&& (== net47) (>= dnxcore50)) (&& (== net47) (< net45)) (== netcoreapp2.0) (== netstandard1.3)
    System.Security.AccessControl (4.4.1) - restriction: || (&& (== net451) (>= monoandroid) (>= netcoreapp1.0)) (&& (== net451) (>= monotouch) (>= netcoreapp1.0)) (&& (== net451) (>= net461) (>= netcoreapp1.0)) (&& (== net451) (>= netcoreapp1.0) (>= netstandard2.0)) (&& (== net451) (>= netcoreapp1.0) (>= xamarinios)) (&& (== net451) (>= netcoreapp1.0) (>= xamarinmac)) (&& (== net451) (>= netcoreapp1.0) (>= xamarintvos)) (&& (== net451) (>= netcoreapp1.0) (>= xamarinwatchos)) (&& (== net451) (>= netcoreapp2.0)) (&& (== net47) (>= netcoreapp1.0)) (&& (== net47) (>= netcoreapp2.0)) (== netcoreapp2.0) (&& (== netstandard1.3) (>= monoandroid) (>= netcoreapp1.0)) (&& (== netstandard1.3) (>= monotouch) (>= netcoreapp1.0)) (&& (== netstandard1.3) (>= net461) (>= netcoreapp1.0)) (&& (== netstandard1.3) (>= netcoreapp1.0) (>= netstandard2.0)) (&& (== netstandard1.3) (>= netcoreapp1.0) (>= xamarinios)) (&& (== netstandard1.3) (>= netcoreapp1.0) (>= xamarinmac)) (&& (== netstandard1.3) (>= netcoreapp1.0) (>= xamarintvos)) (&& (== netstandard1.3) (>= netcoreapp1.0) (>= xamarinwatchos)) (&& (== netstandard1.3) (>= netcoreapp2.0))
      Microsoft.NETCore.Platforms (>= 2.0) - restriction: || (&& (== net451) (>= netcoreapp2.0)) (&& (== net47) (>= netcoreapp2.0)) (== netcoreapp2.0) (&& (== netstandard1.3) (>= netcoreapp2.0))
      System.Security.Principal.Windows (>= 4.4) - restriction: || (&& (== net451) (>= monoandroid)) (&& (== net451) (>= monotouch)) (&& (== net451) (>= net46)) (&& (== net451) (>= net461)) (&& (== net451) (>= netcoreapp2.0)) (&& (== net451) (>= netstandard1.3)) (&& (== net451) (>= netstandard2.0)) (&& (== net451) (>= xamarinios)) (&& (== net451) (>= xamarinmac)) (&& (== net451) (>= xamarintvos)) (&& (== net451) (>= xamarinwatchos)) (== net47) (== netcoreapp2.0) (== netstandard1.3)
    System.Security.Cryptography.Algorithms (4.3.1) - restriction: || (&& (== net451) (== net47) (>= uap10.0)) (&& (== net451) (== netcoreapp2.0)) (&& (== net47) (== netcoreapp2.0)) (&& (== net47) (< net45)) (&& (== net47) (< net451) (< netstandard1.4)) (&& (== net47) (< netstandard1.5) (>= uap10.0)) (&& (== netcoreapp2.0) (< netstandard1.4)) (&& (== netcoreapp2.0) (< netstandard1.5)) (&& (== netcoreapp2.0) (< netstandard1.6)) (&& (== netcoreapp2.0) (< netstandard2.0)) (== netstandard1.3)
      System.IO (>= 4.3) - restriction: || (&& (== net451) (>= dnxcore50)) (&& (== net451) (>= net463)) (&& (== net451) (>= netstandard1.3)) (&& (== net451) (>= netstandard1.4)) (&& (== net451) (>= netstandard1.6)) (== net47) (== netcoreapp2.0) (== netstandard1.3)
      System.Runtime (>= 4.3) - restriction: || (&& (== net451) (>= dnxcore50)) (&& (== net451) (>= net463)) (&& (== net451) (>= netstandard1.3)) (&& (== net451) (>= netstandard1.4)) (&& (== net451) (>= netstandard1.6)) (== net47) (== netcoreapp2.0) (== netstandard1.3)
      System.Security.Cryptography.Primitives (>= 4.3) - restriction: || (&& (== net451) (>= dnxcore50)) (&& (== net451) (>= net46)) (&& (== net451) (>= net461)) (&& (== net451) (>= net463)) (&& (== net451) (>= netstandard1.3)) (&& (== net451) (>= netstandard1.4)) (&& (== net451) (>= netstandard1.6)) (== net47) (== netcoreapp2.0) (== netstandard1.3)
    System.Security.Cryptography.Encoding (4.3) - restriction: || (&& (== net451) (== net47) (>= uap10.0)) (&& (== net451) (== netcoreapp2.0)) (&& (== net47) (== netcoreapp2.0)) (&& (== net47) (< net45)) (&& (== net47) (< net451) (< netstandard1.4)) (&& (== net47) (< netstandard1.5) (>= uap10.0)) (&& (== netcoreapp2.0) (< netstandard1.4)) (&& (== netcoreapp2.0) (< netstandard1.5)) (&& (== netcoreapp2.0) (< netstandard1.6)) (&& (== netcoreapp2.0) (< netstandard2.0)) (== netstandard1.3)
      Microsoft.NETCore.Platforms (>= 1.1) - restriction: || (&& (== net451) (>= netstandard1.3)) (&& (== net47) (< net46)) (== netcoreapp2.0) (== netstandard1.3)
      runtime.native.System.Security.Cryptography.OpenSsl (>= 4.3) - restriction: || (&& (== net451) (>= netstandard1.3)) (&& (== net47) (< net46)) (== netcoreapp2.0) (== netstandard1.3)
      System.Collections (>= 4.3) - restriction: || (&& (== net451) (>= netstandard1.3)) (&& (== net47) (< net46)) (== netcoreapp2.0) (== netstandard1.3)
      System.Collections.Concurrent (>= 4.3) - restriction: || (&& (== net451) (>= netstandard1.3)) (&& (== net47) (< net46)) (== netcoreapp2.0) (== netstandard1.3)
      System.Linq (>= 4.3) - restriction: || (&& (== net451) (>= netstandard1.3)) (&& (== net47) (< net46)) (== netcoreapp2.0) (== netstandard1.3)
      System.Resources.ResourceManager (>= 4.3) - restriction: || (&& (== net451) (>= netstandard1.3)) (&& (== net47) (< net46)) (== netcoreapp2.0) (== netstandard1.3)
      System.Runtime (>= 4.3) - restriction: || (&& (== net451) (>= netstandard1.3)) (&& (== net47) (< net46)) (== netcoreapp2.0) (== netstandard1.3)
      System.Runtime.Extensions (>= 4.3) - restriction: || (&& (== net451) (>= netstandard1.3)) (&& (== net47) (< net46)) (== netcoreapp2.0) (== netstandard1.3)
      System.Runtime.Handles (>= 4.3) - restriction: || (&& (== net451) (>= netstandard1.3)) (&& (== net47) (< net46)) (== netcoreapp2.0) (== netstandard1.3)
      System.Runtime.InteropServices (>= 4.3) - restriction: || (&& (== net451) (>= netstandard1.3)) (&& (== net47) (< net46)) (== netcoreapp2.0) (== netstandard1.3)
      System.Security.Cryptography.Primitives (>= 4.3) - restriction: || (&& (== net451) (>= netstandard1.3)) (&& (== net47) (< net46)) (== netcoreapp2.0) (== netstandard1.3)
      System.Text.Encoding (>= 4.3) - restriction: || (&& (== net451) (>= netstandard1.3)) (&& (== net47) (< net46)) (== netcoreapp2.0) (== netstandard1.3)
    System.Security.Cryptography.Primitives (4.3) - restriction: || (&& (== net451) (== net47) (>= uap10.0)) (&& (== net451) (== netcoreapp2.0)) (&& (== net47) (== netcoreapp2.0)) (&& (== net47) (< net45)) (&& (== net47) (< net451) (< netstandard1.4)) (&& (== net47) (< netstandard1.5) (>= uap10.0)) (&& (== netcoreapp2.0) (< netstandard1.4)) (&& (== netcoreapp2.0) (< netstandard1.5)) (&& (== netcoreapp2.0) (< netstandard1.6)) (&& (== netcoreapp2.0) (< netstandard2.0)) (== netstandard1.3)
      System.Diagnostics.Debug (>= 4.3) - restriction: || (&& (== net451) (>= netstandard1.3)) (&& (== net47) (< net46)) (== netcoreapp2.0) (== netstandard1.3)
      System.Globalization (>= 4.3) - restriction: || (&& (== net451) (>= netstandard1.3)) (&& (== net47) (< net46)) (== netcoreapp2.0) (== netstandard1.3)
      System.IO (>= 4.3) - restriction: || (&& (== net451) (>= netstandard1.3)) (&& (== net47) (< net46)) (== netcoreapp2.0) (== netstandard1.3)
      System.Resources.ResourceManager (>= 4.3) - restriction: || (&& (== net451) (>= netstandard1.3)) (&& (== net47) (< net46)) (== netcoreapp2.0) (== netstandard1.3)
      System.Runtime (>= 4.3) - restriction: || (&& (== net451) (>= netstandard1.3)) (&& (== net47) (< net46)) (== netcoreapp2.0) (== netstandard1.3)
      System.Threading (>= 4.3) - restriction: || (&& (== net451) (>= netstandard1.3)) (&& (== net47) (< net46)) (== netcoreapp2.0) (== netstandard1.3)
      System.Threading.Tasks (>= 4.3) - restriction: || (&& (== net451) (>= netstandard1.3)) (&& (== net47) (< net46)) (== netcoreapp2.0) (== netstandard1.3)
    System.Security.Cryptography.X509Certificates (4.3.2) - restriction: || (&& (== net451) (== net47) (>= uap10.0)) (&& (== net451) (== netcoreapp2.0)) (&& (== net47) (== netcoreapp2.0)) (&& (== net47) (< net45)) (&& (== net47) (< net451) (< netstandard1.4)) (&& (== net47) (< netstandard1.5) (>= uap10.0)) (&& (== netcoreapp2.0) (< netstandard1.4)) (&& (== netcoreapp2.0) (< netstandard1.5)) (&& (== netcoreapp2.0) (< netstandard1.6)) (&& (== netcoreapp2.0) (< netstandard2.0)) (== netstandard1.3)
      System.Runtime (>= 4.3) - restriction: || (&& (== net451) (>= dnxcore50)) (&& (== net451) (>= netstandard1.3)) (&& (== net451) (>= netstandard1.4)) (&& (== net451) (>= netstandard1.6)) (&& (== net47) (>= dnxcore50)) (&& (== net47) (< net46)) (== netcoreapp2.0) (== netstandard1.3)
      System.Runtime.Handles (>= 4.3) - restriction: || (&& (== net451) (>= dnxcore50)) (&& (== net451) (>= netstandard1.3)) (&& (== net451) (>= netstandard1.4)) (&& (== net451) (>= netstandard1.6)) (&& (== net47) (>= dnxcore50)) (&& (== net47) (< net46)) (== netcoreapp2.0) (== netstandard1.3)
      System.Security.Cryptography.Algorithms (>= 4.3) - restriction: || (&& (== net451) (>= dnxcore50)) (&& (== net451) (>= net46)) (&& (== net451) (>= net461)) (&& (== net451) (>= netstandard1.3)) (&& (== net451) (>= netstandard1.4)) (&& (== net451) (>= netstandard1.6)) (== net47) (== netcoreapp2.0) (== netstandard1.3)
      System.Security.Cryptography.Encoding (>= 4.3) - restriction: || (&& (== net451) (>= dnxcore50)) (&& (== net451) (>= net46)) (&& (== net451) (>= net461)) (&& (== net451) (>= netstandard1.3)) (&& (== net451) (>= netstandard1.4)) (&& (== net451) (>= netstandard1.6)) (== net47) (== netcoreapp2.0) (== netstandard1.3)
    System.Security.Principal.Windows (4.4.1) - restriction: || (&& (== net451) (>= monoandroid) (>= netcoreapp1.0)) (&& (== net451) (>= monotouch) (>= netcoreapp1.0)) (&& (== net451) (>= net461) (>= netcoreapp1.0)) (&& (== net451) (>= netcoreapp1.0) (>= netstandard2.0)) (&& (== net451) (>= netcoreapp1.0) (>= xamarinios)) (&& (== net451) (>= netcoreapp1.0) (>= xamarinmac)) (&& (== net451) (>= netcoreapp1.0) (>= xamarintvos)) (&& (== net451) (>= netcoreapp1.0) (>= xamarinwatchos)) (&& (== net451) (>= netcoreapp2.0)) (&& (== net47) (>= netcoreapp1.0)) (&& (== net47) (>= netcoreapp2.0)) (== netcoreapp2.0) (&& (== netstandard1.3) (>= monoandroid) (>= netcoreapp1.0)) (&& (== netstandard1.3) (>= monotouch) (>= netcoreapp1.0)) (&& (== netstandard1.3) (>= net461) (>= netcoreapp1.0)) (&& (== netstandard1.3) (>= netcoreapp1.0) (>= netstandard2.0)) (&& (== netstandard1.3) (>= netcoreapp1.0) (>= xamarinios)) (&& (== netstandard1.3) (>= netcoreapp1.0) (>= xamarinmac)) (&& (== netstandard1.3) (>= netcoreapp1.0) (>= xamarintvos)) (&& (== netstandard1.3) (>= netcoreapp1.0) (>= xamarinwatchos)) (&& (== netstandard1.3) (>= netcoreapp2.0))
      Microsoft.NETCore.Platforms (>= 2.0) - restriction: || (&& (== net451) (>= netcoreapp2.0)) (&& (== net47) (>= netcoreapp2.0)) (== netcoreapp2.0) (&& (== netstandard1.3) (>= netcoreapp2.0))
    System.Threading.Thread (4.3) - restriction: || (&& (== net451) (< net20) (>= netstandard1.6)) (&& (== net47) (< net20) (>= netstandard1.6)) (== netcoreapp2.0) (&& (== netstandard1.3) (>= netstandard1.6))
      System.Runtime (>= 4.3) - restriction: || (&& (== net451) (>= netstandard1.3)) (&& (== net47) (< net46)) (== netcoreapp2.0) (== netstandard1.3)
    System.Threading.ThreadPool (4.3) - restriction: || (&& (== net451) (>= netcoreapp1.0)) (&& (== net47) (>= netcoreapp1.0)) (== netcoreapp2.0) (&& (== netstandard1.3) (>= netcoreapp1.0))
      System.Runtime (>= 4.3) - restriction: || (&& (== net451) (>= netstandard1.3)) (&& (== net47) (< net46)) (== netcoreapp2.0) (== netstandard1.3)
      System.Runtime.Handles (>= 4.3) - restriction: || (&& (== net451) (>= netstandard1.3)) (&& (== net47) (< net46)) (== netcoreapp2.0) (== netstandard1.3)
    System.Threading.Timer (4.3) - restriction: || (&& (== net451) (== net47) (>= uap10.0)) (&& (== net451) (== netcoreapp2.0)) (&& (== net47) (== netcoreapp2.0)) (&& (== net47) (< net45)) (&& (== net47) (< netstandard1.5) (>= uap10.0)) (&& (== netcoreapp2.0) (< netstandard1.3)) (&& (== netcoreapp2.0) (< netstandard1.4)) (&& (== netcoreapp2.0) (< netstandard1.5)) (&& (== netcoreapp2.0) (< netstandard1.6)) (&& (== netcoreapp2.0) (< netstandard2.0)) (== netstandard1.3)
      Microsoft.NETCore.Platforms (>= 1.1) - restriction: || (&& (== net451) (>= dnxcore50)) (&& (== net47) (>= dnxcore50)) (&& (== net47) (< net451)) (== netcoreapp2.0) (== netstandard1.3)
      Microsoft.NETCore.Targets (>= 1.1) - restriction: || (&& (== net451) (>= dnxcore50)) (&& (== net47) (>= dnxcore50)) (&& (== net47) (< net451)) (== netcoreapp2.0) (== netstandard1.3)
      System.Runtime (>= 4.3) - restriction: || (&& (== net451) (>= dnxcore50)) (&& (== net47) (>= dnxcore50)) (&& (== net47) (< net451)) (== netcoreapp2.0) (== netstandard1.3)
    System.ValueTuple (4.4)
      NETStandard.Library (>= 1.6.1) - restriction: || (== net451) (&& (== net47) (< net461)) (&& (== netcoreapp2.0) (< netstandard2.0)) (== netstandard1.3)
    System.Xml.XmlDocument (4.3) - restriction: || (&& (== net451) (>= netcoreapp1.0)) (&& (== net47) (>= netcoreapp1.0)) (== netcoreapp2.0) (&& (== netstandard1.3) (>= netcoreapp1.0))
      System.Collections (>= 4.3) - restriction: || (&& (== net451) (>= netstandard1.3)) (&& (== net47) (< net46)) (== netcoreapp2.0) (== netstandard1.3)
      System.Diagnostics.Debug (>= 4.3) - restriction: || (&& (== net451) (>= netstandard1.3)) (&& (== net47) (< net46)) (== netcoreapp2.0) (== netstandard1.3)
      System.Globalization (>= 4.3) - restriction: || (&& (== net451) (>= netstandard1.3)) (&& (== net47) (< net46)) (== netcoreapp2.0) (== netstandard1.3)
      System.IO (>= 4.3) - restriction: || (&& (== net451) (>= netstandard1.3)) (&& (== net47) (< net46)) (== netcoreapp2.0) (== netstandard1.3)
      System.Resources.ResourceManager (>= 4.3) - restriction: || (&& (== net451) (>= netstandard1.3)) (&& (== net47) (< net46)) (== netcoreapp2.0) (== netstandard1.3)
      System.Runtime (>= 4.3) - restriction: || (&& (== net451) (>= netstandard1.3)) (&& (== net47) (< net46)) (== netcoreapp2.0) (== netstandard1.3)
      System.Runtime.Extensions (>= 4.3) - restriction: || (&& (== net451) (>= netstandard1.3)) (&& (== net47) (< net46)) (== netcoreapp2.0) (== netstandard1.3)
      System.Text.Encoding (>= 4.3) - restriction: || (&& (== net451) (>= netstandard1.3)) (&& (== net47) (< net46)) (== netcoreapp2.0) (== netstandard1.3)
      System.Threading (>= 4.3) - restriction: || (&& (== net451) (>= netstandard1.3)) (&& (== net47) (< net46)) (== netcoreapp2.0) (== netstandard1.3)
      System.Xml.ReaderWriter (>= 4.3) - restriction: || (&& (== net451) (>= netstandard1.3)) (&& (== net47) (< net46)) (== netcoreapp2.0) (== netstandard1.3)
    System.Xml.XmlSerializer (4.3) - restriction: || (&& (== net451) (>= netcoreapp1.0)) (&& (== net47) (>= netcoreapp1.0)) (== netcoreapp2.0) (&& (== netstandard1.3) (>= netcoreapp1.0))
      System.Collections (>= 4.3) - restriction: || (&& (== net451) (>= dnxcore50)) (&& (== net451) (< net45) (>= netstandard1.3)) (&& (== net47) (>= dnxcore50)) (&& (== net47) (< net45)) (== netcoreapp2.0) (== netstandard1.3)
      System.Globalization (>= 4.3) - restriction: || (&& (== net451) (>= dnxcore50)) (&& (== net451) (< net45) (>= netstandard1.3)) (&& (== net47) (>= dnxcore50)) (&& (== net47) (< net45)) (== netcoreapp2.0) (== netstandard1.3)
      System.IO (>= 4.3) - restriction: || (&& (== net451) (>= dnxcore50)) (&& (== net451) (< net45)) (&& (== net47) (>= dnxcore50)) (&& (== net47) (< net45)) (== netcoreapp2.0) (== netstandard1.3)
      System.Linq (>= 4.3) - restriction: || (&& (== net451) (>= dnxcore50)) (&& (== net451) (< net45) (>= netstandard1.3)) (&& (== net47) (>= dnxcore50)) (&& (== net47) (< net45)) (== netcoreapp2.0) (== netstandard1.3)
      System.Reflection (>= 4.3) - restriction: || (&& (== net451) (>= dnxcore50)) (&& (== net451) (< net45) (>= netstandard1.3)) (&& (== net47) (>= dnxcore50)) (&& (== net47) (< net45)) (== netcoreapp2.0) (== netstandard1.3)
      System.Reflection.Emit (>= 4.3) - restriction: || (&& (== net451) (>= dnxcore50)) (&& (== net451) (< net45) (>= netstandard1.3)) (&& (== net47) (>= dnxcore50)) (&& (== net47) (< net45)) (== netcoreapp2.0) (== netstandard1.3)
      System.Reflection.Emit.ILGeneration (>= 4.3) - restriction: || (&& (== net451) (>= dnxcore50)) (&& (== net451) (< net45) (>= netstandard1.3)) (&& (== net47) (>= dnxcore50)) (&& (== net47) (< net45)) (== netcoreapp2.0) (== netstandard1.3)
      System.Reflection.Extensions (>= 4.3) - restriction: || (&& (== net451) (>= dnxcore50)) (&& (== net451) (< net45) (>= netstandard1.3)) (&& (== net47) (>= dnxcore50)) (&& (== net47) (< net45)) (== netcoreapp2.0) (== netstandard1.3)
      System.Reflection.Primitives (>= 4.3) - restriction: || (&& (== net451) (>= dnxcore50)) (&& (== net451) (< net45) (>= netstandard1.3)) (&& (== net47) (>= dnxcore50)) (&& (== net47) (< net45)) (== netcoreapp2.0) (== netstandard1.3)
      System.Reflection.TypeExtensions (>= 4.3) - restriction: || (&& (== net451) (>= dnxcore50)) (&& (== net451) (< net45) (>= netstandard1.3)) (&& (== net47) (>= dnxcore50)) (&& (== net47) (< net45)) (== netcoreapp2.0) (== netstandard1.3)
      System.Resources.ResourceManager (>= 4.3) - restriction: || (&& (== net451) (>= dnxcore50)) (&& (== net451) (< net45) (>= netstandard1.3)) (&& (== net47) (>= dnxcore50)) (&& (== net47) (< net45)) (== netcoreapp2.0) (== netstandard1.3)
      System.Runtime (>= 4.3) - restriction: || (&& (== net451) (>= dnxcore50)) (&& (== net451) (< net45)) (&& (== net47) (>= dnxcore50)) (&& (== net47) (< net45)) (== netcoreapp2.0) (== netstandard1.3)
      System.Runtime.Extensions (>= 4.3) - restriction: || (&& (== net451) (>= dnxcore50)) (&& (== net451) (< net45) (>= netstandard1.3)) (&& (== net47) (>= dnxcore50)) (&& (== net47) (< net45)) (== netcoreapp2.0) (== netstandard1.3)
      System.Text.RegularExpressions (>= 4.3) - restriction: || (&& (== net451) (>= dnxcore50)) (&& (== net451) (< net45) (>= netstandard1.3)) (&& (== net47) (>= dnxcore50)) (&& (== net47) (< net45)) (== netcoreapp2.0) (== netstandard1.3)
      System.Threading (>= 4.3) - restriction: || (&& (== net451) (>= dnxcore50)) (&& (== net451) (< net45) (>= netstandard1.3)) (&& (== net47) (>= dnxcore50)) (&& (== net47) (< net45)) (== netcoreapp2.0) (== netstandard1.3)
      System.Xml.ReaderWriter (>= 4.3) - restriction: || (&& (== net451) (>= dnxcore50)) (&& (== net451) (< net45)) (&& (== net47) (>= dnxcore50)) (&& (== net47) (< net45)) (== netcoreapp2.0) (== netstandard1.3)
      System.Xml.XmlDocument (>= 4.3) - restriction: || (&& (== net451) (>= dnxcore50)) (&& (== net451) (< net45) (>= netstandard1.3)) (&& (== net47) (>= dnxcore50)) (&& (== net47) (< net45)) (== netcoreapp2.0) (== netstandard1.3)
    System.Xml.XPath (4.3) - restriction: || (&& (== net451) (>= netcoreapp1.0)) (&& (== net47) (>= netcoreapp1.0)) (== netcoreapp2.0) (&& (== netstandard1.3) (>= netcoreapp1.0))
      System.Collections (>= 4.3) - restriction: || (&& (== net451) (>= netstandard1.3)) (&& (== net47) (< net46)) (== netcoreapp2.0) (== netstandard1.3)
      System.Diagnostics.Debug (>= 4.3) - restriction: || (&& (== net451) (>= netstandard1.3)) (&& (== net47) (< net46)) (== netcoreapp2.0) (== netstandard1.3)
      System.Globalization (>= 4.3) - restriction: || (&& (== net451) (>= netstandard1.3)) (&& (== net47) (< net46)) (== netcoreapp2.0) (== netstandard1.3)
      System.IO (>= 4.3) - restriction: || (&& (== net451) (>= netstandard1.3)) (&& (== net47) (< net46)) (== netcoreapp2.0) (== netstandard1.3)
      System.Resources.ResourceManager (>= 4.3) - restriction: || (&& (== net451) (>= netstandard1.3)) (&& (== net47) (< net46)) (== netcoreapp2.0) (== netstandard1.3)
      System.Runtime (>= 4.3) - restriction: || (&& (== net451) (>= netstandard1.3)) (&& (== net47) (< net46)) (== netcoreapp2.0) (== netstandard1.3)
      System.Runtime.Extensions (>= 4.3) - restriction: || (&& (== net451) (>= netstandard1.3)) (&& (== net47) (< net46)) (== netcoreapp2.0) (== netstandard1.3)
      System.Threading (>= 4.3) - restriction: || (&& (== net451) (>= netstandard1.3)) (&& (== net47) (< net46)) (== netcoreapp2.0) (== netstandard1.3)
      System.Xml.ReaderWriter (>= 4.3) - restriction: || (&& (== net451) (>= netstandard1.3)) (&& (== net47) (< net46)) (== netcoreapp2.0) (== netstandard1.3)
    System.Xml.XPath.XmlDocument (4.3) - restriction: || (&& (== net451) (>= netcoreapp1.0)) (&& (== net47) (>= netcoreapp1.0)) (== netcoreapp2.0) (&& (== netstandard1.3) (>= netcoreapp1.0))
      System.Collections (>= 4.3) - restriction: || (&& (== net451) (>= netstandard1.3)) (&& (== net47) (< net46)) (== netcoreapp2.0) (== netstandard1.3)
      System.Globalization (>= 4.3) - restriction: || (&& (== net451) (>= netstandard1.3)) (&& (== net47) (< net46)) (== netcoreapp2.0) (== netstandard1.3)
      System.IO (>= 4.3) - restriction: || (&& (== net451) (>= netstandard1.3)) (&& (== net47) (< net46)) (== netcoreapp2.0) (== netstandard1.3)
      System.Resources.ResourceManager (>= 4.3) - restriction: || (&& (== net451) (>= netstandard1.3)) (&& (== net47) (< net46)) (== netcoreapp2.0) (== netstandard1.3)
      System.Runtime (>= 4.3) - restriction: || (&& (== net451) (>= netstandard1.3)) (&& (== net47) (< net46)) (== netcoreapp2.0) (== netstandard1.3)
      System.Runtime.Extensions (>= 4.3) - restriction: || (&& (== net451) (>= netstandard1.3)) (&& (== net47) (< net46)) (== netcoreapp2.0) (== netstandard1.3)
      System.Threading (>= 4.3) - restriction: || (&& (== net451) (>= netstandard1.3)) (&& (== net47) (< net46)) (== netcoreapp2.0) (== netstandard1.3)
      System.Xml.ReaderWriter (>= 4.3) - restriction: || (&& (== net451) (>= netstandard1.3)) (&& (== net47) (< net46)) (== netcoreapp2.0) (== netstandard1.3)
      System.Xml.XmlDocument (>= 4.3) - restriction: || (&& (== net451) (>= net46)) (&& (== net451) (>= netstandard1.3)) (== net47) (== netcoreapp2.0) (== netstandard1.3)
      System.Xml.XPath (>= 4.3) - restriction: || (&& (== net451) (>= net46)) (&& (== net451) (>= netstandard1.3)) (== net47) (== netcoreapp2.0) (== netstandard1.3)
  remote: https://www.nuget.org/api/v2
    Microsoft.NETCore.Platforms (2.0.1) - restriction: || (&& (== net451) (== net47) (>= uap10.0)) (&& (== net451) (== net47) (>= wpa81)) (&& (== net47) (>= monoandroid)) (&& (== net47) (>= monotouch)) (&& (== net47) (< net45)) (&& (== net47) (< net451)) (&& (== net47) (>= netcoreapp2.0)) (&& (== net47) (< netstandard1.0)) (&& (== net47) (< netstandard1.3) (>= wpa81)) (&& (== net47) (< netstandard1.5) (>= uap10.0)) (&& (== net47) (< portable-net45+win8+wpa81)) (&& (== net47) (< portable-net451+win81+wpa81)) (&& (== net47) (>= uap10.1)) (&& (== net47) (>= xamarinios)) (&& (== net47) (>= xamarinmac)) (&& (== net47) (>= xamarintvos)) (&& (== net47) (>= xamarinwatchos)) (== netcoreapp2.0) (== netstandard1.3)
    Microsoft.NETCore.Targets (2.0) - restriction: || (&& (== net451) (>= netcoreapp1.0)) (&& (== net47) (>= netcoreapp1.0)) (== netcoreapp2.0) (&& (== netstandard1.3) (>= netcoreapp1.0))
    Microsoft.Win32.Primitives (4.3) - restriction: || (&& (== net451) (== net47) (>= uap10.0)) (&& (== net451) (== netcoreapp2.0)) (&& (== net47) (== netcoreapp2.0)) (&& (== net47) (< net45)) (&& (== net47) (< net451) (< netstandard1.4)) (&& (== net47) (< netstandard1.5) (>= uap10.0)) (&& (== netcoreapp2.0) (< netstandard1.4)) (&& (== netcoreapp2.0) (< netstandard1.5)) (&& (== netcoreapp2.0) (< netstandard1.6)) (&& (== netcoreapp2.0) (< netstandard2.0)) (== netstandard1.3)
      Microsoft.NETCore.Platforms (>= 1.1) - restriction: || (&& (== net451) (>= netstandard1.3)) (&& (== net47) (< net46)) (== netcoreapp2.0) (== netstandard1.3)
      Microsoft.NETCore.Targets (>= 1.1) - restriction: || (&& (== net451) (>= netstandard1.3)) (&& (== net47) (< net46)) (== netcoreapp2.0) (== netstandard1.3)
      System.Runtime (>= 4.3) - restriction: || (&& (== net451) (>= netstandard1.3)) (&& (== net47) (< net46)) (== netcoreapp2.0) (== netstandard1.3)
    NETStandard.Library (2.0.1) - restriction: || (&& (== net47) (< net451)) (== netcoreapp2.0) (== netstandard1.3)
      Microsoft.NETCore.Platforms (>= 1.1)
      Microsoft.Win32.Primitives (>= 4.3) - restriction: || (&& (== net451) (< net45) (>= netstandard1.3)) (&& (== net451) (< net45) (>= netstandard1.4)) (&& (== net451) (< net45) (>= netstandard1.5)) (&& (== net451) (< net45) (>= netstandard1.6)) (&& (== net451) (>= net46)) (&& (== net451) (>= uap10.0)) (&& (== net47) (< net45)) (&& (== net47) (< netstandard1.4)) (&& (== net47) (< netstandard1.5) (>= uap10.0)) (&& (== netcoreapp2.0) (< netstandard1.4)) (&& (== netcoreapp2.0) (< netstandard1.5)) (&& (== netcoreapp2.0) (< netstandard1.6)) (&& (== netcoreapp2.0) (< netstandard2.0)) (== netstandard1.3)
      System.AppContext (>= 4.3) - restriction: || (&& (== net451) (< net45) (>= netstandard1.3)) (&& (== net451) (< net45) (>= netstandard1.4)) (&& (== net451) (< net45) (>= netstandard1.5)) (&& (== net451) (< net45) (>= netstandard1.6)) (&& (== net451) (>= net46)) (&& (== net451) (>= uap10.0)) (&& (== net47) (< net45)) (&& (== net47) (< netstandard1.4)) (&& (== net47) (< netstandard1.5) (>= uap10.0)) (&& (== netcoreapp2.0) (< netstandard1.4)) (&& (== netcoreapp2.0) (< netstandard1.5)) (&& (== netcoreapp2.0) (< netstandard1.6)) (&& (== netcoreapp2.0) (< netstandard2.0)) (== netstandard1.3)
      System.Collections (>= 4.3) - restriction: || (&& (== net451) (< net45)) (&& (== net451) (< portable-net45+win8+wpa81)) (&& (== net451) (>= uap10.0)) (&& (== net47) (< net45)) (&& (== net47) (< netstandard1.5) (>= uap10.0)) (&& (== net47) (< portable-net45+win8+wpa81)) (&& (== netcoreapp2.0) (< netstandard1.3)) (&& (== netcoreapp2.0) (< netstandard1.4)) (&& (== netcoreapp2.0) (< netstandard1.5)) (&& (== netcoreapp2.0) (< netstandard1.6)) (&& (== netcoreapp2.0) (< netstandard2.0)) (&& (== netcoreapp2.0) (< portable-net45+win8+wpa81)) (&& (== netcoreapp2.0) (< portable-net451+win81+wpa81)) (== netstandard1.3)
      System.Collections.Concurrent (>= 4.3) - restriction: || (&& (== net451) (< net45)) (&& (== net451) (>= uap10.0)) (&& (== net47) (< net45)) (&& (== net47) (< netstandard1.5) (>= uap10.0)) (&& (== netcoreapp2.0) (< netstandard1.3)) (&& (== netcoreapp2.0) (< netstandard1.4)) (&& (== netcoreapp2.0) (< netstandard1.5)) (&& (== netcoreapp2.0) (< netstandard1.6)) (&& (== netcoreapp2.0) (< netstandard2.0)) (&& (== netcoreapp2.0) (< portable-net451+win81+wpa81)) (== netstandard1.3)
      System.Console (>= 4.3) - restriction: || (&& (== net451) (< net45) (>= netstandard1.3)) (&& (== net451) (< net45) (>= netstandard1.4)) (&& (== net451) (< net45) (>= netstandard1.5)) (&& (== net451) (< net45) (>= netstandard1.6)) (&& (== net451) (>= net46)) (&& (== net451) (>= uap10.0)) (&& (== net47) (< net45)) (&& (== net47) (< netstandard1.4)) (&& (== net47) (< netstandard1.5) (>= uap10.0)) (&& (== netcoreapp2.0) (< netstandard1.4)) (&& (== netcoreapp2.0) (< netstandard1.5)) (&& (== netcoreapp2.0) (< netstandard1.6)) (&& (== netcoreapp2.0) (< netstandard2.0)) (== netstandard1.3)
      System.Diagnostics.Debug (>= 4.3) - restriction: || (&& (== net451) (< net45)) (&& (== net451) (< portable-net45+win8+wpa81)) (&& (== net451) (>= uap10.0)) (&& (== net47) (< net45)) (&& (== net47) (< netstandard1.5) (>= uap10.0)) (&& (== net47) (< portable-net45+win8+wpa81)) (&& (== netcoreapp2.0) (< netstandard1.3)) (&& (== netcoreapp2.0) (< netstandard1.4)) (&& (== netcoreapp2.0) (< netstandard1.5)) (&& (== netcoreapp2.0) (< netstandard1.6)) (&& (== netcoreapp2.0) (< netstandard2.0)) (&& (== netcoreapp2.0) (< portable-net45+win8+wpa81)) (&& (== netcoreapp2.0) (< portable-net451+win81+wpa81)) (== netstandard1.3)
      System.Diagnostics.Tools (>= 4.3) - restriction: || (&& (== net451) (< net45)) (&& (== net451) (< portable-net45+win8+wpa81)) (&& (== net451) (>= uap10.0)) (&& (== net47) (< net45)) (&& (== net47) (< netstandard1.5) (>= uap10.0)) (&& (== net47) (< portable-net45+win8+wpa81)) (&& (== netcoreapp2.0) (< netstandard1.3)) (&& (== netcoreapp2.0) (< netstandard1.4)) (&& (== netcoreapp2.0) (< netstandard1.5)) (&& (== netcoreapp2.0) (< netstandard1.6)) (&& (== netcoreapp2.0) (< netstandard2.0)) (&& (== netcoreapp2.0) (< portable-net45+win8+wpa81)) (&& (== netcoreapp2.0) (< portable-net451+win81+wpa81)) (== netstandard1.3)
      System.Diagnostics.Tracing (>= 4.3) - restriction: || (&& (== net451) (< net45)) (&& (== net451) (>= uap10.0)) (&& (== net47) (< net45)) (&& (== net47) (< netstandard1.5) (>= uap10.0)) (&& (== netcoreapp2.0) (< netstandard1.3)) (&& (== netcoreapp2.0) (< netstandard1.4)) (&& (== netcoreapp2.0) (< netstandard1.5)) (&& (== netcoreapp2.0) (< netstandard1.6)) (&& (== netcoreapp2.0) (< netstandard2.0)) (&& (== netcoreapp2.0) (< portable-net451+win81+wpa81)) (== netstandard1.3)
      System.Globalization (>= 4.3) - restriction: || (&& (== net451) (< net45)) (&& (== net451) (< portable-net45+win8+wpa81)) (&& (== net451) (>= uap10.0)) (&& (== net47) (< net45)) (&& (== net47) (< netstandard1.5) (>= uap10.0)) (&& (== net47) (< portable-net45+win8+wpa81)) (&& (== netcoreapp2.0) (< netstandard1.3)) (&& (== netcoreapp2.0) (< netstandard1.4)) (&& (== netcoreapp2.0) (< netstandard1.5)) (&& (== netcoreapp2.0) (< netstandard1.6)) (&& (== netcoreapp2.0) (< netstandard2.0)) (&& (== netcoreapp2.0) (< portable-net45+win8+wpa81)) (&& (== netcoreapp2.0) (< portable-net451+win81+wpa81)) (== netstandard1.3)
      System.Globalization.Calendars (>= 4.3) - restriction: || (&& (== net451) (< net45) (>= netstandard1.3)) (&& (== net451) (< net45) (>= netstandard1.4)) (&& (== net451) (< net45) (>= netstandard1.5)) (&& (== net451) (< net45) (>= netstandard1.6)) (&& (== net451) (>= net46)) (&& (== net451) (>= uap10.0)) (&& (== net47) (< net45)) (&& (== net47) (< netstandard1.4)) (&& (== net47) (< netstandard1.5) (>= uap10.0)) (&& (== netcoreapp2.0) (< netstandard1.4)) (&& (== netcoreapp2.0) (< netstandard1.5)) (&& (== netcoreapp2.0) (< netstandard1.6)) (&& (== netcoreapp2.0) (< netstandard2.0)) (== netstandard1.3)
      System.IO (>= 4.3) - restriction: || (&& (== net451) (< net45)) (&& (== net451) (< portable-net45+win8+wpa81)) (&& (== net451) (>= uap10.0)) (&& (== net47) (< net45)) (&& (== net47) (< netstandard1.5) (>= uap10.0)) (&& (== net47) (< portable-net45+win8+wpa81)) (&& (== netcoreapp2.0) (< netstandard1.3)) (&& (== netcoreapp2.0) (< netstandard1.4)) (&& (== netcoreapp2.0) (< netstandard1.5)) (&& (== netcoreapp2.0) (< netstandard1.6)) (&& (== netcoreapp2.0) (< netstandard2.0)) (&& (== netcoreapp2.0) (< portable-net45+win8+wpa81)) (&& (== netcoreapp2.0) (< portable-net451+win81+wpa81)) (== netstandard1.3)
      System.IO.Compression (>= 4.3) - restriction: || (&& (== net451) (< net45)) (&& (== net451) (>= net46)) (&& (== net451) (>= uap10.0)) (&& (== net47) (< net45)) (&& (== net47) (< netstandard1.4)) (&& (== net47) (< netstandard1.5) (>= uap10.0)) (&& (== netcoreapp2.0) (< netstandard1.3)) (&& (== netcoreapp2.0) (< netstandard1.4)) (&& (== netcoreapp2.0) (< netstandard1.5)) (&& (== netcoreapp2.0) (< netstandard1.6)) (&& (== netcoreapp2.0) (< netstandard2.0)) (&& (== netcoreapp2.0) (< portable-net451+win81+wpa81)) (== netstandard1.3)
      System.IO.Compression.ZipFile (>= 4.3) - restriction: || (&& (== net451) (< net45) (>= netstandard1.3)) (&& (== net451) (< net45) (>= netstandard1.4)) (&& (== net451) (< net45) (>= netstandard1.5)) (&& (== net451) (< net45) (>= netstandard1.6)) (&& (== net451) (>= net46)) (&& (== net451) (>= uap10.0)) (&& (== net47) (< net45)) (&& (== net47) (< netstandard1.4)) (&& (== net47) (< netstandard1.5) (>= uap10.0)) (&& (== netcoreapp2.0) (< netstandard1.4)) (&& (== netcoreapp2.0) (< netstandard1.5)) (&& (== netcoreapp2.0) (< netstandard1.6)) (&& (== netcoreapp2.0) (< netstandard2.0)) (== netstandard1.3)
      System.IO.FileSystem (>= 4.3) - restriction: || (&& (== net451) (< net45) (>= netstandard1.3)) (&& (== net451) (< net45) (>= netstandard1.4)) (&& (== net451) (< net45) (>= netstandard1.5)) (&& (== net451) (< net45) (>= netstandard1.6)) (&& (== net451) (>= net46)) (&& (== net451) (>= uap10.0)) (&& (== net47) (< net45)) (&& (== net47) (< netstandard1.4)) (&& (== net47) (< netstandard1.5) (>= uap10.0)) (&& (== netcoreapp2.0) (< netstandard1.4)) (&& (== netcoreapp2.0) (< netstandard1.5)) (&& (== netcoreapp2.0) (< netstandard1.6)) (&& (== netcoreapp2.0) (< netstandard2.0)) (== netstandard1.3)
      System.IO.FileSystem.Primitives (>= 4.3) - restriction: || (&& (== net451) (< net45) (>= netstandard1.3)) (&& (== net451) (< net45) (>= netstandard1.4)) (&& (== net451) (< net45) (>= netstandard1.5)) (&& (== net451) (< net45) (>= netstandard1.6)) (&& (== net451) (>= net46)) (&& (== net451) (>= uap10.0)) (&& (== net47) (< net45)) (&& (== net47) (< netstandard1.4)) (&& (== net47) (< netstandard1.5) (>= uap10.0)) (&& (== netcoreapp2.0) (< netstandard1.4)) (&& (== netcoreapp2.0) (< netstandard1.5)) (&& (== netcoreapp2.0) (< netstandard1.6)) (&& (== netcoreapp2.0) (< netstandard2.0)) (== netstandard1.3)
      System.Linq (>= 4.3) - restriction: || (&& (== net451) (< net45)) (&& (== net451) (< portable-net45+win8+wpa81)) (&& (== net451) (>= uap10.0)) (&& (== net47) (< net45)) (&& (== net47) (< netstandard1.5) (>= uap10.0)) (&& (== net47) (< portable-net45+win8+wpa81)) (&& (== netcoreapp2.0) (< netstandard1.3)) (&& (== netcoreapp2.0) (< netstandard1.4)) (&& (== netcoreapp2.0) (< netstandard1.5)) (&& (== netcoreapp2.0) (< netstandard1.6)) (&& (== netcoreapp2.0) (< netstandard2.0)) (&& (== netcoreapp2.0) (< portable-net45+win8+wpa81)) (&& (== netcoreapp2.0) (< portable-net451+win81+wpa81)) (== netstandard1.3)
      System.Linq.Expressions (>= 4.3) - restriction: || (&& (== net451) (< net45)) (&& (== net451) (< portable-net45+win8+wpa81)) (&& (== net451) (>= uap10.0)) (&& (== net47) (< net45)) (&& (== net47) (< netstandard1.5) (>= uap10.0)) (&& (== net47) (< portable-net45+win8+wpa81)) (&& (== netcoreapp2.0) (< netstandard1.3)) (&& (== netcoreapp2.0) (< netstandard1.4)) (&& (== netcoreapp2.0) (< netstandard1.5)) (&& (== netcoreapp2.0) (< netstandard1.6)) (&& (== netcoreapp2.0) (< netstandard2.0)) (&& (== netcoreapp2.0) (< portable-net45+win8+wpa81)) (&& (== netcoreapp2.0) (< portable-net451+win81+wpa81)) (== netstandard1.3)
      System.Net.Http (>= 4.3.2) - restriction: || (&& (== net451) (< net45)) (&& (== net451) (>= net46)) (&& (== net451) (>= uap10.0)) (&& (== net47) (< net45)) (&& (== net47) (< netstandard1.4)) (&& (== net47) (< netstandard1.5) (>= uap10.0)) (&& (== netcoreapp2.0) (< netstandard1.3)) (&& (== netcoreapp2.0) (< netstandard1.4)) (&& (== netcoreapp2.0) (< netstandard1.5)) (&& (== netcoreapp2.0) (< netstandard1.6)) (&& (== netcoreapp2.0) (< netstandard2.0)) (&& (== netcoreapp2.0) (< portable-net451+win81+wpa81)) (== netstandard1.3)
      System.Net.Primitives (>= 4.3) - restriction: || (&& (== net451) (< net45)) (&& (== net451) (< portable-net45+win8+wpa81)) (&& (== net451) (>= uap10.0)) (&& (== net47) (< net45)) (&& (== net47) (< netstandard1.5) (>= uap10.0)) (&& (== net47) (< portable-net45+win8+wpa81)) (&& (== netcoreapp2.0) (< netstandard1.3)) (&& (== netcoreapp2.0) (< netstandard1.4)) (&& (== netcoreapp2.0) (< netstandard1.5)) (&& (== netcoreapp2.0) (< netstandard1.6)) (&& (== netcoreapp2.0) (< netstandard2.0)) (&& (== netcoreapp2.0) (< portable-net45+win8+wpa81)) (&& (== netcoreapp2.0) (< portable-net451+win81+wpa81)) (== netstandard1.3)
      System.Net.Sockets (>= 4.3) - restriction: || (&& (== net451) (< net45) (>= netstandard1.3)) (&& (== net451) (< net45) (>= netstandard1.4)) (&& (== net451) (< net45) (>= netstandard1.5)) (&& (== net451) (< net45) (>= netstandard1.6)) (&& (== net451) (>= net46)) (&& (== net451) (>= uap10.0)) (&& (== net47) (< net45)) (&& (== net47) (< netstandard1.4)) (&& (== net47) (< netstandard1.5) (>= uap10.0)) (&& (== netcoreapp2.0) (< netstandard1.4)) (&& (== netcoreapp2.0) (< netstandard1.5)) (&& (== netcoreapp2.0) (< netstandard1.6)) (&& (== netcoreapp2.0) (< netstandard2.0)) (== netstandard1.3)
      System.ObjectModel (>= 4.3) - restriction: || (&& (== net451) (< net45)) (&& (== net451) (< portable-net45+win8+wpa81)) (&& (== net451) (>= uap10.0)) (&& (== net47) (< net45)) (&& (== net47) (< netstandard1.5) (>= uap10.0)) (&& (== net47) (< portable-net45+win8+wpa81)) (&& (== netcoreapp2.0) (< netstandard1.3)) (&& (== netcoreapp2.0) (< netstandard1.4)) (&& (== netcoreapp2.0) (< netstandard1.5)) (&& (== netcoreapp2.0) (< netstandard1.6)) (&& (== netcoreapp2.0) (< netstandard2.0)) (&& (== netcoreapp2.0) (< portable-net45+win8+wpa81)) (&& (== netcoreapp2.0) (< portable-net451+win81+wpa81)) (== netstandard1.3)
      System.Reflection (>= 4.3) - restriction: || (&& (== net451) (< net45)) (&& (== net451) (< portable-net45+win8+wpa81)) (&& (== net451) (>= uap10.0)) (&& (== net47) (< net45)) (&& (== net47) (< netstandard1.5) (>= uap10.0)) (&& (== net47) (< portable-net45+win8+wpa81)) (&& (== netcoreapp2.0) (< netstandard1.3)) (&& (== netcoreapp2.0) (< netstandard1.4)) (&& (== netcoreapp2.0) (< netstandard1.5)) (&& (== netcoreapp2.0) (< netstandard1.6)) (&& (== netcoreapp2.0) (< netstandard2.0)) (&& (== netcoreapp2.0) (< portable-net45+win8+wpa81)) (&& (== netcoreapp2.0) (< portable-net451+win81+wpa81)) (== netstandard1.3)
      System.Reflection.Extensions (>= 4.3) - restriction: || (&& (== net451) (< net45)) (&& (== net451) (< portable-net45+win8+wpa81)) (&& (== net451) (>= uap10.0)) (&& (== net47) (< net45)) (&& (== net47) (< netstandard1.5) (>= uap10.0)) (&& (== net47) (< portable-net45+win8+wpa81)) (&& (== netcoreapp2.0) (< netstandard1.3)) (&& (== netcoreapp2.0) (< netstandard1.4)) (&& (== netcoreapp2.0) (< netstandard1.5)) (&& (== netcoreapp2.0) (< netstandard1.6)) (&& (== netcoreapp2.0) (< netstandard2.0)) (&& (== netcoreapp2.0) (< portable-net45+win8+wpa81)) (&& (== netcoreapp2.0) (< portable-net451+win81+wpa81)) (== netstandard1.3)
      System.Reflection.Primitives (>= 4.3) - restriction: || (&& (== net451) (< net45)) (&& (== net451) (< portable-net45+win8+wpa81)) (&& (== net451) (>= uap10.0)) (&& (== net47) (< net45)) (&& (== net47) (< netstandard1.5) (>= uap10.0)) (&& (== net47) (< portable-net45+win8+wpa81)) (&& (== netcoreapp2.0) (< netstandard1.3)) (&& (== netcoreapp2.0) (< netstandard1.4)) (&& (== netcoreapp2.0) (< netstandard1.5)) (&& (== netcoreapp2.0) (< netstandard1.6)) (&& (== netcoreapp2.0) (< netstandard2.0)) (&& (== netcoreapp2.0) (< portable-net45+win8+wpa81)) (&& (== netcoreapp2.0) (< portable-net451+win81+wpa81)) (== netstandard1.3)
      System.Resources.ResourceManager (>= 4.3) - restriction: || (&& (== net451) (< net45)) (&& (== net451) (< portable-net45+win8+wpa81)) (&& (== net451) (>= uap10.0)) (&& (== net47) (< net45)) (&& (== net47) (< netstandard1.5) (>= uap10.0)) (&& (== net47) (< portable-net45+win8+wpa81)) (&& (== netcoreapp2.0) (< netstandard1.3)) (&& (== netcoreapp2.0) (< netstandard1.4)) (&& (== netcoreapp2.0) (< netstandard1.5)) (&& (== netcoreapp2.0) (< netstandard1.6)) (&& (== netcoreapp2.0) (< netstandard2.0)) (&& (== netcoreapp2.0) (< portable-net45+win8+wpa81)) (&& (== netcoreapp2.0) (< portable-net451+win81+wpa81)) (== netstandard1.3)
      System.Runtime (>= 4.3) - restriction: || (&& (== net451) (< net45)) (&& (== net451) (< portable-net45+win8+wpa81)) (&& (== net451) (>= uap10.0)) (&& (== net47) (< net45)) (&& (== net47) (< netstandard1.5) (>= uap10.0)) (&& (== net47) (< portable-net45+win8+wpa81)) (&& (== netcoreapp2.0) (< netstandard1.3)) (&& (== netcoreapp2.0) (< netstandard1.4)) (&& (== netcoreapp2.0) (< netstandard1.5)) (&& (== netcoreapp2.0) (< netstandard1.6)) (&& (== netcoreapp2.0) (< netstandard2.0)) (&& (== netcoreapp2.0) (< portable-net45+win8+wpa81)) (&& (== netcoreapp2.0) (< portable-net451+win81+wpa81)) (== netstandard1.3)
      System.Runtime.Extensions (>= 4.3) - restriction: || (&& (== net451) (< net45)) (&& (== net451) (< portable-net45+win8+wpa81)) (&& (== net451) (>= uap10.0)) (&& (== net47) (< net45)) (&& (== net47) (< netstandard1.5) (>= uap10.0)) (&& (== net47) (< portable-net45+win8+wpa81)) (&& (== netcoreapp2.0) (< netstandard1.3)) (&& (== netcoreapp2.0) (< netstandard1.4)) (&& (== netcoreapp2.0) (< netstandard1.5)) (&& (== netcoreapp2.0) (< netstandard1.6)) (&& (== netcoreapp2.0) (< netstandard2.0)) (&& (== netcoreapp2.0) (< portable-net45+win8+wpa81)) (&& (== netcoreapp2.0) (< portable-net451+win81+wpa81)) (== netstandard1.3)
      System.Runtime.Handles (>= 4.3) - restriction: || (&& (== net451) (< net45) (>= netstandard1.3)) (&& (== net451) (< net45) (>= netstandard1.4)) (&& (== net451) (< net45) (>= netstandard1.5)) (&& (== net451) (< net45) (>= netstandard1.6)) (&& (== net451) (>= uap10.0)) (&& (== net47) (< net45)) (&& (== net47) (< netstandard1.5) (>= uap10.0)) (&& (== netcoreapp2.0) (< netstandard1.4)) (&& (== netcoreapp2.0) (< netstandard1.5)) (&& (== netcoreapp2.0) (< netstandard1.6)) (&& (== netcoreapp2.0) (< netstandard2.0)) (== netstandard1.3)
      System.Runtime.InteropServices (>= 4.3) - restriction: || (&& (== net451) (< net45)) (&& (== net451) (>= uap10.0)) (&& (== net47) (< net45)) (&& (== net47) (< netstandard1.5) (>= uap10.0)) (&& (== netcoreapp2.0) (< netstandard1.3)) (&& (== netcoreapp2.0) (< netstandard1.4)) (&& (== netcoreapp2.0) (< netstandard1.5)) (&& (== netcoreapp2.0) (< netstandard1.6)) (&& (== netcoreapp2.0) (< netstandard2.0)) (&& (== netcoreapp2.0) (< portable-net451+win81+wpa81)) (== netstandard1.3)
      System.Runtime.InteropServices.RuntimeInformation (>= 4.3) - restriction: || (== net451) (&& (== net47) (< net45)) (&& (== net47) (< netstandard1.0)) (&& (== net47) (< netstandard1.3)) (&& (== net47) (< netstandard1.4)) (&& (== net47) (< netstandard1.5) (>= uap10.0)) (&& (== net47) (< portable-net451+win81+wpa81)) (&& (== netcoreapp2.0) (< netstandard1.0)) (&& (== netcoreapp2.0) (< netstandard1.3)) (&& (== netcoreapp2.0) (< netstandard1.4)) (&& (== netcoreapp2.0) (< netstandard1.5)) (&& (== netcoreapp2.0) (< netstandard1.6)) (&& (== netcoreapp2.0) (< netstandard2.0)) (&& (== netcoreapp2.0) (< portable-net451+win81+wpa81)) (== netstandard1.3)
      System.Runtime.Numerics (>= 4.3) - restriction: || (&& (== net451) (< net45)) (&& (== net451) (>= uap10.0)) (&& (== net47) (< net45)) (&& (== net47) (< netstandard1.5) (>= uap10.0)) (&& (== netcoreapp2.0) (< netstandard1.3)) (&& (== netcoreapp2.0) (< netstandard1.4)) (&& (== netcoreapp2.0) (< netstandard1.5)) (&& (== netcoreapp2.0) (< netstandard1.6)) (&& (== netcoreapp2.0) (< netstandard2.0)) (&& (== netcoreapp2.0) (< portable-net451+win81+wpa81)) (== netstandard1.3)
      System.Security.Cryptography.Algorithms (>= 4.3) - restriction: || (&& (== net451) (< net45) (>= netstandard1.3)) (&& (== net451) (< net45) (>= netstandard1.4)) (&& (== net451) (< net45) (>= netstandard1.5)) (&& (== net451) (< net45) (>= netstandard1.6)) (&& (== net451) (>= net46)) (&& (== net451) (>= uap10.0)) (&& (== net47) (< net45)) (&& (== net47) (< netstandard1.4)) (&& (== net47) (< netstandard1.5) (>= uap10.0)) (&& (== netcoreapp2.0) (< netstandard1.4)) (&& (== netcoreapp2.0) (< netstandard1.5)) (&& (== netcoreapp2.0) (< netstandard1.6)) (&& (== netcoreapp2.0) (< netstandard2.0)) (== netstandard1.3)
      System.Security.Cryptography.Encoding (>= 4.3) - restriction: || (&& (== net451) (< net45) (>= netstandard1.3)) (&& (== net451) (< net45) (>= netstandard1.4)) (&& (== net451) (< net45) (>= netstandard1.5)) (&& (== net451) (< net45) (>= netstandard1.6)) (&& (== net451) (>= net46)) (&& (== net451) (>= uap10.0)) (&& (== net47) (< net45)) (&& (== net47) (< netstandard1.4)) (&& (== net47) (< netstandard1.5) (>= uap10.0)) (&& (== netcoreapp2.0) (< netstandard1.4)) (&& (== netcoreapp2.0) (< netstandard1.5)) (&& (== netcoreapp2.0) (< netstandard1.6)) (&& (== netcoreapp2.0) (< netstandard2.0)) (== netstandard1.3)
      System.Security.Cryptography.Primitives (>= 4.3) - restriction: || (&& (== net451) (< net45) (>= netstandard1.3)) (&& (== net451) (< net45) (>= netstandard1.4)) (&& (== net451) (< net45) (>= netstandard1.5)) (&& (== net451) (< net45) (>= netstandard1.6)) (&& (== net451) (>= net46)) (&& (== net451) (>= uap10.0)) (&& (== net47) (< net45)) (&& (== net47) (< netstandard1.4)) (&& (== net47) (< netstandard1.5) (>= uap10.0)) (&& (== netcoreapp2.0) (< netstandard1.4)) (&& (== netcoreapp2.0) (< netstandard1.5)) (&& (== netcoreapp2.0) (< netstandard1.6)) (&& (== netcoreapp2.0) (< netstandard2.0)) (== netstandard1.3)
      System.Security.Cryptography.X509Certificates (>= 4.3) - restriction: || (&& (== net451) (< net45) (>= netstandard1.3)) (&& (== net451) (< net45) (>= netstandard1.4)) (&& (== net451) (< net45) (>= netstandard1.5)) (&& (== net451) (< net45) (>= netstandard1.6)) (&& (== net451) (>= net46)) (&& (== net451) (>= uap10.0)) (&& (== net47) (< net45)) (&& (== net47) (< netstandard1.4)) (&& (== net47) (< netstandard1.5) (>= uap10.0)) (&& (== netcoreapp2.0) (< netstandard1.4)) (&& (== netcoreapp2.0) (< netstandard1.5)) (&& (== netcoreapp2.0) (< netstandard1.6)) (&& (== netcoreapp2.0) (< netstandard2.0)) (== netstandard1.3)
      System.Text.Encoding (>= 4.3) - restriction: || (&& (== net451) (< net45)) (&& (== net451) (< portable-net45+win8+wpa81)) (&& (== net451) (>= uap10.0)) (&& (== net47) (< net45)) (&& (== net47) (< netstandard1.5) (>= uap10.0)) (&& (== net47) (< portable-net45+win8+wpa81)) (&& (== netcoreapp2.0) (< netstandard1.3)) (&& (== netcoreapp2.0) (< netstandard1.4)) (&& (== netcoreapp2.0) (< netstandard1.5)) (&& (== netcoreapp2.0) (< netstandard1.6)) (&& (== netcoreapp2.0) (< netstandard2.0)) (&& (== netcoreapp2.0) (< portable-net45+win8+wpa81)) (&& (== netcoreapp2.0) (< portable-net451+win81+wpa81)) (== netstandard1.3)
      System.Text.Encoding.Extensions (>= 4.3) - restriction: || (&& (== net451) (< net45)) (&& (== net451) (< portable-net45+win8+wpa81)) (&& (== net451) (>= uap10.0)) (&& (== net47) (< net45)) (&& (== net47) (< netstandard1.5) (>= uap10.0)) (&& (== net47) (< portable-net45+win8+wpa81)) (&& (== netcoreapp2.0) (< netstandard1.3)) (&& (== netcoreapp2.0) (< netstandard1.4)) (&& (== netcoreapp2.0) (< netstandard1.5)) (&& (== netcoreapp2.0) (< netstandard1.6)) (&& (== netcoreapp2.0) (< netstandard2.0)) (&& (== netcoreapp2.0) (< portable-net45+win8+wpa81)) (&& (== netcoreapp2.0) (< portable-net451+win81+wpa81)) (== netstandard1.3)
      System.Text.RegularExpressions (>= 4.3) - restriction: || (&& (== net451) (< net45)) (&& (== net451) (< portable-net45+win8+wpa81)) (&& (== net451) (>= uap10.0)) (&& (== net47) (< net45)) (&& (== net47) (< netstandard1.5) (>= uap10.0)) (&& (== net47) (< portable-net45+win8+wpa81)) (&& (== netcoreapp2.0) (< netstandard1.3)) (&& (== netcoreapp2.0) (< netstandard1.4)) (&& (== netcoreapp2.0) (< netstandard1.5)) (&& (== netcoreapp2.0) (< netstandard1.6)) (&& (== netcoreapp2.0) (< netstandard2.0)) (&& (== netcoreapp2.0) (< portable-net45+win8+wpa81)) (&& (== netcoreapp2.0) (< portable-net451+win81+wpa81)) (== netstandard1.3)
      System.Threading (>= 4.3) - restriction: || (&& (== net451) (< net45)) (&& (== net451) (< portable-net45+win8+wpa81)) (&& (== net451) (>= uap10.0)) (&& (== net47) (< net45)) (&& (== net47) (< netstandard1.5) (>= uap10.0)) (&& (== net47) (< portable-net45+win8+wpa81)) (&& (== netcoreapp2.0) (< netstandard1.3)) (&& (== netcoreapp2.0) (< netstandard1.4)) (&& (== netcoreapp2.0) (< netstandard1.5)) (&& (== netcoreapp2.0) (< netstandard1.6)) (&& (== netcoreapp2.0) (< netstandard2.0)) (&& (== netcoreapp2.0) (< portable-net45+win8+wpa81)) (&& (== netcoreapp2.0) (< portable-net451+win81+wpa81)) (== netstandard1.3)
      System.Threading.Tasks (>= 4.3) - restriction: || (&& (== net451) (< net45)) (&& (== net451) (< portable-net45+win8+wpa81)) (&& (== net451) (>= uap10.0)) (&& (== net47) (< net45)) (&& (== net47) (< netstandard1.5) (>= uap10.0)) (&& (== net47) (< portable-net45+win8+wpa81)) (&& (== netcoreapp2.0) (< netstandard1.3)) (&& (== netcoreapp2.0) (< netstandard1.4)) (&& (== netcoreapp2.0) (< netstandard1.5)) (&& (== netcoreapp2.0) (< netstandard1.6)) (&& (== netcoreapp2.0) (< netstandard2.0)) (&& (== netcoreapp2.0) (< portable-net45+win8+wpa81)) (&& (== netcoreapp2.0) (< portable-net451+win81+wpa81)) (== netstandard1.3)
      System.Threading.Timer (>= 4.3) - restriction: || (&& (== net451) (< net45)) (&& (== net451) (>= uap10.0)) (&& (== net47) (< net45)) (&& (== net47) (< netstandard1.5) (>= uap10.0)) (&& (== netcoreapp2.0) (< netstandard1.3)) (&& (== netcoreapp2.0) (< netstandard1.4)) (&& (== netcoreapp2.0) (< netstandard1.5)) (&& (== netcoreapp2.0) (< netstandard1.6)) (&& (== netcoreapp2.0) (< netstandard2.0)) (== netstandard1.3)
      System.Xml.ReaderWriter (>= 4.3) - restriction: || (&& (== net451) (< net45)) (&& (== net451) (>= net46)) (&& (== net451) (< portable-net45+win8+wpa81)) (&& (== net451) (>= uap10.0)) (&& (== net47) (< net45)) (&& (== net47) (< netstandard1.4)) (&& (== net47) (< netstandard1.5) (>= uap10.0)) (&& (== net47) (< portable-net45+win8+wpa81)) (&& (== netcoreapp2.0) (< netstandard1.3)) (&& (== netcoreapp2.0) (< netstandard1.4)) (&& (== netcoreapp2.0) (< netstandard1.5)) (&& (== netcoreapp2.0) (< netstandard1.6)) (&& (== netcoreapp2.0) (< netstandard2.0)) (&& (== netcoreapp2.0) (< portable-net45+win8+wpa81)) (&& (== netcoreapp2.0) (< portable-net451+win81+wpa81)) (== netstandard1.3)
      System.Xml.XDocument (>= 4.3) - restriction: || (&& (== net451) (< net45)) (&& (== net451) (< portable-net45+win8+wpa81)) (&& (== net451) (>= uap10.0)) (&& (== net47) (< net45)) (&& (== net47) (< netstandard1.5) (>= uap10.0)) (&& (== net47) (< portable-net45+win8+wpa81)) (&& (== netcoreapp2.0) (< netstandard1.3)) (&& (== netcoreapp2.0) (< netstandard1.4)) (&& (== netcoreapp2.0) (< netstandard1.5)) (&& (== netcoreapp2.0) (< netstandard1.6)) (&& (== netcoreapp2.0) (< netstandard2.0)) (&& (== netcoreapp2.0) (< portable-net45+win8+wpa81)) (&& (== netcoreapp2.0) (< portable-net451+win81+wpa81)) (== netstandard1.3)
    runtime.native.System (4.3) - restriction: || (&& (== net451) (>= netcoreapp1.0)) (&& (== net47) (>= netcoreapp1.0)) (== netcoreapp2.0) (&& (== netstandard1.3) (>= netcoreapp1.0))
      Microsoft.NETCore.Platforms (>= 1.1)
      Microsoft.NETCore.Targets (>= 1.1)
    System.AppContext (4.3) - restriction: || (&& (== net451) (== net47) (>= uap10.0)) (&& (== net451) (== netcoreapp2.0)) (&& (== net47) (== netcoreapp2.0)) (&& (== net47) (< net45)) (&& (== net47) (< net451) (< netstandard1.4)) (&& (== net47) (< netstandard1.5) (>= uap10.0)) (&& (== netcoreapp2.0) (< netstandard1.4)) (&& (== netcoreapp2.0) (< netstandard1.5)) (&& (== netcoreapp2.0) (< netstandard1.6)) (&& (== netcoreapp2.0) (< netstandard2.0)) (== netstandard1.3)
      System.Runtime (>= 4.3) - restriction: || (== net451) (&& (== net47) (< net46)) (&& (== net47) (< netstandard1.3)) (== netcoreapp2.0) (== netstandard1.3)
    System.Collections (4.3) - restriction: || (&& (== net451) (== net47) (>= uap10.0)) (&& (== net451) (== netcoreapp2.0)) (&& (== net47) (== netcoreapp2.0)) (&& (== net47) (< net45)) (&& (== net47) (< netstandard1.5) (>= uap10.0)) (&& (== net47) (< portable-net45+win8+wpa81)) (&& (== netcoreapp2.0) (< netstandard1.3)) (&& (== netcoreapp2.0) (< netstandard1.4)) (&& (== netcoreapp2.0) (< netstandard1.5)) (&& (== netcoreapp2.0) (< netstandard1.6)) (&& (== netcoreapp2.0) (< netstandard2.0)) (&& (== netcoreapp2.0) (< portable-net45+win8+wpa81)) (&& (== netcoreapp2.0) (< portable-net451+win81+wpa81)) (== netstandard1.3)
      Microsoft.NETCore.Platforms (>= 1.1) - restriction: || (&& (== net451) (< net45)) (&& (== net451) (< portable-net45+win8+wp8+wpa81)) (&& (== net47) (< net45)) (&& (== net47) (< portable-net45+win8+wp8+wpa81)) (== netcoreapp2.0) (== netstandard1.3)
      Microsoft.NETCore.Targets (>= 1.1) - restriction: || (&& (== net451) (< net45)) (&& (== net451) (< portable-net45+win8+wp8+wpa81)) (&& (== net47) (< net45)) (&& (== net47) (< portable-net45+win8+wp8+wpa81)) (== netcoreapp2.0) (== netstandard1.3)
      System.Runtime (>= 4.3) - restriction: || (&& (== net451) (< net45)) (&& (== net451) (< portable-net45+win8+wp8+wpa81)) (&& (== net47) (< net45)) (&& (== net47) (< portable-net45+win8+wp8+wpa81)) (== netcoreapp2.0) (== netstandard1.3)
    System.Collections.Concurrent (4.3) - restriction: || (&& (== net451) (== net47) (>= uap10.0)) (&& (== net451) (== netcoreapp2.0)) (&& (== net47) (== netcoreapp2.0)) (&& (== net47) (< net45)) (&& (== net47) (< netstandard1.5) (>= uap10.0)) (&& (== netcoreapp2.0) (< netstandard1.3)) (&& (== netcoreapp2.0) (< netstandard1.4)) (&& (== netcoreapp2.0) (< netstandard1.5)) (&& (== netcoreapp2.0) (< netstandard1.6)) (&& (== netcoreapp2.0) (< netstandard2.0)) (&& (== netcoreapp2.0) (< portable-net451+win81+wpa81)) (== netstandard1.3)
      System.Collections (>= 4.3) - restriction: || (&& (== net451) (< net45) (>= netstandard1.3)) (&& (== net451) (< portable-net45+win8+wpa81)) (&& (== net47) (< net45)) (&& (== net47) (< portable-net45+win8+wpa81)) (== netcoreapp2.0) (== netstandard1.3)
      System.Diagnostics.Debug (>= 4.3) - restriction: || (&& (== net451) (< net45) (>= netstandard1.3)) (&& (== net451) (< portable-net45+win8+wpa81)) (&& (== net47) (< net45)) (&& (== net47) (< portable-net45+win8+wpa81)) (== netcoreapp2.0) (== netstandard1.3)
      System.Diagnostics.Tracing (>= 4.3) - restriction: || (&& (== net451) (< net45) (>= netstandard1.3)) (&& (== net451) (< portable-net45+win8+wpa81)) (&& (== net47) (< net45)) (&& (== net47) (< portable-net45+win8+wpa81)) (== netcoreapp2.0) (== netstandard1.3)
      System.Globalization (>= 4.3) - restriction: || (&& (== net451) (< net45) (>= netstandard1.3)) (&& (== net451) (< portable-net45+win8+wpa81)) (&& (== net47) (< net45)) (&& (== net47) (< portable-net45+win8+wpa81)) (== netcoreapp2.0) (== netstandard1.3)
      System.Reflection (>= 4.3) - restriction: || (&& (== net451) (< net45) (>= netstandard1.3)) (&& (== net47) (< net45)) (== netcoreapp2.0) (== netstandard1.3)
      System.Resources.ResourceManager (>= 4.3) - restriction: || (&& (== net451) (< net45) (>= netstandard1.3)) (&& (== net451) (< portable-net45+win8+wpa81)) (&& (== net47) (< net45)) (&& (== net47) (< portable-net45+win8+wpa81)) (== netcoreapp2.0) (== netstandard1.3)
      System.Runtime (>= 4.3) - restriction: || (&& (== net451) (< net45)) (&& (== net451) (< portable-net45+win8+wpa81)) (&& (== net47) (< net45)) (&& (== net47) (< portable-net45+win8+wpa81)) (== netcoreapp2.0) (== netstandard1.3)
      System.Runtime.Extensions (>= 4.3) - restriction: || (&& (== net451) (< net45) (>= netstandard1.3)) (&& (== net451) (< portable-net45+win8+wpa81)) (&& (== net47) (< net45)) (&& (== net47) (< portable-net45+win8+wpa81)) (== netcoreapp2.0) (== netstandard1.3)
      System.Threading (>= 4.3) - restriction: || (&& (== net451) (< net45) (>= netstandard1.3)) (&& (== net451) (< portable-net45+win8+wpa81)) (&& (== net47) (< net45)) (&& (== net47) (< portable-net45+win8+wpa81)) (== netcoreapp2.0) (== netstandard1.3)
      System.Threading.Tasks (>= 4.3) - restriction: || (&& (== net451) (< net45)) (&& (== net451) (< portable-net45+win8+wpa81)) (&& (== net47) (< net45)) (&& (== net47) (< portable-net45+win8+wpa81)) (== netcoreapp2.0) (== netstandard1.3)
    System.Diagnostics.Debug (4.3) - restriction: || (&& (== net451) (== net47) (>= uap10.0)) (&& (== net451) (== netcoreapp2.0)) (&& (== net47) (== netcoreapp2.0)) (&& (== net47) (< net45)) (&& (== net47) (< netstandard1.5) (>= uap10.0)) (&& (== net47) (< portable-net45+win8+wpa81)) (&& (== netcoreapp2.0) (< netstandard1.3)) (&& (== netcoreapp2.0) (< netstandard1.4)) (&& (== netcoreapp2.0) (< netstandard1.5)) (&& (== netcoreapp2.0) (< netstandard1.6)) (&& (== netcoreapp2.0) (< netstandard2.0)) (&& (== netcoreapp2.0) (< portable-net45+win8+wpa81)) (&& (== netcoreapp2.0) (< portable-net451+win81+wpa81)) (== netstandard1.3)
      Microsoft.NETCore.Platforms (>= 1.1) - restriction: || (&& (== net451) (< net45)) (&& (== net451) (< portable-net45+win8+wp8+wpa81)) (&& (== net47) (< net45)) (&& (== net47) (< portable-net45+win8+wp8+wpa81)) (== netcoreapp2.0) (== netstandard1.3)
      Microsoft.NETCore.Targets (>= 1.1) - restriction: || (&& (== net451) (< net45)) (&& (== net451) (< portable-net45+win8+wp8+wpa81)) (&& (== net47) (< net45)) (&& (== net47) (< portable-net45+win8+wp8+wpa81)) (== netcoreapp2.0) (== netstandard1.3)
      System.Runtime (>= 4.3) - restriction: || (&& (== net451) (< net45)) (&& (== net451) (< portable-net45+win8+wp8+wpa81)) (&& (== net47) (< net45)) (&& (== net47) (< portable-net45+win8+wp8+wpa81)) (== netcoreapp2.0) (== netstandard1.3)
    System.Diagnostics.Tools (4.3) - restriction: || (&& (== net451) (== net47) (>= uap10.0)) (&& (== net451) (== netcoreapp2.0)) (&& (== net47) (== netcoreapp2.0)) (&& (== net47) (< net45)) (&& (== net47) (< netstandard1.5) (>= uap10.0)) (&& (== net47) (< portable-net45+win8+wpa81)) (&& (== netcoreapp2.0) (< netstandard1.3)) (&& (== netcoreapp2.0) (< netstandard1.4)) (&& (== netcoreapp2.0) (< netstandard1.5)) (&& (== netcoreapp2.0) (< netstandard1.6)) (&& (== netcoreapp2.0) (< netstandard2.0)) (&& (== netcoreapp2.0) (< portable-net45+win8+wpa81)) (&& (== netcoreapp2.0) (< portable-net451+win81+wpa81)) (== netstandard1.3)
      Microsoft.NETCore.Platforms (>= 1.1) - restriction: || (&& (== net451) (< net45)) (&& (== net451) (< portable-net45+win8+wp8+wpa81)) (&& (== net47) (< net45)) (&& (== net47) (< portable-net45+win8+wp8+wpa81)) (== netcoreapp2.0) (== netstandard1.3)
      Microsoft.NETCore.Targets (>= 1.1) - restriction: || (&& (== net451) (< net45)) (&& (== net451) (< portable-net45+win8+wp8+wpa81)) (&& (== net47) (< net45)) (&& (== net47) (< portable-net45+win8+wp8+wpa81)) (== netcoreapp2.0) (== netstandard1.3)
      System.Runtime (>= 4.3) - restriction: || (&& (== net451) (< net45)) (&& (== net451) (< portable-net45+win8+wp8+wpa81)) (&& (== net47) (< net45)) (&& (== net47) (< portable-net45+win8+wp8+wpa81)) (== netcoreapp2.0) (== netstandard1.3)
    System.Diagnostics.Tracing (4.3) - restriction: || (&& (== net451) (== net47) (>= uap10.0)) (&& (== net451) (== netcoreapp2.0)) (&& (== net47) (== netcoreapp2.0)) (&& (== net47) (< net45)) (&& (== net47) (< netstandard1.5) (>= uap10.0)) (&& (== netcoreapp2.0) (< netstandard1.3)) (&& (== netcoreapp2.0) (< netstandard1.4)) (&& (== netcoreapp2.0) (< netstandard1.5)) (&& (== netcoreapp2.0) (< netstandard1.6)) (&& (== netcoreapp2.0) (< netstandard2.0)) (&& (== netcoreapp2.0) (< portable-net451+win81+wpa81)) (== netstandard1.3)
      Microsoft.NETCore.Platforms (>= 1.1) - restriction: || (&& (== net451) (< net45)) (&& (== net451) (< portable-net45+win8+wpa81)) (&& (== net47) (< net45)) (&& (== net47) (< portable-net45+win8+wpa81)) (== netcoreapp2.0) (== netstandard1.3)
      Microsoft.NETCore.Targets (>= 1.1) - restriction: || (&& (== net451) (< net45)) (&& (== net451) (< portable-net45+win8+wpa81)) (&& (== net47) (< net45)) (&& (== net47) (< portable-net45+win8+wpa81)) (== netcoreapp2.0) (== netstandard1.3)
      System.Runtime (>= 4.3) - restriction: || (&& (== net451) (< net45)) (&& (== net451) (< portable-net45+win8+wpa81)) (&& (== net47) (< net45)) (&& (== net47) (< portable-net45+win8+wpa81)) (== netcoreapp2.0) (== netstandard1.3)
    System.Globalization (4.3) - restriction: || (&& (== net451) (== net47) (>= uap10.0)) (&& (== net451) (== netcoreapp2.0)) (&& (== net47) (== netcoreapp2.0)) (&& (== net47) (< net45)) (&& (== net47) (< netstandard1.5) (>= uap10.0)) (&& (== net47) (< portable-net45+win8+wpa81)) (&& (== netcoreapp2.0) (< netstandard1.3)) (&& (== netcoreapp2.0) (< netstandard1.4)) (&& (== netcoreapp2.0) (< netstandard1.5)) (&& (== netcoreapp2.0) (< netstandard1.6)) (&& (== netcoreapp2.0) (< netstandard2.0)) (&& (== netcoreapp2.0) (< portable-net45+win8+wpa81)) (&& (== netcoreapp2.0) (< portable-net451+win81+wpa81)) (== netstandard1.3)
      Microsoft.NETCore.Platforms (>= 1.1) - restriction: || (&& (== net451) (< net45)) (&& (== net451) (< portable-net45+win8+wp8+wpa81)) (&& (== net47) (< net45)) (&& (== net47) (< portable-net45+win8+wp8+wpa81)) (== netcoreapp2.0) (== netstandard1.3)
      Microsoft.NETCore.Targets (>= 1.1) - restriction: || (&& (== net451) (< net45)) (&& (== net451) (< portable-net45+win8+wp8+wpa81)) (&& (== net47) (< net45)) (&& (== net47) (< portable-net45+win8+wp8+wpa81)) (== netcoreapp2.0) (== netstandard1.3)
      System.Runtime (>= 4.3) - restriction: || (&& (== net451) (< net45)) (&& (== net451) (< portable-net45+win8+wp8+wpa81)) (&& (== net47) (< net45)) (&& (== net47) (< portable-net45+win8+wp8+wpa81)) (== netcoreapp2.0) (== netstandard1.3)
    System.IO (4.3) - restriction: || (&& (== net451) (== net47) (>= uap10.0)) (&& (== net451) (== netcoreapp2.0)) (&& (== net47) (== netcoreapp2.0)) (&& (== net47) (< net45)) (&& (== net47) (< netstandard1.5) (>= uap10.0)) (&& (== net47) (< portable-net45+win8+wpa81)) (&& (== netcoreapp2.0) (< netstandard1.3)) (&& (== netcoreapp2.0) (< netstandard1.4)) (&& (== netcoreapp2.0) (< netstandard1.5)) (&& (== netcoreapp2.0) (< netstandard1.6)) (&& (== netcoreapp2.0) (< netstandard2.0)) (&& (== netcoreapp2.0) (< portable-net45+win8+wpa81)) (&& (== netcoreapp2.0) (< portable-net451+win81+wpa81)) (== netstandard1.3)
      Microsoft.NETCore.Platforms (>= 1.1) - restriction: || (&& (== net451) (< net45)) (&& (== net451) (< portable-net45+win8+wp8+wpa81)) (&& (== net47) (< net45)) (&& (== net47) (< portable-net45+win8+wp8+wpa81)) (== netcoreapp2.0) (== netstandard1.3)
      Microsoft.NETCore.Targets (>= 1.1) - restriction: || (&& (== net451) (< net45)) (&& (== net451) (< portable-net45+win8+wp8+wpa81)) (&& (== net47) (< net45)) (&& (== net47) (< portable-net45+win8+wp8+wpa81)) (== netcoreapp2.0) (== netstandard1.3)
      System.Runtime (>= 4.3) - restriction: || (&& (== net451) (< net45)) (&& (== net451) (< portable-net45+win8+wp8+wpa81)) (&& (== net47) (< net45)) (&& (== net47) (< portable-net45+win8+wp8+wpa81)) (== netcoreapp2.0) (== netstandard1.3)
      System.Text.Encoding (>= 4.3) - restriction: || (&& (== net451) (< net45)) (&& (== net451) (< portable-net45+win8+wp8+wpa81)) (&& (== net47) (< net45)) (&& (== net47) (< portable-net45+win8+wp8+wpa81)) (== netcoreapp2.0) (== netstandard1.3)
      System.Threading.Tasks (>= 4.3) - restriction: || (&& (== net451) (< net45)) (&& (== net451) (< portable-net45+win8+wp8+wpa81)) (&& (== net47) (< net45)) (&& (== net47) (< portable-net45+win8+wp8+wpa81)) (== netcoreapp2.0) (== netstandard1.3)
    System.IO.FileSystem (4.3) - restriction: || (&& (== net451) (== net47) (>= uap10.0)) (&& (== net451) (== netcoreapp2.0)) (&& (== net47) (== netcoreapp2.0)) (&& (== net47) (< net45)) (&& (== net47) (< net451) (< netstandard1.4)) (&& (== net47) (< netstandard1.5) (>= uap10.0)) (&& (== netcoreapp2.0) (< netstandard1.4)) (&& (== netcoreapp2.0) (< netstandard1.5)) (&& (== netcoreapp2.0) (< netstandard1.6)) (&& (== netcoreapp2.0) (< netstandard2.0)) (== netstandard1.3)
      Microsoft.NETCore.Platforms (>= 1.1) - restriction: || (&& (== net451) (>= netstandard1.3)) (&& (== net47) (< net46)) (== netcoreapp2.0) (== netstandard1.3)
      Microsoft.NETCore.Targets (>= 1.1) - restriction: || (&& (== net451) (>= netstandard1.3)) (&& (== net47) (< net46)) (== netcoreapp2.0) (== netstandard1.3)
      System.IO (>= 4.3) - restriction: || (&& (== net451) (>= netstandard1.3)) (&& (== net47) (< net46)) (== netcoreapp2.0) (== netstandard1.3)
      System.IO.FileSystem.Primitives (>= 4.3) - restriction: || (&& (== net451) (>= net46)) (&& (== net451) (>= netstandard1.3)) (== net47) (== netcoreapp2.0) (== netstandard1.3)
      System.Runtime (>= 4.3) - restriction: || (&& (== net451) (>= netstandard1.3)) (&& (== net47) (< net46)) (== netcoreapp2.0) (== netstandard1.3)
      System.Runtime.Handles (>= 4.3) - restriction: || (&& (== net451) (>= netstandard1.3)) (&& (== net47) (< net46)) (== netcoreapp2.0) (== netstandard1.3)
      System.Text.Encoding (>= 4.3) - restriction: || (&& (== net451) (>= netstandard1.3)) (&& (== net47) (< net46)) (== netcoreapp2.0) (== netstandard1.3)
      System.Threading.Tasks (>= 4.3) - restriction: || (&& (== net451) (>= netstandard1.3)) (&& (== net47) (< net46)) (== netcoreapp2.0) (== netstandard1.3)
    System.IO.FileSystem.Primitives (4.3) - restriction: || (&& (== net451) (== net47) (>= uap10.0)) (&& (== net451) (== netcoreapp2.0)) (&& (== net47) (== netcoreapp2.0)) (&& (== net47) (< net45)) (&& (== net47) (< net451) (< netstandard1.4)) (&& (== net47) (< netstandard1.5) (>= uap10.0)) (&& (== netcoreapp2.0) (< netstandard1.4)) (&& (== netcoreapp2.0) (< netstandard1.5)) (&& (== netcoreapp2.0) (< netstandard1.6)) (&& (== netcoreapp2.0) (< netstandard2.0)) (== netstandard1.3)
      System.Runtime (>= 4.3) - restriction: || (&& (== net451) (>= netstandard1.3)) (&& (== net47) (< net46)) (== netcoreapp2.0) (== netstandard1.3)
    System.Linq (4.3) - restriction: || (&& (== net451) (== net47) (>= uap10.0)) (&& (== net451) (== netcoreapp2.0)) (&& (== net47) (== netcoreapp2.0)) (&& (== net47) (< net45)) (&& (== net47) (< netstandard1.5) (>= uap10.0)) (&& (== net47) (< portable-net45+win8+wpa81)) (&& (== netcoreapp2.0) (< netstandard1.3)) (&& (== netcoreapp2.0) (< netstandard1.4)) (&& (== netcoreapp2.0) (< netstandard1.5)) (&& (== netcoreapp2.0) (< netstandard1.6)) (&& (== netcoreapp2.0) (< netstandard2.0)) (&& (== netcoreapp2.0) (< portable-net45+win8+wpa81)) (&& (== netcoreapp2.0) (< portable-net451+win81+wpa81)) (== netstandard1.3)
      System.Collections (>= 4.3) - restriction: || (&& (== net451) (< net45)) (&& (== net451) (< portable-net45+win8+wp8+wpa81)) (&& (== net47) (< net45)) (&& (== net47) (< portable-net45+win8+wp8+wpa81)) (== netcoreapp2.0) (== netstandard1.3)
      System.Runtime (>= 4.3) - restriction: || (&& (== net451) (< net45)) (&& (== net451) (< portable-net45+win8+wp8+wpa81)) (&& (== net47) (< net45)) (&& (== net47) (< portable-net45+win8+wp8+wpa81)) (== netcoreapp2.0) (== netstandard1.3)
    System.Linq.Expressions (4.3) - restriction: || (&& (== net451) (== net47) (>= uap10.0)) (&& (== net451) (== netcoreapp2.0)) (&& (== net47) (== netcoreapp2.0)) (&& (== net47) (< net45)) (&& (== net47) (< netstandard1.5) (>= uap10.0)) (&& (== net47) (< portable-net45+win8+wpa81)) (&& (== netcoreapp2.0) (< netstandard1.3)) (&& (== netcoreapp2.0) (< netstandard1.4)) (&& (== netcoreapp2.0) (< netstandard1.5)) (&& (== netcoreapp2.0) (< netstandard1.6)) (&& (== netcoreapp2.0) (< netstandard2.0)) (&& (== netcoreapp2.0) (< portable-net45+win8+wpa81)) (&& (== netcoreapp2.0) (< portable-net451+win81+wpa81)) (== netstandard1.3)
      System.Reflection (>= 4.3) - restriction: || (&& (== net451) (< net45)) (&& (== net451) (< portable-net45+win8+wp8+wpa81)) (&& (== net47) (< net45)) (&& (== net47) (< portable-net45+win8+wp8+wpa81)) (== netcoreapp2.0) (== netstandard1.3)
      System.Runtime (>= 4.3) - restriction: || (&& (== net451) (< net45)) (&& (== net451) (< portable-net45+win8+wp8+wpa81)) (&& (== net47) (< net45)) (&& (== net47) (< portable-net45+win8+wp8+wpa81)) (== netcoreapp2.0) (== netstandard1.3)
    System.ObjectModel (4.3) - restriction: || (&& (== net451) (== net47) (>= uap10.0)) (&& (== net451) (== netcoreapp2.0)) (&& (== net47) (== netcoreapp2.0)) (&& (== net47) (< net45)) (&& (== net47) (< netstandard1.5) (>= uap10.0)) (&& (== net47) (< portable-net45+win8+wpa81)) (&& (== netcoreapp2.0) (< netstandard1.3)) (&& (== netcoreapp2.0) (< netstandard1.4)) (&& (== netcoreapp2.0) (< netstandard1.5)) (&& (== netcoreapp2.0) (< netstandard1.6)) (&& (== netcoreapp2.0) (< netstandard2.0)) (&& (== netcoreapp2.0) (< portable-net45+win8+wpa81)) (&& (== netcoreapp2.0) (< portable-net451+win81+wpa81)) (== netstandard1.3)
      System.Collections (>= 4.3) - restriction: || (&& (== net451) (< net45) (>= netstandard1.3)) (&& (== net451) (< portable-net45+win8+wp8+wpa81)) (&& (== net47) (< net45)) (&& (== net47) (< portable-net45+win8+wp8+wpa81)) (== netcoreapp2.0) (== netstandard1.3)
      System.Diagnostics.Debug (>= 4.3) - restriction: || (&& (== net451) (< net45) (>= netstandard1.3)) (&& (== net451) (< portable-net45+win8+wp8+wpa81)) (&& (== net47) (< net45)) (&& (== net47) (< portable-net45+win8+wp8+wpa81)) (== netcoreapp2.0) (== netstandard1.3)
      System.Resources.ResourceManager (>= 4.3) - restriction: || (&& (== net451) (< net45) (>= netstandard1.3)) (&& (== net451) (< portable-net45+win8+wp8+wpa81)) (&& (== net47) (< net45)) (&& (== net47) (< portable-net45+win8+wp8+wpa81)) (== netcoreapp2.0) (== netstandard1.3)
      System.Runtime (>= 4.3) - restriction: || (&& (== net451) (< net45)) (&& (== net451) (< portable-net45+win8+wp8+wpa81)) (&& (== net47) (< net45)) (&& (== net47) (< portable-net45+win8+wp8+wpa81)) (== netcoreapp2.0) (== netstandard1.3)
      System.Threading (>= 4.3) - restriction: || (&& (== net451) (< net45) (>= netstandard1.3)) (&& (== net451) (< portable-net45+win8+wp8+wpa81)) (&& (== net47) (< net45)) (&& (== net47) (< portable-net45+win8+wp8+wpa81)) (== netcoreapp2.0) (== netstandard1.3)
    System.Reflection (4.3) - restriction: || (&& (== net451) (>= netcoreapp1.0)) (&& (== net47) (>= netcoreapp1.0)) (== netcoreapp2.0) (&& (== netstandard1.3) (>= netcoreapp1.0))
      Microsoft.NETCore.Platforms (>= 1.1) - restriction: || (&& (== net451) (< net45)) (&& (== net451) (< portable-net45+win8+wp8+wpa81)) (&& (== net47) (< net45)) (&& (== net47) (< portable-net45+win8+wp8+wpa81)) (== netcoreapp2.0) (== netstandard1.3)
      Microsoft.NETCore.Targets (>= 1.1) - restriction: || (&& (== net451) (< net45)) (&& (== net451) (< portable-net45+win8+wp8+wpa81)) (&& (== net47) (< net45)) (&& (== net47) (< portable-net45+win8+wp8+wpa81)) (== netcoreapp2.0) (== netstandard1.3)
      System.IO (>= 4.3) - restriction: || (&& (== net451) (< net45)) (&& (== net451) (< portable-net45+win8+wp8+wpa81)) (&& (== net47) (< net45)) (&& (== net47) (< portable-net45+win8+wp8+wpa81)) (== netcoreapp2.0) (== netstandard1.3)
      System.Reflection.Primitives (>= 4.3) - restriction: || (&& (== net451) (< net45)) (&& (== net451) (< portable-net45+win8+wp8+wpa81)) (&& (== net47) (< net45)) (&& (== net47) (< portable-net45+win8+wp8+wpa81)) (== netcoreapp2.0) (== netstandard1.3)
      System.Runtime (>= 4.3) - restriction: || (&& (== net451) (< net45)) (&& (== net451) (< portable-net45+win8+wp8+wpa81)) (&& (== net47) (< net45)) (&& (== net47) (< portable-net45+win8+wp8+wpa81)) (== netcoreapp2.0) (== netstandard1.3)
    System.Reflection.Extensions (4.3) - restriction: || (&& (== net451) (== net47) (>= uap10.0)) (&& (== net451) (== netcoreapp2.0)) (&& (== net47) (== netcoreapp2.0)) (&& (== net47) (< net45)) (&& (== net47) (< netstandard1.5) (>= uap10.0)) (&& (== net47) (< portable-net45+win8+wpa81)) (&& (== netcoreapp2.0) (< netstandard1.3)) (&& (== netcoreapp2.0) (< netstandard1.4)) (&& (== netcoreapp2.0) (< netstandard1.5)) (&& (== netcoreapp2.0) (< netstandard1.6)) (&& (== netcoreapp2.0) (< netstandard2.0)) (&& (== netcoreapp2.0) (< portable-net45+win8+wpa81)) (&& (== netcoreapp2.0) (< portable-net451+win81+wpa81)) (== netstandard1.3)
      Microsoft.NETCore.Platforms (>= 1.1) - restriction: || (&& (== net451) (< net45)) (&& (== net451) (< portable-net45+win8+wp8+wpa81)) (&& (== net47) (< net45)) (&& (== net47) (< portable-net45+win8+wp8+wpa81)) (== netcoreapp2.0) (== netstandard1.3)
      Microsoft.NETCore.Targets (>= 1.1) - restriction: || (&& (== net451) (< net45)) (&& (== net451) (< portable-net45+win8+wp8+wpa81)) (&& (== net47) (< net45)) (&& (== net47) (< portable-net45+win8+wp8+wpa81)) (== netcoreapp2.0) (== netstandard1.3)
      System.Reflection (>= 4.3) - restriction: || (&& (== net451) (< net45)) (&& (== net451) (< portable-net45+win8+wp8+wpa81)) (&& (== net47) (< net45)) (&& (== net47) (< portable-net45+win8+wp8+wpa81)) (== netcoreapp2.0) (== netstandard1.3)
      System.Runtime (>= 4.3) - restriction: || (&& (== net451) (< net45)) (&& (== net451) (< portable-net45+win8+wp8+wpa81)) (&& (== net47) (< net45)) (&& (== net47) (< portable-net45+win8+wp8+wpa81)) (== netcoreapp2.0) (== netstandard1.3)
    System.Reflection.Primitives (4.3) - restriction: || (&& (== net451) (== net47) (>= uap10.0)) (&& (== net451) (== netcoreapp2.0)) (&& (== net47) (== netcoreapp2.0)) (&& (== net47) (< net45)) (&& (== net47) (< netstandard1.5) (>= uap10.0)) (&& (== net47) (< portable-net45+win8+wpa81)) (&& (== netcoreapp2.0) (< netstandard1.3)) (&& (== netcoreapp2.0) (< netstandard1.4)) (&& (== netcoreapp2.0) (< netstandard1.5)) (&& (== netcoreapp2.0) (< netstandard1.6)) (&& (== netcoreapp2.0) (< netstandard2.0)) (&& (== netcoreapp2.0) (< portable-net45+win8+wpa81)) (&& (== netcoreapp2.0) (< portable-net451+win81+wpa81)) (== netstandard1.3)
      Microsoft.NETCore.Platforms (>= 1.1) - restriction: || (&& (== net451) (< net45)) (&& (== net451) (< portable-net45+win8+wp8+wpa81)) (&& (== net47) (< net45)) (&& (== net47) (< portable-net45+win8+wp8+wpa81)) (== netcoreapp2.0) (== netstandard1.3)
      Microsoft.NETCore.Targets (>= 1.1) - restriction: || (&& (== net451) (< net45)) (&& (== net451) (< portable-net45+win8+wp8+wpa81)) (&& (== net47) (< net45)) (&& (== net47) (< portable-net45+win8+wp8+wpa81)) (== netcoreapp2.0) (== netstandard1.3)
      System.Runtime (>= 4.3) - restriction: || (&& (== net451) (< net45)) (&& (== net451) (< portable-net45+win8+wp8+wpa81)) (&& (== net47) (< net45)) (&& (== net47) (< portable-net45+win8+wp8+wpa81)) (== netcoreapp2.0) (== netstandard1.3)
    System.Reflection.TypeExtensions (4.4) - restriction: || (&& (== net451) (>= netcoreapp1.0)) (&& (== net47) (>= netcoreapp1.0)) (== netcoreapp2.0) (&& (== netstandard1.3) (>= netcoreapp1.0))
    System.Resources.ResourceManager (4.3) - restriction: || (&& (== net451) (== net47) (>= uap10.0)) (&& (== net451) (== netcoreapp2.0)) (&& (== net47) (== netcoreapp2.0)) (&& (== net47) (< net45)) (&& (== net47) (< netstandard1.5) (>= uap10.0)) (&& (== net47) (< portable-net45+win8+wpa81)) (&& (== netcoreapp2.0) (< netstandard1.3)) (&& (== netcoreapp2.0) (< netstandard1.4)) (&& (== netcoreapp2.0) (< netstandard1.5)) (&& (== netcoreapp2.0) (< netstandard1.6)) (&& (== netcoreapp2.0) (< netstandard2.0)) (&& (== netcoreapp2.0) (< portable-net45+win8+wpa81)) (&& (== netcoreapp2.0) (< portable-net451+win81+wpa81)) (== netstandard1.3)
      Microsoft.NETCore.Platforms (>= 1.1) - restriction: || (&& (== net451) (< net45)) (&& (== net451) (< portable-net45+win8+wp8+wpa81)) (&& (== net47) (< net45)) (&& (== net47) (< portable-net45+win8+wp8+wpa81)) (== netcoreapp2.0) (== netstandard1.3)
      Microsoft.NETCore.Targets (>= 1.1) - restriction: || (&& (== net451) (< net45)) (&& (== net451) (< portable-net45+win8+wp8+wpa81)) (&& (== net47) (< net45)) (&& (== net47) (< portable-net45+win8+wp8+wpa81)) (== netcoreapp2.0) (== netstandard1.3)
      System.Globalization (>= 4.3) - restriction: || (&& (== net451) (< net45)) (&& (== net451) (< portable-net45+win8+wp8+wpa81)) (&& (== net47) (< net45)) (&& (== net47) (< portable-net45+win8+wp8+wpa81)) (== netcoreapp2.0) (== netstandard1.3)
      System.Reflection (>= 4.3) - restriction: || (&& (== net451) (< net45)) (&& (== net451) (< portable-net45+win8+wp8+wpa81)) (&& (== net47) (< net45)) (&& (== net47) (< portable-net45+win8+wp8+wpa81)) (== netcoreapp2.0) (== netstandard1.3)
      System.Runtime (>= 4.3) - restriction: || (&& (== net451) (< net45)) (&& (== net451) (< portable-net45+win8+wp8+wpa81)) (&& (== net47) (< net45)) (&& (== net47) (< portable-net45+win8+wp8+wpa81)) (== netcoreapp2.0) (== netstandard1.3)
    System.Runtime (4.3) - restriction: || (&& (== net451) (== net47) (>= uap10.0)) (&& (== net451) (== netcoreapp2.0)) (&& (== net47) (== netcoreapp2.0)) (&& (== net47) (< net45)) (&& (== net47) (< netstandard1.5) (>= uap10.0)) (&& (== net47) (< portable-net45+win8+wpa81)) (&& (== netcoreapp2.0) (< netstandard1.3)) (&& (== netcoreapp2.0) (< netstandard1.4)) (&& (== netcoreapp2.0) (< netstandard1.5)) (&& (== netcoreapp2.0) (< netstandard1.6)) (&& (== netcoreapp2.0) (< netstandard2.0)) (&& (== netcoreapp2.0) (< portable-net45+win8+wpa81)) (&& (== netcoreapp2.0) (< portable-net451+win81+wpa81)) (== netstandard1.3)
      Microsoft.NETCore.Platforms (>= 1.1) - restriction: || (&& (== net451) (< net45)) (&& (== net451) (< portable-net45+win8+wp8+wpa81)) (&& (== net47) (< net45)) (&& (== net47) (< portable-net45+win8+wp8+wpa81)) (== netcoreapp2.0) (== netstandard1.3)
      Microsoft.NETCore.Targets (>= 1.1) - restriction: || (&& (== net451) (< net45)) (&& (== net451) (< portable-net45+win8+wp8+wpa81)) (&& (== net47) (< net45)) (&& (== net47) (< portable-net45+win8+wp8+wpa81)) (== netcoreapp2.0) (== netstandard1.3)
    System.Runtime.Extensions (4.3) - restriction: || (&& (== net451) (== net47) (>= uap10.0)) (&& (== net451) (== netcoreapp2.0)) (&& (== net47) (== netcoreapp2.0)) (&& (== net47) (< net45)) (&& (== net47) (< netstandard1.5) (>= uap10.0)) (&& (== net47) (< portable-net45+win8+wpa81)) (&& (== netcoreapp2.0) (< netstandard1.3)) (&& (== netcoreapp2.0) (< netstandard1.4)) (&& (== netcoreapp2.0) (< netstandard1.5)) (&& (== netcoreapp2.0) (< netstandard1.6)) (&& (== netcoreapp2.0) (< netstandard2.0)) (&& (== netcoreapp2.0) (< portable-net45+win8+wpa81)) (&& (== netcoreapp2.0) (< portable-net451+win81+wpa81)) (== netstandard1.3)
      Microsoft.NETCore.Platforms (>= 1.1) - restriction: || (&& (== net451) (< net45)) (&& (== net451) (< portable-net45+win8+wp8+wpa81)) (&& (== net47) (< net45)) (&& (== net47) (< portable-net45+win8+wp8+wpa81)) (== netcoreapp2.0) (== netstandard1.3)
      Microsoft.NETCore.Targets (>= 1.1) - restriction: || (&& (== net451) (< net45)) (&& (== net451) (< portable-net45+win8+wp8+wpa81)) (&& (== net47) (< net45)) (&& (== net47) (< portable-net45+win8+wp8+wpa81)) (== netcoreapp2.0) (== netstandard1.3)
      System.Runtime (>= 4.3) - restriction: || (&& (== net451) (< net45)) (&& (== net451) (< portable-net45+win8+wp8+wpa81)) (&& (== net47) (< net45)) (&& (== net47) (< portable-net45+win8+wp8+wpa81)) (== netcoreapp2.0) (== netstandard1.3)
    System.Runtime.Handles (4.3) - restriction: || (&& (== net451) (== net47) (>= uap10.0)) (&& (== net451) (== netcoreapp2.0)) (&& (== net47) (== netcoreapp2.0)) (&& (== net47) (< net45)) (&& (== net47) (< netstandard1.5) (>= uap10.0)) (&& (== netcoreapp2.0) (< netstandard1.4)) (&& (== netcoreapp2.0) (< netstandard1.5)) (&& (== netcoreapp2.0) (< netstandard1.6)) (&& (== netcoreapp2.0) (< netstandard2.0)) (== netstandard1.3)
      Microsoft.NETCore.Platforms (>= 1.1) - restriction: || (&& (== net451) (>= netstandard1.3)) (&& (== net47) (< net46)) (== netcoreapp2.0) (== netstandard1.3)
      Microsoft.NETCore.Targets (>= 1.1) - restriction: || (&& (== net451) (>= netstandard1.3)) (&& (== net47) (< net46)) (== netcoreapp2.0) (== netstandard1.3)
      System.Runtime (>= 4.3) - restriction: || (&& (== net451) (>= netstandard1.3)) (&& (== net47) (< net46)) (== netcoreapp2.0) (== netstandard1.3)
    System.Runtime.InteropServices (4.3) - restriction: || (&& (== net451) (== net47) (>= uap10.0)) (&& (== net451) (== netcoreapp2.0)) (&& (== net47) (== netcoreapp2.0)) (&& (== net47) (< net45)) (&& (== net47) (< netstandard1.5) (>= uap10.0)) (&& (== netcoreapp2.0) (< netstandard1.3)) (&& (== netcoreapp2.0) (< netstandard1.4)) (&& (== netcoreapp2.0) (< netstandard1.5)) (&& (== netcoreapp2.0) (< netstandard1.6)) (&& (== netcoreapp2.0) (< netstandard2.0)) (&& (== netcoreapp2.0) (< portable-net451+win81+wpa81)) (== netstandard1.3)
      Microsoft.NETCore.Platforms (>= 1.1) - restriction: || (&& (== net451) (< net45)) (&& (== net451) (>= netcoreapp1.1)) (&& (== net451) (< portable-net45+win8+wpa81)) (&& (== net47) (< net45)) (&& (== net47) (>= netcoreapp1.1)) (&& (== net47) (< portable-net45+win8+wpa81)) (== netcoreapp2.0) (== netstandard1.3)
      Microsoft.NETCore.Targets (>= 1.1) - restriction: || (&& (== net451) (< net45)) (&& (== net451) (>= netcoreapp1.1)) (&& (== net451) (< portable-net45+win8+wpa81)) (&& (== net47) (< net45)) (&& (== net47) (>= netcoreapp1.1)) (&& (== net47) (< portable-net45+win8+wpa81)) (== netcoreapp2.0) (== netstandard1.3)
      System.Reflection (>= 4.3) - restriction: || (&& (== net451) (< net45)) (&& (== net451) (>= netcoreapp1.1)) (&& (== net451) (< portable-net45+win8+wpa81)) (&& (== net47) (< net45)) (&& (== net47) (>= netcoreapp1.1)) (&& (== net47) (< portable-net45+win8+wpa81)) (== netcoreapp2.0) (== netstandard1.3)
      System.Reflection.Primitives (>= 4.3) - restriction: || (&& (== net451) (< net45)) (&& (== net451) (>= netcoreapp1.1)) (&& (== net451) (< portable-net45+win8+wpa81)) (&& (== net47) (< net45)) (&& (== net47) (>= netcoreapp1.1)) (&& (== net47) (< portable-net45+win8+wpa81)) (== netcoreapp2.0) (== netstandard1.3)
      System.Runtime (>= 4.3) - restriction: || (&& (== net451) (< net45)) (&& (== net451) (>= net462)) (&& (== net451) (>= netcoreapp1.1)) (&& (== net451) (< portable-net45+win8+wpa81)) (== net47) (== netcoreapp2.0) (== netstandard1.3)
      System.Runtime.Handles (>= 4.3) - restriction: || (&& (== net451) (< net45) (>= netstandard1.3)) (&& (== net451) (< net45) (>= netstandard1.5)) (&& (== net451) (>= netcoreapp1.1)) (&& (== net451) (< portable-net45+win8+wpa81)) (&& (== net47) (< net45)) (&& (== net47) (>= netcoreapp1.1)) (&& (== net47) (< portable-net45+win8+wpa81)) (== netcoreapp2.0) (== netstandard1.3)
    System.Runtime.InteropServices.RuntimeInformation (4.3) - restriction: || (&& (== net451) (== net47) (>= uap10.0)) (&& (== net451) (== net47) (>= wpa81)) (&& (== net451) (== netcoreapp2.0)) (&& (== net47) (== netcoreapp2.0)) (&& (== net47) (< net45)) (&& (== net47) (< net451) (< netstandard1.3)) (&& (== net47) (< net451) (< netstandard1.4)) (&& (== net47) (< netstandard1.0)) (&& (== net47) (< netstandard1.3) (>= wpa81)) (&& (== net47) (< netstandard1.5) (>= uap10.0)) (&& (== net47) (< portable-net451+win81+wpa81)) (&& (== netcoreapp2.0) (< netstandard1.0)) (&& (== netcoreapp2.0) (< netstandard1.3)) (&& (== netcoreapp2.0) (< netstandard1.4)) (&& (== netcoreapp2.0) (< netstandard1.5)) (&& (== netcoreapp2.0) (< netstandard1.6)) (&& (== netcoreapp2.0) (< netstandard2.0)) (&& (== netcoreapp2.0) (< portable-net451+win81+wpa81)) (== netstandard1.3)
      runtime.native.System (>= 4.3) - restriction: || (&& (== net451) (< net45)) (&& (== net47) (< net45)) (== netcoreapp2.0) (== netstandard1.3)
      System.Reflection (>= 4.3) - restriction: || (&& (== net451) (< net45)) (&& (== net451) (< netstandard1.1)) (&& (== net47) (< net45)) (&& (== net47) (< netstandard1.1)) (== netcoreapp2.0) (== netstandard1.3)
      System.Reflection.Extensions (>= 4.3) - restriction: || (&& (== net451) (< net45)) (&& (== net451) (< netstandard1.1)) (&& (== net47) (< net45)) (&& (== net47) (< netstandard1.1)) (== netcoreapp2.0) (== netstandard1.3)
      System.Resources.ResourceManager (>= 4.3) - restriction: || (&& (== net451) (< net45)) (&& (== net451) (< netstandard1.1)) (&& (== net47) (< net45)) (&& (== net47) (< netstandard1.1)) (== netcoreapp2.0) (== netstandard1.3)
      System.Runtime (>= 4.3) - restriction: || (&& (== net451) (< net45)) (&& (== net451) (< netstandard1.1)) (&& (== net47) (< net45)) (&& (== net47) (< netstandard1.1)) (== netcoreapp2.0) (== netstandard1.3)
      System.Runtime.InteropServices (>= 4.3) - restriction: || (&& (== net451) (< net45)) (&& (== net47) (< net45)) (== netcoreapp2.0) (== netstandard1.3)
      System.Threading (>= 4.3) - restriction: || (&& (== net451) (< net45)) (&& (== net451) (< netstandard1.1)) (&& (== net47) (< net45)) (&& (== net47) (< netstandard1.1)) (== netcoreapp2.0) (== netstandard1.3)
    System.Text.Encoding (4.3) - restriction: || (&& (== net451) (== net47) (>= uap10.0)) (&& (== net451) (== netcoreapp2.0)) (&& (== net47) (== netcoreapp2.0)) (&& (== net47) (< net45)) (&& (== net47) (< netstandard1.5) (>= uap10.0)) (&& (== net47) (< portable-net45+win8+wpa81)) (&& (== netcoreapp2.0) (< netstandard1.3)) (&& (== netcoreapp2.0) (< netstandard1.4)) (&& (== netcoreapp2.0) (< netstandard1.5)) (&& (== netcoreapp2.0) (< netstandard1.6)) (&& (== netcoreapp2.0) (< netstandard2.0)) (&& (== netcoreapp2.0) (< portable-net45+win8+wpa81)) (&& (== netcoreapp2.0) (< portable-net451+win81+wpa81)) (== netstandard1.3)
      Microsoft.NETCore.Platforms (>= 1.1) - restriction: || (&& (== net451) (< net45)) (&& (== net451) (< portable-net45+win8+wp8+wpa81)) (&& (== net47) (< net45)) (&& (== net47) (< portable-net45+win8+wp8+wpa81)) (== netcoreapp2.0) (== netstandard1.3)
      Microsoft.NETCore.Targets (>= 1.1) - restriction: || (&& (== net451) (< net45)) (&& (== net451) (< portable-net45+win8+wp8+wpa81)) (&& (== net47) (< net45)) (&& (== net47) (< portable-net45+win8+wp8+wpa81)) (== netcoreapp2.0) (== netstandard1.3)
      System.Runtime (>= 4.3) - restriction: || (&& (== net451) (< net45)) (&& (== net451) (< portable-net45+win8+wp8+wpa81)) (&& (== net47) (< net45)) (&& (== net47) (< portable-net45+win8+wp8+wpa81)) (== netcoreapp2.0) (== netstandard1.3)
    System.Text.Encoding.Extensions (4.3) - restriction: || (&& (== net451) (== net47) (>= uap10.0)) (&& (== net451) (== netcoreapp2.0)) (&& (== net47) (== netcoreapp2.0)) (&& (== net47) (< net45)) (&& (== net47) (< netstandard1.5) (>= uap10.0)) (&& (== net47) (< portable-net45+win8+wpa81)) (&& (== netcoreapp2.0) (< netstandard1.3)) (&& (== netcoreapp2.0) (< netstandard1.4)) (&& (== netcoreapp2.0) (< netstandard1.5)) (&& (== netcoreapp2.0) (< netstandard1.6)) (&& (== netcoreapp2.0) (< netstandard2.0)) (&& (== netcoreapp2.0) (< portable-net45+win8+wpa81)) (&& (== netcoreapp2.0) (< portable-net451+win81+wpa81)) (== netstandard1.3)
      Microsoft.NETCore.Platforms (>= 1.1) - restriction: || (&& (== net451) (< net45)) (&& (== net451) (< portable-net45+win8+wp8+wpa81)) (&& (== net47) (< net45)) (&& (== net47) (< portable-net45+win8+wp8+wpa81)) (== netcoreapp2.0) (== netstandard1.3)
      Microsoft.NETCore.Targets (>= 1.1) - restriction: || (&& (== net451) (< net45)) (&& (== net451) (< portable-net45+win8+wp8+wpa81)) (&& (== net47) (< net45)) (&& (== net47) (< portable-net45+win8+wp8+wpa81)) (== netcoreapp2.0) (== netstandard1.3)
      System.Runtime (>= 4.3) - restriction: || (&& (== net451) (< net45)) (&& (== net451) (< portable-net45+win8+wp8+wpa81)) (&& (== net47) (< net45)) (&& (== net47) (< portable-net45+win8+wp8+wpa81)) (== netcoreapp2.0) (== netstandard1.3)
      System.Text.Encoding (>= 4.3) - restriction: || (&& (== net451) (< net45)) (&& (== net451) (< portable-net45+win8+wp8+wpa81)) (&& (== net47) (< net45)) (&& (== net47) (< portable-net45+win8+wp8+wpa81)) (== netcoreapp2.0) (== netstandard1.3)
    System.Text.RegularExpressions (4.3) - restriction: || (&& (== net451) (== net47) (>= uap10.0)) (&& (== net451) (== netcoreapp2.0)) (&& (== net47) (== netcoreapp2.0)) (&& (== net47) (< net45)) (&& (== net47) (< netstandard1.5) (>= uap10.0)) (&& (== net47) (< portable-net45+win8+wpa81)) (&& (== netcoreapp2.0) (< netstandard1.3)) (&& (== netcoreapp2.0) (< netstandard1.4)) (&& (== netcoreapp2.0) (< netstandard1.5)) (&& (== netcoreapp2.0) (< netstandard1.6)) (&& (== netcoreapp2.0) (< netstandard2.0)) (&& (== netcoreapp2.0) (< portable-net45+win8+wpa81)) (&& (== netcoreapp2.0) (< portable-net451+win81+wpa81)) (== netstandard1.3)
      System.Runtime (>= 4.3) - restriction: || (&& (== net451) (< net45)) (&& (== net451) (>= netcoreapp1.1)) (&& (== net451) (< portable-net45+win8+wp8+wpa81)) (&& (== net47) (< net45)) (&& (== net47) (>= netcoreapp1.1)) (&& (== net47) (< portable-net45+win8+wp8+wpa81)) (== netcoreapp2.0) (== netstandard1.3)
    System.Threading (4.3) - restriction: || (&& (== net451) (== net47) (>= uap10.0)) (&& (== net451) (== netcoreapp2.0)) (&& (== net47) (== netcoreapp2.0)) (&& (== net47) (< net45)) (&& (== net47) (< netstandard1.5) (>= uap10.0)) (&& (== net47) (< portable-net45+win8+wpa81)) (&& (== netcoreapp2.0) (< netstandard1.3)) (&& (== netcoreapp2.0) (< netstandard1.4)) (&& (== netcoreapp2.0) (< netstandard1.5)) (&& (== netcoreapp2.0) (< netstandard1.6)) (&& (== netcoreapp2.0) (< netstandard2.0)) (&& (== netcoreapp2.0) (< portable-net45+win8+wpa81)) (&& (== netcoreapp2.0) (< portable-net451+win81+wpa81)) (== netstandard1.3)
      System.Runtime (>= 4.3) - restriction: || (&& (== net451) (< net45)) (&& (== net451) (< portable-net45+win8+wp8+wpa81)) (&& (== net47) (< net45)) (&& (== net47) (< portable-net45+win8+wp8+wpa81)) (== netcoreapp2.0) (== netstandard1.3)
      System.Threading.Tasks (>= 4.3) - restriction: || (&& (== net451) (< net45)) (&& (== net451) (< portable-net45+win8+wp8+wpa81)) (&& (== net47) (< net45)) (&& (== net47) (< portable-net45+win8+wp8+wpa81)) (== netcoreapp2.0) (== netstandard1.3)
    System.Threading.Tasks (4.3) - restriction: || (&& (== net451) (== net47) (>= uap10.0)) (&& (== net451) (== netcoreapp2.0)) (&& (== net47) (== netcoreapp2.0)) (&& (== net47) (< net45)) (&& (== net47) (< netstandard1.5) (>= uap10.0)) (&& (== net47) (< portable-net45+win8+wpa81)) (&& (== netcoreapp2.0) (< netstandard1.3)) (&& (== netcoreapp2.0) (< netstandard1.4)) (&& (== netcoreapp2.0) (< netstandard1.5)) (&& (== netcoreapp2.0) (< netstandard1.6)) (&& (== netcoreapp2.0) (< netstandard2.0)) (&& (== netcoreapp2.0) (< portable-net45+win8+wpa81)) (&& (== netcoreapp2.0) (< portable-net451+win81+wpa81)) (== netstandard1.3)
      Microsoft.NETCore.Platforms (>= 1.1) - restriction: || (&& (== net451) (< net45)) (&& (== net451) (< portable-net45+win8+wp8+wpa81)) (&& (== net47) (< net45)) (&& (== net47) (< portable-net45+win8+wp8+wpa81)) (== netcoreapp2.0) (== netstandard1.3)
      Microsoft.NETCore.Targets (>= 1.1) - restriction: || (&& (== net451) (< net45)) (&& (== net451) (< portable-net45+win8+wp8+wpa81)) (&& (== net47) (< net45)) (&& (== net47) (< portable-net45+win8+wp8+wpa81)) (== netcoreapp2.0) (== netstandard1.3)
      System.Runtime (>= 4.3) - restriction: || (&& (== net451) (< net45)) (&& (== net451) (< portable-net45+win8+wp8+wpa81)) (&& (== net47) (< net45)) (&& (== net47) (< portable-net45+win8+wp8+wpa81)) (== netcoreapp2.0) (== netstandard1.3)
    System.Threading.Tasks.Extensions (4.4) - restriction: || (&& (== net451) (== net47) (>= uap10.0)) (&& (== net451) (== netcoreapp2.0)) (&& (== net47) (== netcoreapp2.0)) (&& (== net47) (< net45)) (&& (== net47) (< netstandard1.5) (>= uap10.0)) (&& (== net47) (< portable-net45+win8+wp8+wpa81)) (&& (== net47) (< portable-net45+win8+wpa81)) (&& (== netcoreapp2.0) (< netstandard1.3)) (&& (== netcoreapp2.0) (< netstandard1.4)) (&& (== netcoreapp2.0) (< netstandard1.5)) (&& (== netcoreapp2.0) (< netstandard1.6)) (&& (== netcoreapp2.0) (< netstandard2.0)) (&& (== netcoreapp2.0) (< portable-net45+win8+wp8+wpa81)) (&& (== netcoreapp2.0) (< portable-net45+win8+wpa81)) (&& (== netcoreapp2.0) (< portable-net451+win81+wpa81)) (== netstandard1.3)
      System.Collections (>= 4.3) - restriction: || (== net451) (== net47) (&& (== netcoreapp2.0) (< netstandard2.0)) (== netstandard1.3)
      System.Runtime (>= 4.3) - restriction: || (== net451) (== net47) (&& (== netcoreapp2.0) (< netstandard2.0)) (== netstandard1.3)
      System.Threading.Tasks (>= 4.3) - restriction: || (== net451) (== net47) (&& (== netcoreapp2.0) (< netstandard2.0)) (== netstandard1.3)
    System.Xml.ReaderWriter (4.3) - restriction: || (&& (== net451) (== net47) (>= uap10.0)) (&& (== net451) (== netcoreapp2.0)) (&& (== net47) (== netcoreapp2.0)) (&& (== net47) (< net45)) (&& (== net47) (< net451) (< netstandard1.4)) (&& (== net47) (< netstandard1.5) (>= uap10.0)) (&& (== net47) (< portable-net45+win8+wpa81)) (&& (== netcoreapp2.0) (< netstandard1.3)) (&& (== netcoreapp2.0) (< netstandard1.4)) (&& (== netcoreapp2.0) (< netstandard1.5)) (&& (== netcoreapp2.0) (< netstandard1.6)) (&& (== netcoreapp2.0) (< netstandard2.0)) (&& (== netcoreapp2.0) (< portable-net45+win8+wpa81)) (&& (== netcoreapp2.0) (< portable-net451+win81+wpa81)) (== netstandard1.3)
      System.Collections (>= 4.3) - restriction: || (&& (== net451) (< net45) (>= netstandard1.3)) (&& (== net451) (< portable-net45+win8+wp8+wpa81)) (&& (== net47) (< net45)) (&& (== net47) (< portable-net45+win8+wp8+wpa81)) (== netcoreapp2.0) (== netstandard1.3)
      System.Diagnostics.Debug (>= 4.3) - restriction: || (&& (== net451) (< net45) (>= netstandard1.3)) (&& (== net451) (< portable-net45+win8+wp8+wpa81)) (&& (== net47) (< net45)) (&& (== net47) (< portable-net45+win8+wp8+wpa81)) (== netcoreapp2.0) (== netstandard1.3)
      System.Globalization (>= 4.3) - restriction: || (&& (== net451) (< net45) (>= netstandard1.3)) (&& (== net451) (< portable-net45+win8+wp8+wpa81)) (&& (== net47) (< net45)) (&& (== net47) (< portable-net45+win8+wp8+wpa81)) (== netcoreapp2.0) (== netstandard1.3)
      System.IO (>= 4.3) - restriction: || (&& (== net451) (< net45)) (&& (== net451) (< portable-net45+win8+wp8+wpa81)) (&& (== net47) (< net45)) (&& (== net47) (< portable-net45+win8+wp8+wpa81)) (== netcoreapp2.0) (== netstandard1.3)
      System.IO.FileSystem (>= 4.3) - restriction: || (&& (== net451) (< net45) (>= netstandard1.3)) (&& (== net451) (< portable-net45+win8+wp8+wpa81)) (&& (== net47) (< net45)) (&& (== net47) (< portable-net45+win8+wp8+wpa81)) (== netcoreapp2.0) (== netstandard1.3)
      System.IO.FileSystem.Primitives (>= 4.3) - restriction: || (&& (== net451) (< net45) (>= netstandard1.3)) (&& (== net451) (< portable-net45+win8+wp8+wpa81)) (&& (== net47) (< net45)) (&& (== net47) (< portable-net45+win8+wp8+wpa81)) (== netcoreapp2.0) (== netstandard1.3)
      System.Resources.ResourceManager (>= 4.3) - restriction: || (&& (== net451) (< net45) (>= netstandard1.3)) (&& (== net451) (< portable-net45+win8+wp8+wpa81)) (&& (== net47) (< net45)) (&& (== net47) (< portable-net45+win8+wp8+wpa81)) (== netcoreapp2.0) (== netstandard1.3)
      System.Runtime (>= 4.3) - restriction: || (&& (== net451) (< net45)) (&& (== net451) (< portable-net45+win8+wp8+wpa81)) (&& (== net47) (< net45)) (&& (== net47) (< portable-net45+win8+wp8+wpa81)) (== netcoreapp2.0) (== netstandard1.3)
      System.Runtime.Extensions (>= 4.3) - restriction: || (&& (== net451) (< net45) (>= netstandard1.3)) (&& (== net451) (< portable-net45+win8+wp8+wpa81)) (&& (== net47) (< net45)) (&& (== net47) (< portable-net45+win8+wp8+wpa81)) (== netcoreapp2.0) (== netstandard1.3)
      System.Runtime.InteropServices (>= 4.3) - restriction: || (&& (== net451) (< net45) (>= netstandard1.3)) (&& (== net451) (< portable-net45+win8+wp8+wpa81)) (&& (== net47) (< net45)) (&& (== net47) (< portable-net45+win8+wp8+wpa81)) (== netcoreapp2.0) (== netstandard1.3)
      System.Text.Encoding (>= 4.3) - restriction: || (&& (== net451) (< net45)) (&& (== net451) (< portable-net45+win8+wp8+wpa81)) (&& (== net47) (< net45)) (&& (== net47) (< portable-net45+win8+wp8+wpa81)) (== netcoreapp2.0) (== netstandard1.3)
      System.Text.Encoding.Extensions (>= 4.3) - restriction: || (&& (== net451) (< net45) (>= netstandard1.3)) (&& (== net451) (< portable-net45+win8+wp8+wpa81)) (&& (== net47) (< net45)) (&& (== net47) (< portable-net45+win8+wp8+wpa81)) (== netcoreapp2.0) (== netstandard1.3)
      System.Text.RegularExpressions (>= 4.3) - restriction: || (&& (== net451) (< net45) (>= netstandard1.3)) (&& (== net451) (< portable-net45+win8+wp8+wpa81)) (&& (== net47) (< net45)) (&& (== net47) (< portable-net45+win8+wp8+wpa81)) (== netcoreapp2.0) (== netstandard1.3)
      System.Threading.Tasks (>= 4.3) - restriction: || (&& (== net451) (< net45)) (&& (== net451) (< portable-net45+win8+wp8+wpa81)) (&& (== net47) (< net45)) (&& (== net47) (< portable-net45+win8+wp8+wpa81)) (== netcoreapp2.0) (== netstandard1.3)
      System.Threading.Tasks.Extensions (>= 4.3) - restriction: || (&& (== net451) (< net45) (>= netstandard1.3)) (&& (== net451) (< portable-net45+win8+wp8+wpa81)) (&& (== net47) (< net45)) (&& (== net47) (< portable-net45+win8+wp8+wpa81)) (== netcoreapp2.0) (== netstandard1.3)
    System.Xml.XDocument (4.3) - restriction: || (&& (== net451) (== net47) (>= uap10.0)) (&& (== net451) (== netcoreapp2.0)) (&& (== net47) (== netcoreapp2.0)) (&& (== net47) (< net45)) (&& (== net47) (< netstandard1.5) (>= uap10.0)) (&& (== net47) (< portable-net45+win8+wpa81)) (&& (== netcoreapp2.0) (< netstandard1.3)) (&& (== netcoreapp2.0) (< netstandard1.4)) (&& (== netcoreapp2.0) (< netstandard1.5)) (&& (== netcoreapp2.0) (< netstandard1.6)) (&& (== netcoreapp2.0) (< netstandard2.0)) (&& (== netcoreapp2.0) (< portable-net45+win8+wpa81)) (&& (== netcoreapp2.0) (< portable-net451+win81+wpa81)) (== netstandard1.3)
      System.Collections (>= 4.3) - restriction: || (&& (== net451) (< net45) (>= netstandard1.3)) (&& (== net451) (< portable-net45+win8+wp8+wpa81)) (&& (== net47) (< net45)) (&& (== net47) (< portable-net45+win8+wp8+wpa81)) (== netcoreapp2.0) (== netstandard1.3)
      System.Diagnostics.Debug (>= 4.3) - restriction: || (&& (== net451) (< net45) (>= netstandard1.3)) (&& (== net451) (< portable-net45+win8+wp8+wpa81)) (&& (== net47) (< net45)) (&& (== net47) (< portable-net45+win8+wp8+wpa81)) (== netcoreapp2.0) (== netstandard1.3)
      System.Diagnostics.Tools (>= 4.3) - restriction: || (&& (== net451) (< net45) (>= netstandard1.3)) (&& (== net451) (< portable-net45+win8+wp8+wpa81)) (&& (== net47) (< net45)) (&& (== net47) (< portable-net45+win8+wp8+wpa81)) (== netcoreapp2.0) (== netstandard1.3)
      System.Globalization (>= 4.3) - restriction: || (&& (== net451) (< net45) (>= netstandard1.3)) (&& (== net451) (< portable-net45+win8+wp8+wpa81)) (&& (== net47) (< net45)) (&& (== net47) (< portable-net45+win8+wp8+wpa81)) (== netcoreapp2.0) (== netstandard1.3)
      System.IO (>= 4.3) - restriction: || (&& (== net451) (< net45)) (&& (== net451) (< portable-net45+win8+wp8+wpa81)) (&& (== net47) (< net45)) (&& (== net47) (< portable-net45+win8+wp8+wpa81)) (== netcoreapp2.0) (== netstandard1.3)
      System.Reflection (>= 4.3) - restriction: || (&& (== net451) (< net45) (>= netstandard1.3)) (&& (== net451) (< portable-net45+win8+wp8+wpa81)) (&& (== net47) (< net45)) (&& (== net47) (< portable-net45+win8+wp8+wpa81)) (== netcoreapp2.0) (== netstandard1.3)
      System.Resources.ResourceManager (>= 4.3) - restriction: || (&& (== net451) (< net45) (>= netstandard1.3)) (&& (== net451) (< portable-net45+win8+wp8+wpa81)) (&& (== net47) (< net45)) (&& (== net47) (< portable-net45+win8+wp8+wpa81)) (== netcoreapp2.0) (== netstandard1.3)
      System.Runtime (>= 4.3) - restriction: || (&& (== net451) (< net45)) (&& (== net451) (< portable-net45+win8+wp8+wpa81)) (&& (== net47) (< net45)) (&& (== net47) (< portable-net45+win8+wp8+wpa81)) (== netcoreapp2.0) (== netstandard1.3)
      System.Runtime.Extensions (>= 4.3) - restriction: || (&& (== net451) (< net45) (>= netstandard1.3)) (&& (== net451) (< portable-net45+win8+wp8+wpa81)) (&& (== net47) (< net45)) (&& (== net47) (< portable-net45+win8+wp8+wpa81)) (== netcoreapp2.0) (== netstandard1.3)
      System.Text.Encoding (>= 4.3) - restriction: || (&& (== net451) (< net45) (>= netstandard1.3)) (&& (== net451) (< portable-net45+win8+wp8+wpa81)) (&& (== net47) (< net45)) (&& (== net47) (< portable-net45+win8+wp8+wpa81)) (== netcoreapp2.0) (== netstandard1.3)
      System.Threading (>= 4.3) - restriction: || (&& (== net451) (< net45) (>= netstandard1.3)) (&& (== net451) (< portable-net45+win8+wp8+wpa81)) (&& (== net47) (< net45)) (&& (== net47) (< portable-net45+win8+wp8+wpa81)) (== netcoreapp2.0) (== netstandard1.3)
      System.Xml.ReaderWriter (>= 4.3) - restriction: || (&& (== net451) (< net45)) (&& (== net451) (< portable-net45+win8+wp8+wpa81)) (&& (== net47) (< net45)) (&& (== net47) (< portable-net45+win8+wp8+wpa81)) (== netcoreapp2.0) (== netstandard1.3)

GROUP build-deps
RESTRICTION: == net452
NUGET
  remote: https://api.nuget.org/v3/index.json
    FAKE (5.0.0-beta010)
    FSharp.Configuration (1.3.1)
      FSharp.Core (>= 4.0.0.1)
    FSharp.Core (4.2.3)

GROUP ci-packages
RESTRICTION: == netcoreapp2.0
NUGET
  remote: https://api.nuget.org/v3/index.json
    Microsoft.NETCore.App (2.0.4)
      Microsoft.NETCore.DotNetHostPolicy (>= 2.0.4)
      Microsoft.NETCore.Platforms (>= 2.0.1)
      NETStandard.Library (>= 2.0.1)
    Microsoft.NETCore.DotNetAppHost (2.0.4)
    Microsoft.NETCore.DotNetHostPolicy (2.0.4)
      Microsoft.NETCore.DotNetHostResolver (>= 2.0.4)
    Microsoft.NETCore.DotNetHostResolver (2.0.4)
      Microsoft.NETCore.DotNetAppHost (>= 2.0.4)
    Microsoft.NETCore.Platforms (2.0.1)
    Microsoft.NETCore.Targets (2.0)
    NETStandard.Library (2.0.1)
      Microsoft.NETCore.Platforms (>= 1.1)
    runtime.debian.8-x64.runtime.native.System.Security.Cryptography.OpenSsl (4.3.2)
    runtime.fedora.23-x64.runtime.native.System.Security.Cryptography.OpenSsl (4.3.2)
    runtime.fedora.24-x64.runtime.native.System.Security.Cryptography.OpenSsl (4.3.2)
    runtime.native.System.Net.Http (4.3)
      Microsoft.NETCore.Platforms (>= 1.1)
      Microsoft.NETCore.Targets (>= 1.1)
    runtime.native.System.Security.Cryptography.Apple (4.3.1)
      runtime.osx.10.10-x64.runtime.native.System.Security.Cryptography.Apple (>= 4.3.1)
    runtime.native.System.Security.Cryptography.OpenSsl (4.3.2)
      runtime.debian.8-x64.runtime.native.System.Security.Cryptography.OpenSsl (>= 4.3.2)
      runtime.fedora.23-x64.runtime.native.System.Security.Cryptography.OpenSsl (>= 4.3.2)
      runtime.fedora.24-x64.runtime.native.System.Security.Cryptography.OpenSsl (>= 4.3.2)
      runtime.opensuse.13.2-x64.runtime.native.System.Security.Cryptography.OpenSsl (>= 4.3.2)
      runtime.opensuse.42.1-x64.runtime.native.System.Security.Cryptography.OpenSsl (>= 4.3.2)
      runtime.osx.10.10-x64.runtime.native.System.Security.Cryptography.OpenSsl (>= 4.3.2)
      runtime.rhel.7-x64.runtime.native.System.Security.Cryptography.OpenSsl (>= 4.3.2)
      runtime.ubuntu.14.04-x64.runtime.native.System.Security.Cryptography.OpenSsl (>= 4.3.2)
      runtime.ubuntu.16.04-x64.runtime.native.System.Security.Cryptography.OpenSsl (>= 4.3.2)
      runtime.ubuntu.16.10-x64.runtime.native.System.Security.Cryptography.OpenSsl (>= 4.3.2)
    runtime.opensuse.13.2-x64.runtime.native.System.Security.Cryptography.OpenSsl (4.3.2)
    runtime.opensuse.42.1-x64.runtime.native.System.Security.Cryptography.OpenSsl (4.3.2)
    runtime.osx.10.10-x64.runtime.native.System.Security.Cryptography.Apple (4.3.1)
    runtime.osx.10.10-x64.runtime.native.System.Security.Cryptography.OpenSsl (4.3.2)
    runtime.rhel.7-x64.runtime.native.System.Security.Cryptography.OpenSsl (4.3.2)
    runtime.ubuntu.14.04-x64.runtime.native.System.Security.Cryptography.OpenSsl (4.3.2)
    runtime.ubuntu.16.04-x64.runtime.native.System.Security.Cryptography.OpenSsl (4.3.2)
    runtime.ubuntu.16.10-x64.runtime.native.System.Security.Cryptography.OpenSsl (4.3.2)
    System.Collections (4.3)
      Microsoft.NETCore.Platforms (>= 1.1)
      Microsoft.NETCore.Targets (>= 1.1)
      System.Runtime (>= 4.3)
    System.Collections.Concurrent (4.3)
      System.Collections (>= 4.3)
      System.Diagnostics.Debug (>= 4.3)
      System.Diagnostics.Tracing (>= 4.3)
      System.Globalization (>= 4.3)
      System.Reflection (>= 4.3)
      System.Resources.ResourceManager (>= 4.3)
      System.Runtime (>= 4.3)
      System.Runtime.Extensions (>= 4.3)
      System.Threading (>= 4.3)
      System.Threading.Tasks (>= 4.3)
    System.Diagnostics.Debug (4.3)
      Microsoft.NETCore.Platforms (>= 1.1)
      Microsoft.NETCore.Targets (>= 1.1)
      System.Runtime (>= 4.3)
    System.Diagnostics.Tracing (4.3)
      Microsoft.NETCore.Platforms (>= 1.1)
      Microsoft.NETCore.Targets (>= 1.1)
      System.Runtime (>= 4.3)
    System.Globalization (4.3)
      Microsoft.NETCore.Platforms (>= 1.1)
      Microsoft.NETCore.Targets (>= 1.1)
      System.Runtime (>= 4.3)
    System.IO (4.3)
      Microsoft.NETCore.Platforms (>= 1.1)
      Microsoft.NETCore.Targets (>= 1.1)
      System.Runtime (>= 4.3)
      System.Text.Encoding (>= 4.3)
      System.Threading.Tasks (>= 4.3)
    System.Linq (4.3)
      System.Collections (>= 4.3)
      System.Diagnostics.Debug (>= 4.3)
      System.Resources.ResourceManager (>= 4.3)
      System.Runtime (>= 4.3)
      System.Runtime.Extensions (>= 4.3)
    System.Reflection (4.3)
      Microsoft.NETCore.Platforms (>= 1.1)
      Microsoft.NETCore.Targets (>= 1.1)
      System.IO (>= 4.3)
      System.Reflection.Primitives (>= 4.3)
      System.Runtime (>= 4.3)
    System.Reflection.Primitives (4.3)
      Microsoft.NETCore.Platforms (>= 1.1)
      Microsoft.NETCore.Targets (>= 1.1)
      System.Runtime (>= 4.3)
    System.Resources.ResourceManager (4.3)
      Microsoft.NETCore.Platforms (>= 1.1)
      Microsoft.NETCore.Targets (>= 1.1)
      System.Globalization (>= 4.3)
      System.Reflection (>= 4.3)
      System.Runtime (>= 4.3)
    System.Runtime (4.3)
      Microsoft.NETCore.Platforms (>= 1.1)
      Microsoft.NETCore.Targets (>= 1.1)
    System.Runtime.Extensions (4.3)
      Microsoft.NETCore.Platforms (>= 1.1)
      Microsoft.NETCore.Targets (>= 1.1)
      System.Runtime (>= 4.3)
    System.Runtime.Handles (4.3)
      Microsoft.NETCore.Platforms (>= 1.1)
      Microsoft.NETCore.Targets (>= 1.1)
      System.Runtime (>= 4.3)
    System.Runtime.InteropServices (4.3)
      Microsoft.NETCore.Platforms (>= 1.1)
      Microsoft.NETCore.Targets (>= 1.1)
      System.Reflection (>= 4.3)
      System.Reflection.Primitives (>= 4.3)
      System.Runtime (>= 4.3)
      System.Runtime.Handles (>= 4.3)
    System.Runtime.Numerics (4.3)
      System.Globalization (>= 4.3)
      System.Resources.ResourceManager (>= 4.3)
      System.Runtime (>= 4.3)
      System.Runtime.Extensions (>= 4.3)
    System.Security.Cryptography.Algorithms (4.3.1)
      Microsoft.NETCore.Platforms (>= 1.1)
      runtime.native.System.Security.Cryptography.Apple (>= 4.3.1)
      runtime.native.System.Security.Cryptography.OpenSsl (>= 4.3.2)
      System.Collections (>= 4.3)
      System.IO (>= 4.3)
      System.Resources.ResourceManager (>= 4.3)
      System.Runtime (>= 4.3)
      System.Runtime.Extensions (>= 4.3)
      System.Runtime.Handles (>= 4.3)
      System.Runtime.InteropServices (>= 4.3)
      System.Runtime.Numerics (>= 4.3)
      System.Security.Cryptography.Encoding (>= 4.3)
      System.Security.Cryptography.Primitives (>= 4.3)
      System.Text.Encoding (>= 4.3)
    System.Security.Cryptography.Cng (4.4)
      Microsoft.NETCore.Platforms (>= 2.0)
    System.Security.Cryptography.Csp (4.3)
      Microsoft.NETCore.Platforms (>= 1.1)
      System.IO (>= 4.3)
      System.Reflection (>= 4.3)
      System.Resources.ResourceManager (>= 4.3)
      System.Runtime (>= 4.3)
      System.Runtime.Extensions (>= 4.3)
      System.Runtime.Handles (>= 4.3)
      System.Runtime.InteropServices (>= 4.3)
      System.Security.Cryptography.Algorithms (>= 4.3)
      System.Security.Cryptography.Encoding (>= 4.3)
      System.Security.Cryptography.Primitives (>= 4.3)
      System.Text.Encoding (>= 4.3)
      System.Threading (>= 4.3)
    System.Security.Cryptography.Encoding (4.3)
      Microsoft.NETCore.Platforms (>= 1.1)
      runtime.native.System.Security.Cryptography.OpenSsl (>= 4.3)
      System.Collections (>= 4.3)
      System.Collections.Concurrent (>= 4.3)
      System.Linq (>= 4.3)
      System.Resources.ResourceManager (>= 4.3)
      System.Runtime (>= 4.3)
      System.Runtime.Extensions (>= 4.3)
      System.Runtime.Handles (>= 4.3)
      System.Runtime.InteropServices (>= 4.3)
      System.Security.Cryptography.Primitives (>= 4.3)
      System.Text.Encoding (>= 4.3)
    System.Security.Cryptography.OpenSsl (4.4)
      Microsoft.NETCore.Platforms (>= 2.0)
    System.Security.Cryptography.Primitives (4.3)
      System.Diagnostics.Debug (>= 4.3)
      System.Globalization (>= 4.3)
      System.IO (>= 4.3)
      System.Resources.ResourceManager (>= 4.3)
      System.Runtime (>= 4.3)
      System.Threading (>= 4.3)
      System.Threading.Tasks (>= 4.3)
    System.Text.Encoding (4.3)
      Microsoft.NETCore.Platforms (>= 1.1)
      Microsoft.NETCore.Targets (>= 1.1)
      System.Runtime (>= 4.3)
    System.Threading (4.3)
      System.Runtime (>= 4.3)
      System.Threading.Tasks (>= 4.3)
    System.Threading.Tasks (4.3)
      Microsoft.NETCore.Platforms (>= 1.1)
      Microsoft.NETCore.Targets (>= 1.1)
      System.Runtime (>= 4.3)
